NUGET
  remote: https://api.nuget.org/v3/index.json
    FSharp.Core (4.5)
      System.Collections (>= 4.0.11) - restriction: && (< net45) (>= netstandard1.6) (< netstandard2.0)
      System.Console (>= 4.0) - restriction: && (< net45) (>= netstandard1.6) (< netstandard2.0)
      System.Diagnostics.Debug (>= 4.0.11) - restriction: && (< net45) (>= netstandard1.6) (< netstandard2.0)
      System.Diagnostics.Tools (>= 4.0.1) - restriction: && (< net45) (>= netstandard1.6) (< netstandard2.0)
      System.Globalization (>= 4.0.11) - restriction: && (< net45) (>= netstandard1.6) (< netstandard2.0)
      System.IO (>= 4.1) - restriction: && (< net45) (>= netstandard1.6) (< netstandard2.0)
      System.Linq (>= 4.1) - restriction: && (< net45) (>= netstandard1.6) (< netstandard2.0)
      System.Linq.Expressions (>= 4.1) - restriction: && (< net45) (>= netstandard1.6) (< netstandard2.0)
      System.Linq.Queryable (>= 4.0.1) - restriction: && (< net45) (>= netstandard1.6) (< netstandard2.0)
      System.Net.Requests (>= 4.0.11) - restriction: && (< net45) (>= netstandard1.6) (< netstandard2.0)
      System.Reflection (>= 4.1) - restriction: && (< net45) (>= netstandard1.6) (< netstandard2.0)
      System.Reflection.Extensions (>= 4.0.1) - restriction: && (< net45) (>= netstandard1.6) (< netstandard2.0)
      System.Resources.ResourceManager (>= 4.0.1) - restriction: && (< net45) (>= netstandard1.6) (< netstandard2.0)
      System.Runtime (>= 4.1) - restriction: && (< net45) (>= netstandard1.6) (< netstandard2.0)
      System.Runtime.Extensions (>= 4.1) - restriction: && (< net45) (>= netstandard1.6) (< netstandard2.0)
      System.Runtime.Numerics (>= 4.0.1) - restriction: && (< net45) (>= netstandard1.6) (< netstandard2.0)
      System.Text.RegularExpressions (>= 4.1) - restriction: && (< net45) (>= netstandard1.6) (< netstandard2.0)
      System.Threading (>= 4.0.11) - restriction: && (< net45) (>= netstandard1.6) (< netstandard2.0)
      System.Threading.Tasks (>= 4.0.11) - restriction: && (< net45) (>= netstandard1.6) (< netstandard2.0)
      System.Threading.Tasks.Parallel (>= 4.0.1) - restriction: && (< net45) (>= netstandard1.6) (< netstandard2.0)
      System.Threading.Thread (>= 4.0) - restriction: && (< net45) (>= netstandard1.6) (< netstandard2.0)
      System.Threading.ThreadPool (>= 4.0.10) - restriction: && (< net45) (>= netstandard1.6) (< netstandard2.0)
      System.Threading.Timer (>= 4.0.1) - restriction: && (< net45) (>= netstandard1.6) (< netstandard2.0)
    FsPickler (5.2)
      FSharp.Core (>= 3.1.2) - restriction: >= net45
      FSharp.Core (>= 4.3.2) - restriction: && (< net45) (>= netstandard2.0)
      System.Reflection.Emit.Lightweight (>= 4.3) - restriction: && (< net45) (>= netstandard2.0)
    FsRandom (1.4.0.1)
      FSharp.Core (>= 4.3.4)
    Microsoft.NETCore.Platforms (2.0.1) - restriction: || (&& (>= dnxcore50) (>= netstandard1.6)) (&& (< monoandroid) (< monotouch) (< net45) (>= netstandard1.6) (< netstandard2.0) (< win8) (< wpa81) (< xamarinios) (< xamarinmac) (< xamarintvos) (< xamarinwatchos)) (&& (< monoandroid) (< net45) (< netstandard1.3) (>= netstandard1.6) (< win8) (< wpa81)) (&& (< monoandroid) (< net45) (< netstandard1.5) (>= netstandard1.6) (< win8) (< wpa81))
    Microsoft.NETCore.Targets (2.0) - restriction: || (&& (>= dnxcore50) (>= netstandard1.6)) (&& (< monoandroid) (< monotouch) (< net45) (>= netstandard1.6) (< netstandard2.0) (< win8) (< wpa81) (< xamarinios) (< xamarinmac) (< xamarintvos) (< xamarinwatchos)) (&& (< monoandroid) (< net45) (< netstandard1.3) (>= netstandard1.6) (< win8) (< wpa81)) (&& (< monoandroid) (< net45) (< netstandard1.5) (>= netstandard1.6) (< win8) (< wpa81))
    Persimmon (4.0.1)
      FSharp.Core (>= 3.1.2.5) - restriction: >= net45
      FSharp.Core (>= 4.3.4) - restriction: && (< net45) (>= netstandard1.6)
    runtime.debian.8-x64.runtime.native.System.Security.Cryptography.OpenSsl (4.3.2) - restriction: || (&& (>= dnxcore50) (>= netstandard1.6)) (&& (< monoandroid) (< monotouch) (< net45) (>= netstandard1.6) (< netstandard2.0) (< win8) (< wpa81) (< xamarinios) (< xamarinmac) (< xamarintvos) (< xamarinwatchos))
    runtime.fedora.23-x64.runtime.native.System.Security.Cryptography.OpenSsl (4.3.2) - restriction: || (&& (>= dnxcore50) (>= netstandard1.6)) (&& (< monoandroid) (< monotouch) (< net45) (>= netstandard1.6) (< netstandard2.0) (< win8) (< wpa81) (< xamarinios) (< xamarinmac) (< xamarintvos) (< xamarinwatchos))
    runtime.fedora.24-x64.runtime.native.System.Security.Cryptography.OpenSsl (4.3.2) - restriction: || (&& (>= dnxcore50) (>= netstandard1.6)) (&& (< monoandroid) (< monotouch) (< net45) (>= netstandard1.6) (< netstandard2.0) (< win8) (< wpa81) (< xamarinios) (< xamarinmac) (< xamarintvos) (< xamarinwatchos))
    runtime.native.System (4.3) - restriction: || (&& (>= dnxcore50) (>= netstandard1.6)) (&& (< monoandroid) (< monotouch) (< net45) (>= netstandard1.6) (< netstandard2.0) (< win8) (< wpa81) (< xamarinios) (< xamarinmac) (< xamarintvos) (< xamarinwatchos))
      Microsoft.NETCore.Platforms (>= 1.1)
      Microsoft.NETCore.Targets (>= 1.1)
    runtime.native.System.Net.Http (4.3) - restriction: || (&& (>= dnxcore50) (>= netstandard1.6)) (&& (< monoandroid) (< monotouch) (< net45) (>= netstandard1.6) (< netstandard2.0) (< win8) (< wpa81) (< xamarinios) (< xamarinmac) (< xamarintvos) (< xamarinwatchos))
      Microsoft.NETCore.Platforms (>= 1.1)
      Microsoft.NETCore.Targets (>= 1.1)
    runtime.native.System.Security.Cryptography.Apple (4.3.1) - restriction: || (&& (>= dnxcore50) (>= netstandard1.6)) (&& (< monoandroid) (< monotouch) (< net45) (>= netstandard1.6) (< netstandard2.0) (< win8) (< wpa81) (< xamarinios) (< xamarinmac) (< xamarintvos) (< xamarinwatchos))
      runtime.osx.10.10-x64.runtime.native.System.Security.Cryptography.Apple (>= 4.3.1)
    runtime.native.System.Security.Cryptography.OpenSsl (4.3.2) - restriction: || (&& (>= dnxcore50) (>= netstandard1.6)) (&& (< monoandroid) (< monotouch) (< net45) (>= netstandard1.6) (< netstandard2.0) (< win8) (< wpa81) (< xamarinios) (< xamarinmac) (< xamarintvos) (< xamarinwatchos))
      runtime.debian.8-x64.runtime.native.System.Security.Cryptography.OpenSsl (>= 4.3.2)
      runtime.fedora.23-x64.runtime.native.System.Security.Cryptography.OpenSsl (>= 4.3.2)
      runtime.fedora.24-x64.runtime.native.System.Security.Cryptography.OpenSsl (>= 4.3.2)
      runtime.opensuse.13.2-x64.runtime.native.System.Security.Cryptography.OpenSsl (>= 4.3.2)
      runtime.opensuse.42.1-x64.runtime.native.System.Security.Cryptography.OpenSsl (>= 4.3.2)
      runtime.osx.10.10-x64.runtime.native.System.Security.Cryptography.OpenSsl (>= 4.3.2)
      runtime.rhel.7-x64.runtime.native.System.Security.Cryptography.OpenSsl (>= 4.3.2)
      runtime.ubuntu.14.04-x64.runtime.native.System.Security.Cryptography.OpenSsl (>= 4.3.2)
      runtime.ubuntu.16.04-x64.runtime.native.System.Security.Cryptography.OpenSsl (>= 4.3.2)
      runtime.ubuntu.16.10-x64.runtime.native.System.Security.Cryptography.OpenSsl (>= 4.3.2)
    runtime.opensuse.13.2-x64.runtime.native.System.Security.Cryptography.OpenSsl (4.3.2) - restriction: || (&& (>= dnxcore50) (>= netstandard1.6)) (&& (< monoandroid) (< monotouch) (< net45) (>= netstandard1.6) (< netstandard2.0) (< win8) (< wpa81) (< xamarinios) (< xamarinmac) (< xamarintvos) (< xamarinwatchos))
    runtime.opensuse.42.1-x64.runtime.native.System.Security.Cryptography.OpenSsl (4.3.2) - restriction: || (&& (>= dnxcore50) (>= netstandard1.6)) (&& (< monoandroid) (< monotouch) (< net45) (>= netstandard1.6) (< netstandard2.0) (< win8) (< wpa81) (< xamarinios) (< xamarinmac) (< xamarintvos) (< xamarinwatchos))
    runtime.osx.10.10-x64.runtime.native.System.Security.Cryptography.Apple (4.3.1) - restriction: || (&& (>= dnxcore50) (>= netstandard1.6)) (&& (< monoandroid) (< monotouch) (< net45) (>= netstandard1.6) (< netstandard2.0) (< win8) (< wpa81) (< xamarinios) (< xamarinmac) (< xamarintvos) (< xamarinwatchos))
    runtime.osx.10.10-x64.runtime.native.System.Security.Cryptography.OpenSsl (4.3.2) - restriction: || (&& (>= dnxcore50) (>= netstandard1.6)) (&& (< monoandroid) (< monotouch) (< net45) (>= netstandard1.6) (< netstandard2.0) (< win8) (< wpa81) (< xamarinios) (< xamarinmac) (< xamarintvos) (< xamarinwatchos))
    runtime.rhel.7-x64.runtime.native.System.Security.Cryptography.OpenSsl (4.3.2) - restriction: || (&& (>= dnxcore50) (>= netstandard1.6)) (&& (< monoandroid) (< monotouch) (< net45) (>= netstandard1.6) (< netstandard2.0) (< win8) (< wpa81) (< xamarinios) (< xamarinmac) (< xamarintvos) (< xamarinwatchos))
    runtime.ubuntu.14.04-x64.runtime.native.System.Security.Cryptography.OpenSsl (4.3.2) - restriction: || (&& (>= dnxcore50) (>= netstandard1.6)) (&& (< monoandroid) (< monotouch) (< net45) (>= netstandard1.6) (< netstandard2.0) (< win8) (< wpa81) (< xamarinios) (< xamarinmac) (< xamarintvos) (< xamarinwatchos))
    runtime.ubuntu.16.04-x64.runtime.native.System.Security.Cryptography.OpenSsl (4.3.2) - restriction: || (&& (>= dnxcore50) (>= netstandard1.6)) (&& (< monoandroid) (< monotouch) (< net45) (>= netstandard1.6) (< netstandard2.0) (< win8) (< wpa81) (< xamarinios) (< xamarinmac) (< xamarintvos) (< xamarinwatchos))
    runtime.ubuntu.16.10-x64.runtime.native.System.Security.Cryptography.OpenSsl (4.3.2) - restriction: || (&& (>= dnxcore50) (>= netstandard1.6)) (&& (< monoandroid) (< monotouch) (< net45) (>= netstandard1.6) (< netstandard2.0) (< win8) (< wpa81) (< xamarinios) (< xamarinmac) (< xamarintvos) (< xamarinwatchos))
    System.Collections (4.3) - restriction: || (&& (>= dnxcore50) (>= netstandard1.6)) (&& (< net45) (>= netstandard1.6) (< netstandard2.0))
      Microsoft.NETCore.Platforms (>= 1.1) - restriction: || (>= dnxcore50) (&& (< monoandroid) (< monotouch) (< net45) (>= netstandard1.3) (< win8) (< wpa81) (< xamarinios) (< xamarinmac) (< xamarintvos) (< xamarinwatchos)) (&& (< monoandroid) (< net45) (>= netstandard1.0) (< netstandard1.3) (< win8) (< wp8) (< wpa81))
      Microsoft.NETCore.Targets (>= 1.1) - restriction: || (>= dnxcore50) (&& (< monoandroid) (< monotouch) (< net45) (>= netstandard1.3) (< win8) (< wpa81) (< xamarinios) (< xamarinmac) (< xamarintvos) (< xamarinwatchos)) (&& (< monoandroid) (< net45) (>= netstandard1.0) (< netstandard1.3) (< win8) (< wp8) (< wpa81))
      System.Runtime (>= 4.3) - restriction: || (>= dnxcore50) (&& (< monoandroid) (< monotouch) (< net45) (>= netstandard1.3) (< win8) (< wpa81) (< xamarinios) (< xamarinmac) (< xamarintvos) (< xamarinwatchos)) (&& (< monoandroid) (< net45) (>= netstandard1.0) (< netstandard1.3) (< win8) (< wp8) (< wpa81))
    System.Collections.Concurrent (4.3) - restriction: || (&& (>= dnxcore50) (>= netstandard1.6)) (&& (< monoandroid) (< monotouch) (< net45) (>= netstandard1.6) (< netstandard2.0) (< win8) (< wpa81) (< xamarinios) (< xamarinmac) (< xamarintvos) (< xamarinwatchos)) (&& (< monoandroid) (< net45) (< netstandard1.3) (>= netstandard1.6) (< win8) (< wpa81))
      System.Collections (>= 4.3) - restriction: || (>= dnxcore50) (&& (< monoandroid) (< monotouch) (< net45) (>= netstandard1.3) (< win8) (< wpa81) (< xamarinios) (< xamarinmac) (< xamarintvos) (< xamarinwatchos))
      System.Diagnostics.Debug (>= 4.3) - restriction: || (>= dnxcore50) (&& (< monoandroid) (< monotouch) (< net45) (>= netstandard1.3) (< win8) (< wpa81) (< xamarinios) (< xamarinmac) (< xamarintvos) (< xamarinwatchos))
      System.Diagnostics.Tracing (>= 4.3) - restriction: || (>= dnxcore50) (&& (< monoandroid) (< monotouch) (< net45) (>= netstandard1.3) (< win8) (< wpa81) (< xamarinios) (< xamarinmac) (< xamarintvos) (< xamarinwatchos))
      System.Globalization (>= 4.3) - restriction: || (>= dnxcore50) (&& (< monoandroid) (< monotouch) (< net45) (>= netstandard1.3) (< win8) (< wpa81) (< xamarinios) (< xamarinmac) (< xamarintvos) (< xamarinwatchos))
      System.Reflection (>= 4.3) - restriction: && (< monoandroid) (< monotouch) (< net45) (>= netstandard1.3) (< win8) (< wpa81) (< xamarinios) (< xamarinmac) (< xamarintvos) (< xamarinwatchos)
      System.Resources.ResourceManager (>= 4.3) - restriction: || (>= dnxcore50) (&& (< monoandroid) (< monotouch) (< net45) (>= netstandard1.3) (< win8) (< wpa81) (< xamarinios) (< xamarinmac) (< xamarintvos) (< xamarinwatchos))
      System.Runtime (>= 4.3) - restriction: || (>= dnxcore50) (&& (< monoandroid) (< monotouch) (< net45) (>= netstandard1.3) (< win8) (< wpa81) (< xamarinios) (< xamarinmac) (< xamarintvos) (< xamarinwatchos)) (&& (< monoandroid) (< net45) (>= netstandard1.1) (< netstandard1.3) (< win8) (< wpa81))
      System.Runtime.Extensions (>= 4.3) - restriction: || (>= dnxcore50) (&& (< monoandroid) (< monotouch) (< net45) (>= netstandard1.3) (< win8) (< wpa81) (< xamarinios) (< xamarinmac) (< xamarintvos) (< xamarinwatchos))
      System.Threading (>= 4.3) - restriction: || (>= dnxcore50) (&& (< monoandroid) (< monotouch) (< net45) (>= netstandard1.3) (< win8) (< wpa81) (< xamarinios) (< xamarinmac) (< xamarintvos) (< xamarinwatchos))
      System.Threading.Tasks (>= 4.3) - restriction: || (>= dnxcore50) (&& (< monoandroid) (< monotouch) (< net45) (>= netstandard1.3) (< win8) (< wpa81) (< xamarinios) (< xamarinmac) (< xamarintvos) (< xamarinwatchos)) (&& (< monoandroid) (< net45) (>= netstandard1.1) (< netstandard1.3) (< win8) (< wpa81))
    System.Console (4.3) - restriction: && (< net45) (>= netstandard1.6) (< netstandard2.0)
      Microsoft.NETCore.Platforms (>= 1.1) - restriction: && (< monoandroid) (< monotouch) (< net46) (>= netstandard1.3) (< xamarinios) (< xamarinmac) (< xamarintvos) (< xamarinwatchos)
      Microsoft.NETCore.Targets (>= 1.1) - restriction: && (< monoandroid) (< monotouch) (< net46) (>= netstandard1.3) (< xamarinios) (< xamarinmac) (< xamarintvos) (< xamarinwatchos)
      System.IO (>= 4.3) - restriction: && (< monoandroid) (< monotouch) (< net46) (>= netstandard1.3) (< xamarinios) (< xamarinmac) (< xamarintvos) (< xamarinwatchos)
      System.Runtime (>= 4.3) - restriction: && (< monoandroid) (< monotouch) (< net46) (>= netstandard1.3) (< xamarinios) (< xamarinmac) (< xamarintvos) (< xamarinwatchos)
      System.Text.Encoding (>= 4.3) - restriction: && (< monoandroid) (< monotouch) (< net46) (>= netstandard1.3) (< xamarinios) (< xamarinmac) (< xamarintvos) (< xamarinwatchos)
    System.Diagnostics.Debug (4.3) - restriction: || (&& (>= dnxcore50) (>= netstandard1.6)) (&& (< net45) (>= netstandard1.6) (< netstandard2.0))
      Microsoft.NETCore.Platforms (>= 1.1) - restriction: || (>= dnxcore50) (&& (< monoandroid) (< monotouch) (< net45) (>= netstandard1.3) (< win8) (< wpa81) (< xamarinios) (< xamarinmac) (< xamarintvos) (< xamarinwatchos)) (&& (< monoandroid) (< net45) (>= netstandard1.0) (< netstandard1.3) (< win8) (< wp8) (< wpa81))
      Microsoft.NETCore.Targets (>= 1.1) - restriction: || (>= dnxcore50) (&& (< monoandroid) (< monotouch) (< net45) (>= netstandard1.3) (< win8) (< wpa81) (< xamarinios) (< xamarinmac) (< xamarintvos) (< xamarinwatchos)) (&& (< monoandroid) (< net45) (>= netstandard1.0) (< netstandard1.3) (< win8) (< wp8) (< wpa81))
      System.Runtime (>= 4.3) - restriction: || (>= dnxcore50) (&& (< monoandroid) (< monotouch) (< net45) (>= netstandard1.3) (< win8) (< wpa81) (< xamarinios) (< xamarinmac) (< xamarintvos) (< xamarinwatchos)) (&& (< monoandroid) (< net45) (>= netstandard1.0) (< netstandard1.3) (< win8) (< wp8) (< wpa81))
    System.Diagnostics.DiagnosticSource (4.4.1) - restriction: || (&& (>= dnxcore50) (>= netstandard1.6)) (&& (< monoandroid) (< monotouch) (< net45) (>= netstandard1.6) (< netstandard2.0) (< win8) (< wpa81) (< xamarinios) (< xamarinmac) (< xamarintvos) (< xamarinwatchos))
      System.Collections (>= 4.3) - restriction: || (&& (< net45) (< netcoreapp2.0) (>= netstandard1.3) (< xamarinmac)) (&& (< net45) (>= netstandard1.1) (< netstandard1.3))
      System.Diagnostics.Debug (>= 4.3) - restriction: && (< net45) (< netcoreapp2.0) (>= netstandard1.3) (< xamarinmac)
      System.Diagnostics.Tracing (>= 4.3) - restriction: || (&& (< net45) (< netcoreapp2.0) (>= netstandard1.3) (< xamarinmac)) (&& (< net45) (>= netstandard1.1) (< netstandard1.3))
      System.Reflection (>= 4.3) - restriction: || (&& (< net45) (< netcoreapp2.0) (>= netstandard1.3) (< xamarinmac)) (&& (< net45) (>= netstandard1.1) (< netstandard1.3))
      System.Runtime (>= 4.3) - restriction: || (&& (< net45) (< netcoreapp2.0) (>= netstandard1.3) (< xamarinmac)) (&& (< net45) (>= netstandard1.1) (< netstandard1.3))
      System.Runtime.Extensions (>= 4.3) - restriction: && (< net45) (< netcoreapp2.0) (>= netstandard1.3) (< xamarinmac)
      System.Threading (>= 4.3) - restriction: || (&& (< net45) (< netcoreapp2.0) (>= netstandard1.3) (< xamarinmac)) (&& (< net45) (>= netstandard1.1) (< netstandard1.3))
    System.Diagnostics.Tools (4.3) - restriction: && (< net45) (>= netstandard1.6) (< netstandard2.0)
      Microsoft.NETCore.Platforms (>= 1.1) - restriction: || (>= dnxcore50) (&& (< monoandroid) (< monotouch) (< net45) (>= netstandard1.0) (< win8) (< wp8) (< wpa81) (< xamarinios) (< xamarinmac) (< xamarintvos) (< xamarinwatchos))
      Microsoft.NETCore.Targets (>= 1.1) - restriction: || (>= dnxcore50) (&& (< monoandroid) (< monotouch) (< net45) (>= netstandard1.0) (< win8) (< wp8) (< wpa81) (< xamarinios) (< xamarinmac) (< xamarintvos) (< xamarinwatchos))
      System.Runtime (>= 4.3) - restriction: || (>= dnxcore50) (&& (< monoandroid) (< monotouch) (< net45) (>= netstandard1.0) (< win8) (< wp8) (< wpa81) (< xamarinios) (< xamarinmac) (< xamarintvos) (< xamarinwatchos))
    System.Diagnostics.Tracing (4.3) - restriction: || (&& (>= dnxcore50) (>= netstandard1.6)) (&& (< monoandroid) (< monotouch) (< net45) (>= netstandard1.6) (< netstandard2.0) (< win8) (< wpa81) (< xamarinios) (< xamarinmac) (< xamarintvos) (< xamarinwatchos))
      Microsoft.NETCore.Platforms (>= 1.1) - restriction: || (>= dnxcore50) (&& (< monoandroid) (< monotouch) (< net45) (>= netstandard1.5) (< win8) (< wpa81) (< xamarinios) (< xamarinmac) (< xamarintvos) (< xamarinwatchos)) (&& (< monoandroid) (< net45) (>= netstandard1.1) (< netstandard1.2) (< win8)) (&& (< monoandroid) (< net45) (>= netstandard1.2) (< netstandard1.3) (< win8) (< wpa81)) (&& (< monoandroid) (< net45) (>= netstandard1.3) (< netstandard1.5) (< win8) (< wpa81))
      Microsoft.NETCore.Targets (>= 1.1) - restriction: || (>= dnxcore50) (&& (< monoandroid) (< monotouch) (< net45) (>= netstandard1.5) (< win8) (< wpa81) (< xamarinios) (< xamarinmac) (< xamarintvos) (< xamarinwatchos)) (&& (< monoandroid) (< net45) (>= netstandard1.1) (< netstandard1.2) (< win8)) (&& (< monoandroid) (< net45) (>= netstandard1.2) (< netstandard1.3) (< win8) (< wpa81)) (&& (< monoandroid) (< net45) (>= netstandard1.3) (< netstandard1.5) (< win8) (< wpa81))
      System.Runtime (>= 4.3) - restriction: || (>= dnxcore50) (&& (< monoandroid) (< monotouch) (< net45) (>= netstandard1.5) (< win8) (< wpa81) (< xamarinios) (< xamarinmac) (< xamarintvos) (< xamarinwatchos)) (&& (< monoandroid) (< net45) (>= netstandard1.1) (< netstandard1.2) (< win8)) (&& (< monoandroid) (< net45) (>= netstandard1.2) (< netstandard1.3) (< win8) (< wpa81)) (&& (< monoandroid) (< net45) (>= netstandard1.3) (< netstandard1.5) (< win8) (< wpa81))
    System.Globalization (4.3) - restriction: || (&& (>= dnxcore50) (>= netstandard1.6)) (&& (< net45) (>= netstandard1.6) (< netstandard2.0))
      Microsoft.NETCore.Platforms (>= 1.1) - restriction: || (>= dnxcore50) (&& (< monoandroid) (< monotouch) (< net45) (>= netstandard1.3) (< win8) (< wpa81) (< xamarinios) (< xamarinmac) (< xamarintvos) (< xamarinwatchos)) (&& (< monoandroid) (< net45) (>= netstandard1.0) (< netstandard1.3) (< win8) (< wp8) (< wpa81))
      Microsoft.NETCore.Targets (>= 1.1) - restriction: || (>= dnxcore50) (&& (< monoandroid) (< monotouch) (< net45) (>= netstandard1.3) (< win8) (< wpa81) (< xamarinios) (< xamarinmac) (< xamarintvos) (< xamarinwatchos)) (&& (< monoandroid) (< net45) (>= netstandard1.0) (< netstandard1.3) (< win8) (< wp8) (< wpa81))
      System.Runtime (>= 4.3) - restriction: || (>= dnxcore50) (&& (< monoandroid) (< monotouch) (< net45) (>= netstandard1.3) (< win8) (< wpa81) (< xamarinios) (< xamarinmac) (< xamarintvos) (< xamarinwatchos)) (&& (< monoandroid) (< net45) (>= netstandard1.0) (< netstandard1.3) (< win8) (< wp8) (< wpa81))
    System.Globalization.Calendars (4.3) - restriction: || (&& (>= dnxcore50) (>= netstandard1.6)) (&& (< monoandroid) (< monotouch) (< net45) (>= netstandard1.6) (< netstandard2.0) (< win8) (< wpa81) (< xamarinios) (< xamarinmac) (< xamarintvos) (< xamarinwatchos)) (&& (< net45) (>= net46) (>= netstandard1.6) (< netstandard2.0))
      Microsoft.NETCore.Platforms (>= 1.1) - restriction: && (< monoandroid) (< monotouch) (< net46) (>= netstandard1.3) (< xamarinios) (< xamarinmac) (< xamarintvos) (< xamarinwatchos)
      Microsoft.NETCore.Targets (>= 1.1) - restriction: && (< monoandroid) (< monotouch) (< net46) (>= netstandard1.3) (< xamarinios) (< xamarinmac) (< xamarintvos) (< xamarinwatchos)
      System.Globalization (>= 4.3) - restriction: && (< monoandroid) (< monotouch) (< net46) (>= netstandard1.3) (< xamarinios) (< xamarinmac) (< xamarintvos) (< xamarinwatchos)
      System.Runtime (>= 4.3) - restriction: && (< monoandroid) (< monotouch) (< net46) (>= netstandard1.3) (< xamarinios) (< xamarinmac) (< xamarintvos) (< xamarinwatchos)
    System.Globalization.Extensions (4.3) - restriction: || (&& (>= dnxcore50) (>= netstandard1.6)) (&& (< monoandroid) (< monotouch) (< net45) (>= netstandard1.6) (< netstandard2.0) (< win8) (< wpa81) (< xamarinios) (< xamarinmac) (< xamarintvos) (< xamarinwatchos))
      Microsoft.NETCore.Platforms (>= 1.1) - restriction: && (< monoandroid) (< monotouch) (< net46) (>= netstandard1.3) (< xamarinios) (< xamarinmac) (< xamarintvos) (< xamarinwatchos)
      System.Globalization (>= 4.3) - restriction: && (< monoandroid) (< monotouch) (< net46) (>= netstandard1.3) (< xamarinios) (< xamarinmac) (< xamarintvos) (< xamarinwatchos)
      System.Resources.ResourceManager (>= 4.3) - restriction: && (< monoandroid) (< monotouch) (< net46) (>= netstandard1.3) (< xamarinios) (< xamarinmac) (< xamarintvos) (< xamarinwatchos)
      System.Runtime (>= 4.3) - restriction: && (< monoandroid) (< monotouch) (< net46) (>= netstandard1.3) (< xamarinios) (< xamarinmac) (< xamarintvos) (< xamarinwatchos)
      System.Runtime.Extensions (>= 4.3) - restriction: && (< monoandroid) (< monotouch) (< net46) (>= netstandard1.3) (< xamarinios) (< xamarinmac) (< xamarintvos) (< xamarinwatchos)
      System.Runtime.InteropServices (>= 4.3) - restriction: && (< monoandroid) (< monotouch) (< net46) (>= netstandard1.3) (< xamarinios) (< xamarinmac) (< xamarintvos) (< xamarinwatchos)
    System.IO (4.3) - restriction: || (&& (>= dnxcore50) (>= netstandard1.6)) (&& (< net45) (>= netstandard1.6) (< netstandard2.0))
      Microsoft.NETCore.Platforms (>= 1.1) - restriction: || (>= dnxcore50) (&& (< monoandroid) (< monotouch) (< net45) (>= netstandard1.5) (< win8) (< wpa81) (< xamarinios) (< xamarinmac) (< xamarintvos) (< xamarinwatchos)) (&& (< monoandroid) (< net45) (>= netstandard1.0) (< netstandard1.3) (< win8) (< wp8) (< wpa81)) (&& (< monoandroid) (< net45) (>= netstandard1.3) (< netstandard1.5) (< win8) (< wpa81))
      Microsoft.NETCore.Targets (>= 1.1) - restriction: || (>= dnxcore50) (&& (< monoandroid) (< monotouch) (< net45) (>= netstandard1.5) (< win8) (< wpa81) (< xamarinios) (< xamarinmac) (< xamarintvos) (< xamarinwatchos)) (&& (< monoandroid) (< net45) (>= netstandard1.0) (< netstandard1.3) (< win8) (< wp8) (< wpa81)) (&& (< monoandroid) (< net45) (>= netstandard1.3) (< netstandard1.5) (< win8) (< wpa81))
      System.Runtime (>= 4.3) - restriction: || (>= dnxcore50) (&& (< monoandroid) (< monotouch) (< net45) (>= netstandard1.5) (< win8) (< wpa81) (< xamarinios) (< xamarinmac) (< xamarintvos) (< xamarinwatchos)) (&& (< monoandroid) (< net45) (>= netstandard1.0) (< netstandard1.3) (< win8) (< wp8) (< wpa81)) (&& (< monoandroid) (< net45) (>= netstandard1.3) (< netstandard1.5) (< win8) (< wpa81))
      System.Text.Encoding (>= 4.3) - restriction: || (>= dnxcore50) (&& (< monoandroid) (< monotouch) (< net45) (>= netstandard1.5) (< win8) (< wpa81) (< xamarinios) (< xamarinmac) (< xamarintvos) (< xamarinwatchos)) (&& (< monoandroid) (< net45) (>= netstandard1.0) (< netstandard1.3) (< win8) (< wp8) (< wpa81)) (&& (< monoandroid) (< net45) (>= netstandard1.3) (< netstandard1.5) (< win8) (< wpa81))
      System.Threading.Tasks (>= 4.3) - restriction: || (>= dnxcore50) (&& (< monoandroid) (< monotouch) (< net45) (>= netstandard1.5) (< win8) (< wpa81) (< xamarinios) (< xamarinmac) (< xamarintvos) (< xamarinwatchos)) (&& (< monoandroid) (< net45) (>= netstandard1.0) (< netstandard1.3) (< win8) (< wp8) (< wpa81)) (&& (< monoandroid) (< net45) (>= netstandard1.3) (< netstandard1.5) (< win8) (< wpa81))
    System.IO.FileSystem (4.3) - restriction: || (&& (>= dnxcore50) (>= netstandard1.6)) (&& (< monoandroid) (< monotouch) (< net45) (>= netstandard1.6) (< netstandard2.0) (< win8) (< wpa81) (< xamarinios) (< xamarinmac) (< xamarintvos) (< xamarinwatchos))
      Microsoft.NETCore.Platforms (>= 1.1) - restriction: && (< monoandroid) (< monotouch) (< net46) (>= netstandard1.3) (< xamarinios) (< xamarinmac) (< xamarintvos) (< xamarinwatchos)
      Microsoft.NETCore.Targets (>= 1.1) - restriction: && (< monoandroid) (< monotouch) (< net46) (>= netstandard1.3) (< xamarinios) (< xamarinmac) (< xamarintvos) (< xamarinwatchos)
      System.IO (>= 4.3) - restriction: && (< monoandroid) (< monotouch) (< net46) (>= netstandard1.3) (< xamarinios) (< xamarinmac) (< xamarintvos) (< xamarinwatchos)
      System.IO.FileSystem.Primitives (>= 4.3) - restriction: || (&& (< monoandroid) (< monotouch) (>= netstandard1.3) (< xamarinios) (< xamarinmac) (< xamarintvos) (< xamarinwatchos)) (>= net46)
      System.Runtime (>= 4.3) - restriction: && (< monoandroid) (< monotouch) (< net46) (>= netstandard1.3) (< xamarinios) (< xamarinmac) (< xamarintvos) (< xamarinwatchos)
      System.Runtime.Handles (>= 4.3) - restriction: && (< monoandroid) (< monotouch) (< net46) (>= netstandard1.3) (< xamarinios) (< xamarinmac) (< xamarintvos) (< xamarinwatchos)
      System.Text.Encoding (>= 4.3) - restriction: && (< monoandroid) (< monotouch) (< net46) (>= netstandard1.3) (< xamarinios) (< xamarinmac) (< xamarintvos) (< xamarinwatchos)
      System.Threading.Tasks (>= 4.3) - restriction: && (< monoandroid) (< monotouch) (< net46) (>= netstandard1.3) (< xamarinios) (< xamarinmac) (< xamarintvos) (< xamarinwatchos)
    System.IO.FileSystem.Primitives (4.3) - restriction: || (&& (>= dnxcore50) (>= netstandard1.6)) (&& (< monoandroid) (< monotouch) (< net45) (>= netstandard1.6) (< netstandard2.0) (< win8) (< wpa81) (< xamarinios) (< xamarinmac) (< xamarintvos) (< xamarinwatchos)) (&& (< net45) (>= net46) (>= netstandard1.6) (< netstandard2.0))
      System.Runtime (>= 4.3) - restriction: && (< monoandroid) (< monotouch) (< net46) (>= netstandard1.3) (< xamarinios) (< xamarinmac) (< xamarintvos) (< xamarinwatchos)
    System.Linq (4.3) - restriction: || (&& (>= dnxcore50) (>= netstandard1.6)) (&& (< net45) (>= netstandard1.6) (< netstandard2.0))
      System.Collections (>= 4.3) - restriction: || (>= dnxcore50) (&& (< monoandroid) (< net45) (>= netstandard1.0) (< netstandard1.6) (< win8) (< wp8) (< wpa81)) (&& (< monotouch) (< net45) (>= netstandard1.6) (< win8) (< wpa81) (< xamarinios) (< xamarinmac) (< xamarintvos) (< xamarinwatchos))
      System.Diagnostics.Debug (>= 4.3) - restriction: || (>= dnxcore50) (&& (< monotouch) (< net45) (>= netstandard1.6) (< win8) (< wpa81) (< xamarinios) (< xamarinmac) (< xamarintvos) (< xamarinwatchos))
      System.Resources.ResourceManager (>= 4.3) - restriction: || (>= dnxcore50) (&& (< monotouch) (< net45) (>= netstandard1.6) (< win8) (< wpa81) (< xamarinios) (< xamarinmac) (< xamarintvos) (< xamarinwatchos))
      System.Runtime (>= 4.3) - restriction: || (>= dnxcore50) (&& (< monoandroid) (< net45) (>= netstandard1.0) (< netstandard1.6) (< win8) (< wp8) (< wpa81)) (&& (< monotouch) (< net45) (>= netstandard1.6) (< win8) (< wpa81) (< xamarinios) (< xamarinmac) (< xamarintvos) (< xamarinwatchos))
      System.Runtime.Extensions (>= 4.3) - restriction: || (>= dnxcore50) (&& (< monotouch) (< net45) (>= netstandard1.6) (< win8) (< wpa81) (< xamarinios) (< xamarinmac) (< xamarintvos) (< xamarinwatchos))
    System.Linq.Expressions (4.3) - restriction: || (&& (>= dnxcore50) (>= netstandard1.6)) (&& (< monoandroid) (< net45) (< netstandard1.3) (>= netstandard1.6) (< win8) (< wpa81)) (&& (< net45) (>= netstandard1.6) (< netstandard2.0))
      System.Collections (>= 4.3) - restriction: || (>= dnxcore50) (&& (< monoandroid) (< monotouch) (< net45) (>= netstandard1.6) (< xamarinios) (< xamarinmac) (< xamarintvos) (< xamarinwatchos))
      System.Diagnostics.Debug (>= 4.3) - restriction: || (>= dnxcore50) (&& (< monoandroid) (< monotouch) (< net45) (>= netstandard1.6) (< xamarinios) (< xamarinmac) (< xamarintvos) (< xamarinwatchos))
      System.Globalization (>= 4.3) - restriction: || (>= dnxcore50) (&& (< monoandroid) (< monotouch) (< net45) (>= netstandard1.6) (< xamarinios) (< xamarinmac) (< xamarintvos) (< xamarinwatchos))
      System.IO (>= 4.3) - restriction: || (>= dnxcore50) (&& (< monoandroid) (< monotouch) (< net45) (>= netstandard1.6) (< xamarinios) (< xamarinmac) (< xamarintvos) (< xamarinwatchos))
      System.Linq (>= 4.3) - restriction: || (>= dnxcore50) (&& (< monoandroid) (< monotouch) (< net45) (>= netstandard1.6) (< xamarinios) (< xamarinmac) (< xamarintvos) (< xamarinwatchos))
      System.ObjectModel (>= 4.3) - restriction: && (< monoandroid) (< monotouch) (< net45) (>= netstandard1.6) (< xamarinios) (< xamarinmac) (< xamarintvos) (< xamarinwatchos)
      System.Reflection (>= 4.3) - restriction: || (>= dnxcore50) (&& (< monoandroid) (< monotouch) (< net45) (>= netstandard1.6) (< xamarinios) (< xamarinmac) (< xamarintvos) (< xamarinwatchos)) (&& (< monoandroid) (< net45) (>= netstandard1.0) (< netstandard1.3) (< win8) (< wp8) (< wpa81)) (&& (< monoandroid) (< net45) (>= netstandard1.3) (< netstandard1.6) (< win8) (< wpa81))
      System.Reflection.Emit (>= 4.3) - restriction: && (< monoandroid) (< monotouch) (< net45) (>= netstandard1.6) (< xamarinios) (< xamarinmac) (< xamarintvos) (< xamarinwatchos)
      System.Reflection.Emit.ILGeneration (>= 4.3) - restriction: || (>= dnxcore50) (&& (< monoandroid) (< monotouch) (< net45) (>= netstandard1.6) (< xamarinios) (< xamarinmac) (< xamarintvos) (< xamarinwatchos))
      System.Reflection.Emit.Lightweight (>= 4.3) - restriction: || (>= dnxcore50) (&& (< monoandroid) (< monotouch) (< net45) (>= netstandard1.6) (< xamarinios) (< xamarinmac) (< xamarintvos) (< xamarinwatchos))
      System.Reflection.Extensions (>= 4.3) - restriction: || (>= dnxcore50) (&& (< monoandroid) (< monotouch) (< net45) (>= netstandard1.6) (< xamarinios) (< xamarinmac) (< xamarintvos) (< xamarinwatchos))
      System.Reflection.Primitives (>= 4.3) - restriction: || (>= dnxcore50) (&& (< monoandroid) (< monotouch) (< net45) (>= netstandard1.6) (< xamarinios) (< xamarinmac) (< xamarintvos) (< xamarinwatchos))
      System.Reflection.TypeExtensions (>= 4.3) - restriction: || (>= dnxcore50) (&& (< monoandroid) (< monotouch) (< net45) (>= netstandard1.6) (< xamarinios) (< xamarinmac) (< xamarintvos) (< xamarinwatchos))
      System.Resources.ResourceManager (>= 4.3) - restriction: || (>= dnxcore50) (&& (< monoandroid) (< monotouch) (< net45) (>= netstandard1.6) (< xamarinios) (< xamarinmac) (< xamarintvos) (< xamarinwatchos))
      System.Runtime (>= 4.3) - restriction: || (>= dnxcore50) (&& (< monoandroid) (< monotouch) (< net45) (>= netstandard1.6) (< xamarinios) (< xamarinmac) (< xamarintvos) (< xamarinwatchos)) (&& (< monoandroid) (< net45) (>= netstandard1.0) (< netstandard1.3) (< win8) (< wp8) (< wpa81)) (&& (< monoandroid) (< net45) (>= netstandard1.3) (< netstandard1.6) (< win8) (< wpa81))
      System.Runtime.Extensions (>= 4.3) - restriction: || (>= dnxcore50) (&& (< monoandroid) (< monotouch) (< net45) (>= netstandard1.6) (< xamarinios) (< xamarinmac) (< xamarintvos) (< xamarinwatchos))
      System.Threading (>= 4.3) - restriction: || (>= dnxcore50) (&& (< monoandroid) (< monotouch) (< net45) (>= netstandard1.6) (< xamarinios) (< xamarinmac) (< xamarintvos) (< xamarinwatchos))
    System.Linq.Queryable (4.3) - restriction: && (< net45) (>= netstandard1.6) (< netstandard2.0)
      System.Collections (>= 4.3) - restriction: || (>= dnxcore50) (&& (< monoandroid) (< monotouch) (< net45) (>= netstandard1.3) (< win8) (< wpa81) (< xamarinios) (< xamarinmac) (< xamarintvos) (< xamarinwatchos))
      System.Diagnostics.Debug (>= 4.3) - restriction: || (>= dnxcore50) (&& (< monoandroid) (< monotouch) (< net45) (>= netstandard1.3) (< win8) (< wpa81) (< xamarinios) (< xamarinmac) (< xamarintvos) (< xamarinwatchos))
      System.Linq (>= 4.3) - restriction: || (>= dnxcore50) (&& (< monoandroid) (< monotouch) (< net45) (>= netstandard1.3) (< win8) (< wpa81) (< xamarinios) (< xamarinmac) (< xamarintvos) (< xamarinwatchos)) (&& (< monoandroid) (< net45) (>= netstandard1.0) (< netstandard1.3) (< win8) (< wp8) (< wpa81))
      System.Linq.Expressions (>= 4.3) - restriction: || (>= dnxcore50) (&& (< monoandroid) (< monotouch) (< net45) (>= netstandard1.3) (< win8) (< wpa81) (< xamarinios) (< xamarinmac) (< xamarintvos) (< xamarinwatchos)) (&& (< monoandroid) (< net45) (>= netstandard1.0) (< netstandard1.3) (< win8) (< wp8) (< wpa81))
      System.Reflection (>= 4.3) - restriction: || (>= dnxcore50) (&& (< monoandroid) (< monotouch) (< net45) (>= netstandard1.3) (< win8) (< wpa81) (< xamarinios) (< xamarinmac) (< xamarintvos) (< xamarinwatchos))
      System.Reflection.Extensions (>= 4.3) - restriction: || (>= dnxcore50) (&& (< monoandroid) (< monotouch) (< net45) (>= netstandard1.3) (< win8) (< wpa81) (< xamarinios) (< xamarinmac) (< xamarintvos) (< xamarinwatchos))
      System.Resources.ResourceManager (>= 4.3) - restriction: || (>= dnxcore50) (&& (< monoandroid) (< monotouch) (< net45) (>= netstandard1.3) (< win8) (< wpa81) (< xamarinios) (< xamarinmac) (< xamarintvos) (< xamarinwatchos))
      System.Runtime (>= 4.3) - restriction: || (>= dnxcore50) (&& (< monoandroid) (< monotouch) (< net45) (>= netstandard1.3) (< win8) (< wpa81) (< xamarinios) (< xamarinmac) (< xamarintvos) (< xamarinwatchos)) (&& (< monoandroid) (< net45) (>= netstandard1.0) (< netstandard1.3) (< win8) (< wp8) (< wpa81))
    System.Net.Http (4.3.3) - restriction: || (&& (>= dnxcore50) (>= netstandard1.6)) (&& (< monoandroid) (< monotouch) (< net45) (>= netstandard1.6) (< netstandard2.0) (< win8) (< wpa81) (< xamarinios) (< xamarinmac) (< xamarintvos) (< xamarinwatchos))
      Microsoft.NETCore.Platforms (>= 1.1) - restriction: || (>= dnxcore50) (&& (< monoandroid) (< monotouch) (< net45) (>= netstandard1.6) (< win8) (< wpa81) (< xamarinios) (< xamarinmac) (< xamarintvos) (< xamarinwatchos)) (&& (< monoandroid) (< net45) (>= netstandard1.3) (< netstandard1.6) (< win8) (< wpa81))
      runtime.native.System (>= 4.3) - restriction: && (< monoandroid) (< monotouch) (< net45) (>= netstandard1.6) (< win8) (< wpa81) (< xamarinios) (< xamarinmac) (< xamarintvos) (< xamarinwatchos)
      runtime.native.System.Net.Http (>= 4.3) - restriction: && (< monoandroid) (< monotouch) (< net45) (>= netstandard1.6) (< win8) (< wpa81) (< xamarinios) (< xamarinmac) (< xamarintvos) (< xamarinwatchos)
      runtime.native.System.Security.Cryptography.OpenSsl (>= 4.3.2) - restriction: && (< monoandroid) (< monotouch) (< net45) (>= netstandard1.6) (< win8) (< wpa81) (< xamarinios) (< xamarinmac) (< xamarintvos) (< xamarinwatchos)
      System.Collections (>= 4.3) - restriction: || (>= dnxcore50) (&& (< monoandroid) (< monotouch) (< net45) (>= netstandard1.6) (< win8) (< wpa81) (< xamarinios) (< xamarinmac) (< xamarintvos) (< xamarinwatchos)) (&& (< monoandroid) (< net45) (>= netstandard1.3) (< netstandard1.6) (< win8) (< wpa81))
      System.Diagnostics.Debug (>= 4.3) - restriction: || (>= dnxcore50) (&& (< monoandroid) (< monotouch) (< net45) (>= netstandard1.6) (< win8) (< wpa81) (< xamarinios) (< xamarinmac) (< xamarintvos) (< xamarinwatchos)) (&& (< monoandroid) (< net45) (>= netstandard1.3) (< netstandard1.6) (< win8) (< wpa81))
      System.Diagnostics.DiagnosticSource (>= 4.3) - restriction: || (>= dnxcore50) (&& (< monoandroid) (< monotouch) (< net45) (>= netstandard1.6) (< win8) (< wpa81) (< xamarinios) (< xamarinmac) (< xamarintvos) (< xamarinwatchos)) (&& (< monoandroid) (< net45) (>= netstandard1.3) (< netstandard1.6) (< win8) (< wpa81))
      System.Diagnostics.Tracing (>= 4.3) - restriction: || (>= dnxcore50) (&& (< monoandroid) (< monotouch) (< net45) (>= netstandard1.6) (< win8) (< wpa81) (< xamarinios) (< xamarinmac) (< xamarintvos) (< xamarinwatchos)) (&& (< monoandroid) (< net45) (>= netstandard1.3) (< netstandard1.6) (< win8) (< wpa81))
      System.Globalization (>= 4.3) - restriction: || (>= dnxcore50) (&& (< monoandroid) (< monotouch) (< net45) (>= netstandard1.6) (< win8) (< wpa81) (< xamarinios) (< xamarinmac) (< xamarintvos) (< xamarinwatchos)) (&& (< monoandroid) (< net45) (>= netstandard1.3) (< netstandard1.6) (< win8) (< wpa81))
      System.Globalization.Extensions (>= 4.3) - restriction: && (< monoandroid) (< monotouch) (< net45) (>= netstandard1.6) (< win8) (< wpa81) (< xamarinios) (< xamarinmac) (< xamarintvos) (< xamarinwatchos)
      System.IO (>= 4.3) - restriction: || (>= dnxcore50) (&& (< monoandroid) (< monotouch) (< net45) (>= netstandard1.6) (< win8) (< wpa81) (< xamarinios) (< xamarinmac) (< xamarintvos) (< xamarinwatchos)) (&& (< monoandroid) (< net45) (>= netstandard1.1) (< netstandard1.3) (< win8) (< wpa81)) (&& (< monoandroid) (< net45) (>= netstandard1.3) (< netstandard1.6) (< win8) (< wpa81))
      System.IO.FileSystem (>= 4.3) - restriction: && (< monoandroid) (< monotouch) (< net45) (>= netstandard1.6) (< win8) (< wpa81) (< xamarinios) (< xamarinmac) (< xamarintvos) (< xamarinwatchos)
      System.Net.Primitives (>= 4.3) - restriction: || (>= dnxcore50) (&& (< monoandroid) (< monotouch) (< net45) (>= netstandard1.6) (< win8) (< wpa81) (< xamarinios) (< xamarinmac) (< xamarintvos) (< xamarinwatchos)) (&& (< monoandroid) (< net45) (>= netstandard1.1) (< netstandard1.3) (< win8) (< wpa81)) (&& (< monoandroid) (< net45) (>= netstandard1.3) (< netstandard1.6) (< win8) (< wpa81))
      System.Resources.ResourceManager (>= 4.3) - restriction: || (>= dnxcore50) (&& (< monoandroid) (< monotouch) (< net45) (>= netstandard1.6) (< win8) (< wpa81) (< xamarinios) (< xamarinmac) (< xamarintvos) (< xamarinwatchos)) (&& (< monoandroid) (< net45) (>= netstandard1.3) (< netstandard1.6) (< win8) (< wpa81))
      System.Runtime (>= 4.3) - restriction: || (>= dnxcore50) (&& (< monoandroid) (< monotouch) (< net45) (>= netstandard1.6) (< win8) (< wpa81) (< xamarinios) (< xamarinmac) (< xamarintvos) (< xamarinwatchos)) (&& (< monoandroid) (< net45) (>= netstandard1.1) (< netstandard1.3) (< win8) (< wpa81)) (&& (< monoandroid) (< net45) (>= netstandard1.3) (< netstandard1.6) (< win8) (< wpa81))
      System.Runtime.Extensions (>= 4.3) - restriction: || (>= dnxcore50) (&& (< monoandroid) (< monotouch) (< net45) (>= netstandard1.6) (< win8) (< wpa81) (< xamarinios) (< xamarinmac) (< xamarintvos) (< xamarinwatchos)) (&& (< monoandroid) (< net45) (>= netstandard1.3) (< netstandard1.6) (< win8) (< wpa81))
      System.Runtime.Handles (>= 4.3) - restriction: || (&& (< monoandroid) (< monotouch) (< net45) (>= netstandard1.6) (< win8) (< wpa81) (< xamarinios) (< xamarinmac) (< xamarintvos) (< xamarinwatchos)) (&& (< monoandroid) (< net45) (>= netstandard1.3) (< netstandard1.6) (< win8) (< wpa81))
      System.Runtime.InteropServices (>= 4.3) - restriction: || (>= dnxcore50) (&& (< monoandroid) (< monotouch) (< net45) (>= netstandard1.6) (< win8) (< wpa81) (< xamarinios) (< xamarinmac) (< xamarintvos) (< xamarinwatchos)) (&& (< monoandroid) (< net45) (>= netstandard1.3) (< netstandard1.6) (< win8) (< wpa81))
      System.Security.Cryptography.Algorithms (>= 4.3) - restriction: && (< monoandroid) (< monotouch) (< net45) (>= netstandard1.6) (< win8) (< wpa81) (< xamarinios) (< xamarinmac) (< xamarintvos) (< xamarinwatchos)
      System.Security.Cryptography.Encoding (>= 4.3) - restriction: || (&& (< monoandroid) (< monotouch) (< net45) (>= netstandard1.6) (< win8) (< wpa81) (< xamarinios) (< xamarinmac) (< xamarintvos) (< xamarinwatchos)) (&& (< monoandroid) (< net45) (>= netstandard1.3) (< netstandard1.6) (< win8) (< wpa81))
      System.Security.Cryptography.OpenSsl (>= 4.3) - restriction: && (< monoandroid) (< monotouch) (< net45) (>= netstandard1.6) (< win8) (< wpa81) (< xamarinios) (< xamarinmac) (< xamarintvos) (< xamarinwatchos)
      System.Security.Cryptography.Primitives (>= 4.3) - restriction: && (< monoandroid) (< monotouch) (< net45) (>= netstandard1.6) (< win8) (< wpa81) (< xamarinios) (< xamarinmac) (< xamarintvos) (< xamarinwatchos)
      System.Security.Cryptography.X509Certificates (>= 4.3) - restriction: || (>= dnxcore50) (&& (< monoandroid) (< monotouch) (< net45) (>= netstandard1.6) (< win8) (< wpa81) (< xamarinios) (< xamarinmac) (< xamarintvos) (< xamarinwatchos)) (&& (< monoandroid) (< net45) (>= netstandard1.3) (< netstandard1.6) (< win8) (< wpa81)) (>= net46)
      System.Text.Encoding (>= 4.3) - restriction: || (>= dnxcore50) (&& (< monoandroid) (< monotouch) (< net45) (>= netstandard1.6) (< win8) (< wpa81) (< xamarinios) (< xamarinmac) (< xamarintvos) (< xamarinwatchos)) (&& (< monoandroid) (< net45) (>= netstandard1.1) (< netstandard1.3) (< win8) (< wpa81)) (&& (< monoandroid) (< net45) (>= netstandard1.3) (< netstandard1.6) (< win8) (< wpa81))
      System.Threading (>= 4.3) - restriction: || (>= dnxcore50) (&& (< monoandroid) (< monotouch) (< net45) (>= netstandard1.6) (< win8) (< wpa81) (< xamarinios) (< xamarinmac) (< xamarintvos) (< xamarinwatchos)) (&& (< monoandroid) (< net45) (>= netstandard1.3) (< netstandard1.6) (< win8) (< wpa81))
      System.Threading.Tasks (>= 4.3) - restriction: || (>= dnxcore50) (&& (< monoandroid) (< monotouch) (< net45) (>= netstandard1.6) (< win8) (< wpa81) (< xamarinios) (< xamarinmac) (< xamarintvos) (< xamarinwatchos)) (&& (< monoandroid) (< net45) (>= netstandard1.1) (< netstandard1.3) (< win8) (< wpa81)) (&& (< monoandroid) (< net45) (>= netstandard1.3) (< netstandard1.6) (< win8) (< wpa81))
    System.Net.Primitives (4.3) - restriction: || (&& (>= dnxcore50) (>= netstandard1.6)) (&& (< monoandroid) (< monotouch) (< net45) (>= netstandard1.6) (< netstandard2.0) (< win8) (< wpa81) (< xamarinios) (< xamarinmac) (< xamarintvos) (< xamarinwatchos)) (&& (< monoandroid) (< net45) (< netstandard1.3) (>= netstandard1.6) (< win8) (< wpa81)) (&& (< monoandroid) (< netstandard1.1) (>= netstandard1.6) (< win8))
      Microsoft.NETCore.Platforms (>= 1.1) - restriction: || (>= dnxcore50) (&& (< monoandroid) (< monotouch) (< net45) (>= netstandard1.3) (< win8) (< wpa81) (< xamarinios) (< xamarinmac) (< xamarintvos) (< xamarinwatchos)) (&& (< monoandroid) (< net45) (>= netstandard1.1) (< netstandard1.3) (< win8) (< wpa81)) (&& (< monoandroid) (>= netstandard1.0) (< netstandard1.1) (< win8) (< wp8))
      Microsoft.NETCore.Targets (>= 1.1) - restriction: || (>= dnxcore50) (&& (< monoandroid) (< monotouch) (< net45) (>= netstandard1.3) (< win8) (< wpa81) (< xamarinios) (< xamarinmac) (< xamarintvos) (< xamarinwatchos)) (&& (< monoandroid) (< net45) (>= netstandard1.1) (< netstandard1.3) (< win8) (< wpa81)) (&& (< monoandroid) (>= netstandard1.0) (< netstandard1.1) (< win8) (< wp8))
      System.Runtime (>= 4.3) - restriction: || (>= dnxcore50) (&& (< monoandroid) (< monotouch) (< net45) (>= netstandard1.3) (< win8) (< wpa81) (< xamarinios) (< xamarinmac) (< xamarintvos) (< xamarinwatchos)) (&& (< monoandroid) (< net45) (>= netstandard1.1) (< netstandard1.3) (< win8) (< wpa81)) (&& (< monoandroid) (>= netstandard1.0) (< netstandard1.1) (< win8) (< wp8))
      System.Runtime.Handles (>= 4.3) - restriction: || (>= dnxcore50) (&& (< monoandroid) (< monotouch) (< net45) (>= netstandard1.3) (< win8) (< wpa81) (< xamarinios) (< xamarinmac) (< xamarintvos) (< xamarinwatchos))
    System.Net.Requests (4.3) - restriction: && (< net45) (>= netstandard1.6) (< netstandard2.0)
      Microsoft.NETCore.Platforms (>= 1.1) - restriction: && (< monoandroid) (< monotouch) (< net45) (>= netstandard1.3) (< win8) (< wpa81) (< xamarinios) (< xamarinmac) (< xamarintvos) (< xamarinwatchos)
      System.Collections (>= 4.3) - restriction: || (>= dnxcore50) (&& (< monoandroid) (< monotouch) (< net45) (>= netstandard1.3) (< win8) (< wpa81) (< xamarinios) (< xamarinmac) (< xamarintvos) (< xamarinwatchos))
      System.Diagnostics.Debug (>= 4.3) - restriction: || (>= dnxcore50) (&& (< monoandroid) (< monotouch) (< net45) (>= netstandard1.3) (< win8) (< wpa81) (< xamarinios) (< xamarinmac) (< xamarintvos) (< xamarinwatchos))
      System.Diagnostics.Tracing (>= 4.3) - restriction: || (>= dnxcore50) (&& (< monoandroid) (< monotouch) (< net45) (>= netstandard1.3) (< win8) (< wpa81) (< xamarinios) (< xamarinmac) (< xamarintvos) (< xamarinwatchos))
      System.Globalization (>= 4.3) - restriction: || (>= dnxcore50) (&& (< monoandroid) (< monotouch) (< net45) (>= netstandard1.3) (< win8) (< wpa81) (< xamarinios) (< xamarinmac) (< xamarintvos) (< xamarinwatchos))
      System.IO (>= 4.3) - restriction: || (>= dnxcore50) (&& (< monoandroid) (< monotouch) (< net45) (>= netstandard1.3) (< win8) (< wpa81) (< xamarinios) (< xamarinmac) (< xamarintvos) (< xamarinwatchos)) (&& (< monoandroid) (< net45) (>= netstandard1.1) (< netstandard1.3) (< win8) (< wpa81)) (&& (< monoandroid) (>= netstandard1.0) (< netstandard1.1) (< win8) (< wp8))
      System.Net.Http (>= 4.3) - restriction: || (>= dnxcore50) (&& (< monoandroid) (< monotouch) (< net45) (>= netstandard1.3) (< win8) (< wpa81) (< xamarinios) (< xamarinmac) (< xamarintvos) (< xamarinwatchos))
      System.Net.Primitives (>= 4.3) - restriction: || (>= dnxcore50) (&& (< monoandroid) (< monotouch) (< net45) (>= netstandard1.3) (< win8) (< wpa81) (< xamarinios) (< xamarinmac) (< xamarintvos) (< xamarinwatchos)) (&& (< monoandroid) (< net45) (>= netstandard1.1) (< netstandard1.3) (< win8) (< wpa81)) (&& (< monoandroid) (>= netstandard1.0) (< netstandard1.1) (< win8) (< wp8))
      System.Net.WebHeaderCollection (>= 4.3) - restriction: || (>= dnxcore50) (&& (< monoandroid) (< monotouch) (< net45) (>= netstandard1.3) (< win8) (< wpa81) (< xamarinios) (< xamarinmac) (< xamarintvos) (< xamarinwatchos))
      System.Resources.ResourceManager (>= 4.3) - restriction: || (>= dnxcore50) (&& (< monoandroid) (< monotouch) (< net45) (>= netstandard1.3) (< win8) (< wpa81) (< xamarinios) (< xamarinmac) (< xamarintvos) (< xamarinwatchos))
      System.Runtime (>= 4.3) - restriction: || (>= dnxcore50) (&& (< monoandroid) (< monotouch) (< net45) (>= netstandard1.3) (< win8) (< wpa81) (< xamarinios) (< xamarinmac) (< xamarintvos) (< xamarinwatchos)) (&& (< monoandroid) (< net45) (>= netstandard1.1) (< netstandard1.3) (< win8) (< wpa81)) (&& (< monoandroid) (>= netstandard1.0) (< netstandard1.1) (< win8) (< wp8))
      System.Threading (>= 4.3) - restriction: || (>= dnxcore50) (&& (< monoandroid) (< monotouch) (< net45) (>= netstandard1.3) (< win8) (< wpa81) (< xamarinios) (< xamarinmac) (< xamarintvos) (< xamarinwatchos))
      System.Threading.Tasks (>= 4.3) - restriction: || (>= dnxcore50) (&& (< monoandroid) (< monotouch) (< net45) (>= netstandard1.3) (< win8) (< wpa81) (< xamarinios) (< xamarinmac) (< xamarintvos) (< xamarinwatchos)) (&& (< monoandroid) (< net45) (>= netstandard1.1) (< netstandard1.3) (< win8) (< wpa81))
    System.Net.WebHeaderCollection (4.3) - restriction: || (&& (>= dnxcore50) (>= netstandard1.6)) (&& (< monoandroid) (< monotouch) (< net45) (>= netstandard1.6) (< netstandard2.0) (< win8) (< wpa81) (< xamarinios) (< xamarinmac) (< xamarintvos) (< xamarinwatchos))
      System.Collections (>= 4.3) - restriction: && (< monoandroid) (< monotouch) (< net46) (>= netstandard1.3) (< xamarinios) (< xamarinmac) (< xamarintvos) (< xamarinwatchos)
      System.Resources.ResourceManager (>= 4.3) - restriction: && (< monoandroid) (< monotouch) (< net46) (>= netstandard1.3) (< xamarinios) (< xamarinmac) (< xamarintvos) (< xamarinwatchos)
      System.Runtime (>= 4.3) - restriction: && (< monoandroid) (< monotouch) (< net46) (>= netstandard1.3) (< xamarinios) (< xamarinmac) (< xamarintvos) (< xamarinwatchos)
      System.Runtime.Extensions (>= 4.3) - restriction: && (< monoandroid) (< monotouch) (< net46) (>= netstandard1.3) (< xamarinios) (< xamarinmac) (< xamarintvos) (< xamarinwatchos)
    System.ObjectModel (4.3) - restriction: && (< monoandroid) (< monotouch) (< net45) (>= netstandard1.6) (< netstandard2.0) (< xamarinios) (< xamarinmac) (< xamarintvos) (< xamarinwatchos)
      System.Collections (>= 4.3) - restriction: || (>= dnxcore50) (&& (< monoandroid) (< monotouch) (< net45) (>= netstandard1.3) (< win8) (< wpa81) (< xamarinios) (< xamarinmac) (< xamarintvos) (< xamarinwatchos))
      System.Diagnostics.Debug (>= 4.3) - restriction: || (>= dnxcore50) (&& (< monoandroid) (< monotouch) (< net45) (>= netstandard1.3) (< win8) (< wpa81) (< xamarinios) (< xamarinmac) (< xamarintvos) (< xamarinwatchos))
      System.Resources.ResourceManager (>= 4.3) - restriction: || (>= dnxcore50) (&& (< monoandroid) (< monotouch) (< net45) (>= netstandard1.3) (< win8) (< wpa81) (< xamarinios) (< xamarinmac) (< xamarintvos) (< xamarinwatchos))
      System.Runtime (>= 4.3) - restriction: || (>= dnxcore50) (&& (< monoandroid) (< monotouch) (< net45) (>= netstandard1.3) (< win8) (< wpa81) (< xamarinios) (< xamarinmac) (< xamarintvos) (< xamarinwatchos)) (&& (< monoandroid) (< net45) (>= netstandard1.0) (< netstandard1.3) (< win8) (< wp8) (< wpa81))
      System.Threading (>= 4.3) - restriction: || (>= dnxcore50) (&& (< monoandroid) (< monotouch) (< net45) (>= netstandard1.3) (< win8) (< wpa81) (< xamarinios) (< xamarinmac) (< xamarintvos) (< xamarinwatchos))
    System.Reflection (4.3) - restriction: || (&& (>= dnxcore50) (>= netstandard1.6)) (&& (< monoandroid) (< net45) (< netstandard1.3) (>= netstandard1.6) (< win8) (< wpa81)) (&& (< net45) (>= netstandard1.6) (< netstandard2.0)) (&& (< net45) (>= netstandard2.0))
      Microsoft.NETCore.Platforms (>= 1.1) - restriction: || (>= dnxcore50) (&& (< monoandroid) (< monotouch) (< net45) (>= netstandard1.5) (< win8) (< wpa81) (< xamarinios) (< xamarinmac) (< xamarintvos) (< xamarinwatchos)) (&& (< monoandroid) (< net45) (>= netstandard1.0) (< netstandard1.3) (< win8) (< wp8) (< wpa81)) (&& (< monoandroid) (< net45) (>= netstandard1.3) (< netstandard1.5) (< win8) (< wpa81))
      Microsoft.NETCore.Targets (>= 1.1) - restriction: || (>= dnxcore50) (&& (< monoandroid) (< monotouch) (< net45) (>= netstandard1.5) (< win8) (< wpa81) (< xamarinios) (< xamarinmac) (< xamarintvos) (< xamarinwatchos)) (&& (< monoandroid) (< net45) (>= netstandard1.0) (< netstandard1.3) (< win8) (< wp8) (< wpa81)) (&& (< monoandroid) (< net45) (>= netstandard1.3) (< netstandard1.5) (< win8) (< wpa81))
      System.IO (>= 4.3) - restriction: || (>= dnxcore50) (&& (< monoandroid) (< monotouch) (< net45) (>= netstandard1.5) (< win8) (< wpa81) (< xamarinios) (< xamarinmac) (< xamarintvos) (< xamarinwatchos)) (&& (< monoandroid) (< net45) (>= netstandard1.0) (< netstandard1.3) (< win8) (< wp8) (< wpa81)) (&& (< monoandroid) (< net45) (>= netstandard1.3) (< netstandard1.5) (< win8) (< wpa81))
      System.Reflection.Primitives (>= 4.3) - restriction: || (>= dnxcore50) (&& (< monoandroid) (< monotouch) (< net45) (>= netstandard1.5) (< win8) (< wpa81) (< xamarinios) (< xamarinmac) (< xamarintvos) (< xamarinwatchos)) (&& (< monoandroid) (< net45) (>= netstandard1.0) (< netstandard1.3) (< win8) (< wp8) (< wpa81)) (&& (< monoandroid) (< net45) (>= netstandard1.3) (< netstandard1.5) (< win8) (< wpa81))
      System.Runtime (>= 4.3) - restriction: || (>= dnxcore50) (&& (< monoandroid) (< monotouch) (< net45) (>= netstandard1.5) (< win8) (< wpa81) (< xamarinios) (< xamarinmac) (< xamarintvos) (< xamarinwatchos)) (&& (< monoandroid) (< net45) (>= netstandard1.0) (< netstandard1.3) (< win8) (< wp8) (< wpa81)) (&& (< monoandroid) (< net45) (>= netstandard1.3) (< netstandard1.5) (< win8) (< wpa81))
    System.Reflection.Emit (4.3) - restriction: && (< monoandroid) (< monotouch) (< net45) (>= netstandard1.6) (< netstandard2.0) (< xamarinios) (< xamarinmac) (< xamarintvos) (< xamarinwatchos)
      System.IO (>= 4.3) - restriction: && (< monoandroid) (< monotouch) (< net45) (>= netstandard1.1) (< xamarinios) (< xamarinmac) (< xamarintvos) (< xamarinwatchos)
      System.Reflection (>= 4.3) - restriction: && (< monoandroid) (< monotouch) (< net45) (>= netstandard1.1) (< xamarinios) (< xamarinmac) (< xamarintvos) (< xamarinwatchos)
      System.Reflection.Emit.ILGeneration (>= 4.3) - restriction: && (< monoandroid) (< monotouch) (< net45) (>= netstandard1.1) (< xamarinios) (< xamarinmac) (< xamarintvos) (< xamarinwatchos)
      System.Reflection.Primitives (>= 4.3) - restriction: && (< monoandroid) (< monotouch) (< net45) (>= netstandard1.1) (< xamarinios) (< xamarinmac) (< xamarintvos) (< xamarinwatchos)
      System.Runtime (>= 4.3) - restriction: && (< monoandroid) (< monotouch) (< net45) (>= netstandard1.1) (< xamarinios) (< xamarinmac) (< xamarintvos) (< xamarinwatchos)
    System.Reflection.Emit.ILGeneration (4.3) - restriction: || (&& (>= dnxcore50) (>= netstandard1.6)) (&& (< monoandroid) (< monotouch) (< net45) (>= netstandard1.6) (< netstandard2.0) (< xamarinios) (< xamarinmac) (< xamarintvos) (< xamarinwatchos)) (&& (< net45) (>= netstandard2.0))
      System.Reflection (>= 4.3) - restriction: && (< monoandroid) (< monotouch) (< net45) (>= netstandard1.0) (< wp8) (< xamarinios) (< xamarinmac) (< xamarintvos) (< xamarinwatchos)
      System.Reflection.Primitives (>= 4.3) - restriction: && (< monoandroid) (< monotouch) (< net45) (>= netstandard1.0) (< wp8) (< xamarinios) (< xamarinmac) (< xamarintvos) (< xamarinwatchos)
      System.Runtime (>= 4.3) - restriction: && (< monoandroid) (< monotouch) (< net45) (>= netstandard1.0) (< wp8) (< xamarinios) (< xamarinmac) (< xamarintvos) (< xamarinwatchos)
    System.Reflection.Emit.Lightweight (4.3) - restriction: || (&& (>= dnxcore50) (>= netstandard1.6)) (&& (< monoandroid) (< monotouch) (< net45) (>= netstandard1.6) (< netstandard2.0) (< xamarinios) (< xamarinmac) (< xamarintvos) (< xamarinwatchos)) (&& (< net45) (>= netstandard2.0))
      System.Reflection (>= 4.3) - restriction: && (< monoandroid) (< monotouch) (< net45) (>= netstandard1.0) (< wp8) (< xamarinios) (< xamarinmac) (< xamarintvos) (< xamarinwatchos)
      System.Reflection.Emit.ILGeneration (>= 4.3) - restriction: && (< monoandroid) (< monotouch) (< net45) (>= netstandard1.0) (< wp8) (< xamarinios) (< xamarinmac) (< xamarintvos) (< xamarinwatchos)
      System.Reflection.Primitives (>= 4.3) - restriction: && (< monoandroid) (< monotouch) (< net45) (>= netstandard1.0) (< wp8) (< xamarinios) (< xamarinmac) (< xamarintvos) (< xamarinwatchos)
      System.Runtime (>= 4.3) - restriction: && (< monoandroid) (< monotouch) (< net45) (>= netstandard1.0) (< wp8) (< xamarinios) (< xamarinmac) (< xamarintvos) (< xamarinwatchos)
    System.Reflection.Extensions (4.3) - restriction: || (&& (>= dnxcore50) (>= netstandard1.6)) (&& (< net45) (>= netstandard1.6) (< netstandard2.0))
      Microsoft.NETCore.Platforms (>= 1.1) - restriction: || (>= dnxcore50) (&& (< monoandroid) (< monotouch) (< net45) (>= netstandard1.0) (< win8) (< wp8) (< wpa81) (< xamarinios) (< xamarinmac) (< xamarintvos) (< xamarinwatchos))
      Microsoft.NETCore.Targets (>= 1.1) - restriction: || (>= dnxcore50) (&& (< monoandroid) (< monotouch) (< net45) (>= netstandard1.0) (< win8) (< wp8) (< wpa81) (< xamarinios) (< xamarinmac) (< xamarintvos) (< xamarinwatchos))
      System.Reflection (>= 4.3) - restriction: || (>= dnxcore50) (&& (< monoandroid) (< monotouch) (< net45) (>= netstandard1.0) (< win8) (< wp8) (< wpa81) (< xamarinios) (< xamarinmac) (< xamarintvos) (< xamarinwatchos))
      System.Runtime (>= 4.3) - restriction: || (>= dnxcore50) (&& (< monoandroid) (< monotouch) (< net45) (>= netstandard1.0) (< win8) (< wp8) (< wpa81) (< xamarinios) (< xamarinmac) (< xamarintvos) (< xamarinwatchos))
    System.Reflection.Primitives (4.3) - restriction: || (&& (>= dnxcore50) (>= netstandard1.6)) (&& (< monoandroid) (< monotouch) (< net45) (>= netstandard1.6) (< netstandard2.0) (< xamarinios) (< xamarinmac) (< xamarintvos) (< xamarinwatchos)) (&& (< net45) (>= netstandard2.0))
      Microsoft.NETCore.Platforms (>= 1.1) - restriction: || (>= dnxcore50) (&& (< monoandroid) (< monotouch) (< net45) (>= netstandard1.0) (< win8) (< wp8) (< wpa81) (< xamarinios) (< xamarinmac) (< xamarintvos) (< xamarinwatchos))
      Microsoft.NETCore.Targets (>= 1.1) - restriction: || (>= dnxcore50) (&& (< monoandroid) (< monotouch) (< net45) (>= netstandard1.0) (< win8) (< wp8) (< wpa81) (< xamarinios) (< xamarinmac) (< xamarintvos) (< xamarinwatchos))
      System.Runtime (>= 4.3) - restriction: || (>= dnxcore50) (&& (< monoandroid) (< monotouch) (< net45) (>= netstandard1.0) (< win8) (< wp8) (< wpa81) (< xamarinios) (< xamarinmac) (< xamarintvos) (< xamarinwatchos))
    System.Reflection.TypeExtensions (4.4) - restriction: || (&& (>= dnxcore50) (>= netstandard1.6)) (&& (< monoandroid) (< monotouch) (< net45) (>= netstandard1.6) (< netstandard2.0) (< xamarinios) (< xamarinmac) (< xamarintvos) (< xamarinwatchos))
      System.Reflection (>= 4.3) - restriction: || (>= dnxcore50) (&& (< monoandroid) (< monotouch) (< net46) (>= netstandard1.5) (< netstandard2.0) (< xamarinios) (< xamarinmac) (< xamarintvos) (< xamarinwatchos)) (&& (< monoandroid) (< net46) (>= netstandard1.3) (< netstandard1.5))
      System.Resources.ResourceManager (>= 4.3) - restriction: || (>= dnxcore50) (&& (< monoandroid) (< monotouch) (< net46) (>= netstandard1.5) (< netstandard2.0) (< xamarinios) (< xamarinmac) (< xamarintvos) (< xamarinwatchos)) (&& (< monoandroid) (< net46) (>= netstandard1.3) (< netstandard1.5))
      System.Runtime (>= 4.3) - restriction: || (>= dnxcore50) (&& (< monoandroid) (< monotouch) (< net46) (>= netstandard1.5) (< netstandard2.0) (< xamarinios) (< xamarinmac) (< xamarintvos) (< xamarinwatchos)) (&& (< monoandroid) (< net46) (>= netstandard1.3) (< netstandard1.5))
    System.Resources.ResourceManager (4.3) - restriction: || (&& (>= dnxcore50) (>= netstandard1.6)) (&& (< net45) (>= netstandard1.6) (< netstandard2.0))
      Microsoft.NETCore.Platforms (>= 1.1) - restriction: || (>= dnxcore50) (&& (< monoandroid) (< monotouch) (< net45) (>= netstandard1.0) (< win8) (< wp8) (< wpa81) (< xamarinios) (< xamarinmac) (< xamarintvos) (< xamarinwatchos))
      Microsoft.NETCore.Targets (>= 1.1) - restriction: || (>= dnxcore50) (&& (< monoandroid) (< monotouch) (< net45) (>= netstandard1.0) (< win8) (< wp8) (< wpa81) (< xamarinios) (< xamarinmac) (< xamarintvos) (< xamarinwatchos))
      System.Globalization (>= 4.3) - restriction: || (>= dnxcore50) (&& (< monoandroid) (< monotouch) (< net45) (>= netstandard1.0) (< win8) (< wp8) (< wpa81) (< xamarinios) (< xamarinmac) (< xamarintvos) (< xamarinwatchos))
      System.Reflection (>= 4.3) - restriction: || (>= dnxcore50) (&& (< monoandroid) (< monotouch) (< net45) (>= netstandard1.0) (< win8) (< wp8) (< wpa81) (< xamarinios) (< xamarinmac) (< xamarintvos) (< xamarinwatchos))
      System.Runtime (>= 4.3) - restriction: || (>= dnxcore50) (&& (< monoandroid) (< monotouch) (< net45) (>= netstandard1.0) (< win8) (< wp8) (< wpa81) (< xamarinios) (< xamarinmac) (< xamarintvos) (< xamarinwatchos))
    System.Runtime (4.3) - restriction: || (&& (>= dnxcore50) (>= netstandard1.6)) (&& (< monoandroid) (< net45) (< netstandard1.3) (>= netstandard1.6) (< win8) (< wpa81)) (&& (< monoandroid) (< net45) (< netstandard1.5) (>= netstandard1.6) (< win8) (< wpa81)) (&& (< net45) (>= netstandard1.6) (< netstandard2.0)) (&& (< net45) (>= netstandard2.0))
      Microsoft.NETCore.Platforms (>= 1.1) - restriction: || (>= dnxcore50) (&& (< monoandroid) (< monotouch) (< net45) (>= netstandard1.5) (< win8) (< wpa81) (< xamarinios) (< xamarinmac) (< xamarintvos) (< xamarinwatchos)) (&& (< monoandroid) (< net45) (>= netstandard1.0) (< netstandard1.2) (< win8) (< wp8)) (&& (< monoandroid) (< net45) (>= netstandard1.2) (< netstandard1.3) (< win8) (< wpa81)) (&& (< monoandroid) (< net45) (>= netstandard1.3) (< netstandard1.5) (< win8) (< wpa81))
      Microsoft.NETCore.Targets (>= 1.1) - restriction: || (>= dnxcore50) (&& (< monoandroid) (< monotouch) (< net45) (>= netstandard1.5) (< win8) (< wpa81) (< xamarinios) (< xamarinmac) (< xamarintvos) (< xamarinwatchos)) (&& (< monoandroid) (< net45) (>= netstandard1.0) (< netstandard1.2) (< win8) (< wp8)) (&& (< monoandroid) (< net45) (>= netstandard1.2) (< netstandard1.3) (< win8) (< wpa81)) (&& (< monoandroid) (< net45) (>= netstandard1.3) (< netstandard1.5) (< win8) (< wpa81))
    System.Runtime.Extensions (4.3) - restriction: || (&& (>= dnxcore50) (>= netstandard1.6)) (&& (< net45) (>= netstandard1.6) (< netstandard2.0))
      Microsoft.NETCore.Platforms (>= 1.1) - restriction: || (>= dnxcore50) (&& (< monoandroid) (< monotouch) (< net45) (>= netstandard1.5) (< win8) (< wpa81) (< xamarinios) (< xamarinmac) (< xamarintvos) (< xamarinwatchos)) (&& (< monoandroid) (< net45) (>= netstandard1.0) (< netstandard1.3) (< win8) (< wp8) (< wpa81)) (&& (< monoandroid) (< net45) (>= netstandard1.3) (< netstandard1.5) (< win8) (< wpa81))
      Microsoft.NETCore.Targets (>= 1.1) - restriction: || (>= dnxcore50) (&& (< monoandroid) (< monotouch) (< net45) (>= netstandard1.5) (< win8) (< wpa81) (< xamarinios) (< xamarinmac) (< xamarintvos) (< xamarinwatchos)) (&& (< monoandroid) (< net45) (>= netstandard1.0) (< netstandard1.3) (< win8) (< wp8) (< wpa81)) (&& (< monoandroid) (< net45) (>= netstandard1.3) (< netstandard1.5) (< win8) (< wpa81))
      System.Runtime (>= 4.3) - restriction: || (>= dnxcore50) (&& (< monoandroid) (< monotouch) (< net45) (>= netstandard1.5) (< win8) (< wpa81) (< xamarinios) (< xamarinmac) (< xamarintvos) (< xamarinwatchos)) (&& (< monoandroid) (< net45) (>= netstandard1.0) (< netstandard1.3) (< win8) (< wp8) (< wpa81)) (&& (< monoandroid) (< net45) (>= netstandard1.3) (< netstandard1.5) (< win8) (< wpa81))
    System.Runtime.Handles (4.3) - restriction: && (< monoandroid) (< monotouch) (< net45) (>= netstandard1.6) (< netstandard2.0) (< xamarinios) (< xamarinmac) (< xamarintvos) (< xamarinwatchos)
      Microsoft.NETCore.Platforms (>= 1.1) - restriction: && (< monoandroid) (< monotouch) (< net46) (>= netstandard1.3) (< xamarinios) (< xamarinmac) (< xamarintvos) (< xamarinwatchos)
      Microsoft.NETCore.Targets (>= 1.1) - restriction: && (< monoandroid) (< monotouch) (< net46) (>= netstandard1.3) (< xamarinios) (< xamarinmac) (< xamarintvos) (< xamarinwatchos)
      System.Runtime (>= 4.3) - restriction: && (< monoandroid) (< monotouch) (< net46) (>= netstandard1.3) (< xamarinios) (< xamarinmac) (< xamarintvos) (< xamarinwatchos)
    System.Runtime.InteropServices (4.3) - restriction: || (&& (>= dnxcore50) (>= netstandard1.6)) (&& (< monoandroid) (< monotouch) (< net45) (>= netstandard1.6) (< netstandard2.0) (< win8) (< wpa81) (< xamarinios) (< xamarinmac) (< xamarintvos) (< xamarinwatchos))
      Microsoft.NETCore.Platforms (>= 1.1) - restriction: || (>= dnxcore50) (&& (< monoandroid) (< monotouch) (< net45) (>= netstandard1.5) (< win8) (< wpa81) (< xamarinios) (< xamarinmac) (< xamarintvos) (< xamarinwatchos)) (&& (< monoandroid) (< net45) (>= netstandard1.1) (< netstandard1.2) (< win8)) (&& (< monoandroid) (< net45) (>= netstandard1.2) (< netstandard1.3) (< win8) (< wpa81)) (&& (< monoandroid) (< net45) (>= netstandard1.3) (< netstandard1.5) (< win8) (< wpa81)) (>= netcoreapp1.1)
      Microsoft.NETCore.Targets (>= 1.1) - restriction: || (>= dnxcore50) (&& (< monoandroid) (< monotouch) (< net45) (>= netstandard1.5) (< win8) (< wpa81) (< xamarinios) (< xamarinmac) (< xamarintvos) (< xamarinwatchos)) (&& (< monoandroid) (< net45) (>= netstandard1.1) (< netstandard1.2) (< win8)) (&& (< monoandroid) (< net45) (>= netstandard1.2) (< netstandard1.3) (< win8) (< wpa81)) (&& (< monoandroid) (< net45) (>= netstandard1.3) (< netstandard1.5) (< win8) (< wpa81)) (>= netcoreapp1.1)
      System.Reflection (>= 4.3) - restriction: || (>= dnxcore50) (&& (< monoandroid) (< monotouch) (< net45) (>= netstandard1.5) (< win8) (< wpa81) (< xamarinios) (< xamarinmac) (< xamarintvos) (< xamarinwatchos)) (&& (< monoandroid) (< net45) (>= netstandard1.1) (< netstandard1.2) (< win8)) (&& (< monoandroid) (< net45) (>= netstandard1.2) (< netstandard1.3) (< win8) (< wpa81)) (&& (< monoandroid) (< net45) (>= netstandard1.3) (< netstandard1.5) (< win8) (< wpa81)) (>= netcoreapp1.1)
      System.Reflection.Primitives (>= 4.3) - restriction: || (>= dnxcore50) (&& (< monoandroid) (< monotouch) (< net45) (>= netstandard1.5) (< win8) (< wpa81) (< xamarinios) (< xamarinmac) (< xamarintvos) (< xamarinwatchos)) (&& (< monoandroid) (< net45) (>= netstandard1.1) (< netstandard1.2) (< win8)) (&& (< monoandroid) (< net45) (>= netstandard1.2) (< netstandard1.3) (< win8) (< wpa81)) (&& (< monoandroid) (< net45) (>= netstandard1.3) (< netstandard1.5) (< win8) (< wpa81)) (>= netcoreapp1.1)
      System.Runtime (>= 4.3) - restriction: || (>= dnxcore50) (&& (< monoandroid) (< monotouch) (< net45) (>= netstandard1.5) (< win8) (< wpa81) (< xamarinios) (< xamarinmac) (< xamarintvos) (< xamarinwatchos)) (&& (< monoandroid) (< net45) (>= netstandard1.1) (< netstandard1.2) (< win8)) (&& (< monoandroid) (< net45) (>= netstandard1.2) (< netstandard1.3) (< win8) (< wpa81)) (&& (< monoandroid) (< net45) (>= netstandard1.3) (< netstandard1.5) (< win8) (< wpa81)) (>= net462) (>= netcoreapp1.1)
      System.Runtime.Handles (>= 4.3) - restriction: || (>= dnxcore50) (&& (< monoandroid) (< monotouch) (< net45) (>= netstandard1.5) (< win8) (< wpa81) (< xamarinios) (< xamarinmac) (< xamarintvos) (< xamarinwatchos)) (&& (< monoandroid) (< net45) (>= netstandard1.3) (< netstandard1.5) (< win8) (< wpa81)) (>= netcoreapp1.1)
    System.Runtime.Numerics (4.3) - restriction: || (&& (>= dnxcore50) (>= netstandard1.6)) (&& (< net45) (>= netstandard1.6) (< netstandard2.0))
      System.Globalization (>= 4.3) - restriction: || (>= dnxcore50) (&& (< monoandroid) (< monotouch) (< net45) (>= netstandard1.3) (< win8) (< wpa81) (< xamarinios) (< xamarinmac) (< xamarintvos) (< xamarinwatchos))
      System.Resources.ResourceManager (>= 4.3) - restriction: || (>= dnxcore50) (&& (< monoandroid) (< monotouch) (< net45) (>= netstandard1.3) (< win8) (< wpa81) (< xamarinios) (< xamarinmac) (< xamarintvos) (< xamarinwatchos))
      System.Runtime (>= 4.3) - restriction: || (>= dnxcore50) (&& (< monoandroid) (< monotouch) (< net45) (>= netstandard1.3) (< win8) (< wpa81) (< xamarinios) (< xamarinmac) (< xamarintvos) (< xamarinwatchos)) (&& (< monoandroid) (< net45) (>= netstandard1.1) (< netstandard1.3) (< win8) (< wpa81))
      System.Runtime.Extensions (>= 4.3) - restriction: || (>= dnxcore50) (&& (< monoandroid) (< monotouch) (< net45) (>= netstandard1.3) (< win8) (< wpa81) (< xamarinios) (< xamarinmac) (< xamarintvos) (< xamarinwatchos))
    System.Security.Cryptography.Algorithms (4.3.1) - restriction: || (&& (>= dnxcore50) (>= netstandard1.6)) (&& (< monoandroid) (< monotouch) (< net45) (>= netstandard1.6) (< netstandard2.0) (< win8) (< wpa81) (< xamarinios) (< xamarinmac) (< xamarintvos) (< xamarinwatchos))
      Microsoft.NETCore.Platforms (>= 1.1) - restriction: || (>= dnxcore50) (&& (< monotouch) (< net46) (>= netstandard1.6) (< xamarinios) (< xamarinmac) (< xamarintvos) (< xamarinwatchos))
      runtime.native.System.Security.Cryptography.Apple (>= 4.3.1) - restriction: && (< monotouch) (< net46) (>= netstandard1.6) (< xamarinios) (< xamarinmac) (< xamarintvos) (< xamarinwatchos)
      runtime.native.System.Security.Cryptography.OpenSsl (>= 4.3.2) - restriction: && (< monotouch) (< net46) (>= netstandard1.6) (< xamarinios) (< xamarinmac) (< xamarintvos) (< xamarinwatchos)
      System.Collections (>= 4.3) - restriction: && (< monotouch) (< net46) (>= netstandard1.6) (< xamarinios) (< xamarinmac) (< xamarintvos) (< xamarinwatchos)
      System.IO (>= 4.3) - restriction: || (>= dnxcore50) (&& (< monoandroid) (< net46) (>= netstandard1.3) (< netstandard1.4)) (&& (< monoandroid) (< net46) (>= netstandard1.4) (< netstandard1.6)) (&& (< monotouch) (< net46) (>= netstandard1.6) (< xamarinios) (< xamarinmac) (< xamarintvos) (< xamarinwatchos)) (>= net463)
      System.Resources.ResourceManager (>= 4.3) - restriction: || (>= dnxcore50) (&& (< monotouch) (< net46) (>= netstandard1.6) (< xamarinios) (< xamarinmac) (< xamarintvos) (< xamarinwatchos))
      System.Runtime (>= 4.3) - restriction: || (>= dnxcore50) (&& (< monoandroid) (< net46) (>= netstandard1.3) (< netstandard1.4)) (&& (< monoandroid) (< net46) (>= netstandard1.4) (< netstandard1.6)) (&& (< monotouch) (< net46) (>= netstandard1.6) (< xamarinios) (< xamarinmac) (< xamarintvos) (< xamarinwatchos)) (>= net463)
      System.Runtime.Extensions (>= 4.3) - restriction: || (>= dnxcore50) (&& (< monotouch) (< net46) (>= netstandard1.6) (< xamarinios) (< xamarinmac) (< xamarintvos) (< xamarinwatchos))
      System.Runtime.Handles (>= 4.3) - restriction: || (>= dnxcore50) (&& (< monotouch) (< net46) (>= netstandard1.6) (< xamarinios) (< xamarinmac) (< xamarintvos) (< xamarinwatchos))
      System.Runtime.InteropServices (>= 4.3) - restriction: || (>= dnxcore50) (&& (< monotouch) (< net46) (>= netstandard1.6) (< xamarinios) (< xamarinmac) (< xamarintvos) (< xamarinwatchos))
      System.Runtime.Numerics (>= 4.3) - restriction: && (< monotouch) (< net46) (>= netstandard1.6) (< xamarinios) (< xamarinmac) (< xamarintvos) (< xamarinwatchos)
      System.Security.Cryptography.Encoding (>= 4.3) - restriction: || (>= dnxcore50) (&& (< monotouch) (< net46) (>= netstandard1.6) (< xamarinios) (< xamarinmac) (< xamarintvos) (< xamarinwatchos)) (>= net463)
      System.Security.Cryptography.Primitives (>= 4.3) - restriction: || (>= dnxcore50) (&& (< monoandroid) (< net46) (>= netstandard1.3) (< netstandard1.4)) (&& (< monoandroid) (< net46) (>= netstandard1.4) (< netstandard1.6)) (&& (< monotouch) (< net46) (>= netstandard1.6) (< xamarinios) (< xamarinmac) (< xamarintvos) (< xamarinwatchos)) (&& (>= net46) (< netstandard1.4)) (&& (>= net461) (< netstandard1.6)) (>= net463)
      System.Text.Encoding (>= 4.3) - restriction: || (>= dnxcore50) (&& (< monotouch) (< net46) (>= netstandard1.6) (< xamarinios) (< xamarinmac) (< xamarintvos) (< xamarinwatchos))
    System.Security.Cryptography.Cng (4.4) - restriction: || (&& (>= dnxcore50) (>= netstandard1.6)) (&& (< monoandroid) (< monotouch) (< net45) (>= netstandard1.6) (< netstandard2.0) (< win8) (< wpa81) (< xamarinios) (< xamarinmac) (< xamarintvos) (< xamarinwatchos)) (&& (< net45) (>= net46) (>= netstandard1.6) (< netstandard2.0))
      System.IO (>= 4.3) - restriction: || (&& (< monoandroid) (< monotouch) (< net46) (>= netstandard1.6) (< netstandard2.0) (< xamarinios) (< xamarinmac) (< xamarintvos) (< xamarinwatchos)) (&& (< monoandroid) (< net46) (>= netstandard1.3) (< netstandard1.4)) (&& (< monoandroid) (< net46) (>= netstandard1.4) (< netstandard1.6))
      System.Resources.ResourceManager (>= 4.3) - restriction: || (&& (< monoandroid) (< monotouch) (< net46) (>= netstandard1.6) (< netstandard2.0) (< xamarinios) (< xamarinmac) (< xamarintvos) (< xamarinwatchos)) (&& (< monoandroid) (< net46) (>= netstandard1.3) (< netstandard1.4)) (&& (< monoandroid) (< net46) (>= netstandard1.4) (< netstandard1.6))
      System.Runtime (>= 4.3) - restriction: || (&& (< monoandroid) (< monotouch) (< net46) (>= netstandard1.6) (< netstandard2.0) (< xamarinios) (< xamarinmac) (< xamarintvos) (< xamarinwatchos)) (&& (< monoandroid) (< net46) (>= netstandard1.3) (< netstandard1.4)) (&& (< monoandroid) (< net46) (>= netstandard1.4) (< netstandard1.6))
      System.Runtime.Extensions (>= 4.3) - restriction: || (&& (< monoandroid) (< monotouch) (< net46) (>= netstandard1.6) (< netstandard2.0) (< xamarinios) (< xamarinmac) (< xamarintvos) (< xamarinwatchos)) (&& (< monoandroid) (< net46) (>= netstandard1.4) (< netstandard1.6))
      System.Runtime.Handles (>= 4.3) - restriction: || (&& (< monoandroid) (< monotouch) (< net46) (>= netstandard1.6) (< netstandard2.0) (< xamarinios) (< xamarinmac) (< xamarintvos) (< xamarinwatchos)) (&& (< monoandroid) (< net46) (>= netstandard1.3) (< netstandard1.4)) (&& (< monoandroid) (< net46) (>= netstandard1.4) (< netstandard1.6))
      System.Runtime.InteropServices (>= 4.3) - restriction: || (&& (< monoandroid) (< monotouch) (< net46) (>= netstandard1.6) (< netstandard2.0) (< xamarinios) (< xamarinmac) (< xamarintvos) (< xamarinwatchos)) (&& (< monoandroid) (< net46) (>= netstandard1.3) (< netstandard1.4)) (&& (< monoandroid) (< net46) (>= netstandard1.4) (< netstandard1.6))
      System.Security.Cryptography.Algorithms (>= 4.3) - restriction: || (&& (< monoandroid) (< monotouch) (< net46) (>= netstandard1.6) (< netstandard2.0) (< xamarinios) (< xamarinmac) (< xamarintvos) (< xamarinwatchos)) (&& (< monoandroid) (< net46) (>= netstandard1.3) (< netstandard1.4)) (&& (< monoandroid) (< net46) (>= netstandard1.4) (< netstandard1.6)) (&& (>= net46) (< netstandard1.4))
      System.Security.Cryptography.Encoding (>= 4.3) - restriction: || (&& (< monoandroid) (< monotouch) (< net46) (>= netstandard1.6) (< netstandard2.0) (< xamarinios) (< xamarinmac) (< xamarintvos) (< xamarinwatchos)) (&& (< monoandroid) (< net46) (>= netstandard1.4) (< netstandard1.6))
      System.Security.Cryptography.Primitives (>= 4.3) - restriction: || (&& (< monoandroid) (< monotouch) (< net46) (>= netstandard1.6) (< netstandard2.0) (< xamarinios) (< xamarinmac) (< xamarintvos) (< xamarinwatchos)) (&& (< monoandroid) (< net46) (>= netstandard1.3) (< netstandard1.4)) (&& (< monoandroid) (< net46) (>= netstandard1.4) (< netstandard1.6)) (&& (>= net46) (< netstandard1.4))
      System.Text.Encoding (>= 4.3) - restriction: || (&& (< monoandroid) (< monotouch) (< net46) (>= netstandard1.6) (< netstandard2.0) (< xamarinios) (< xamarinmac) (< xamarintvos) (< xamarinwatchos)) (&& (< monoandroid) (< net46) (>= netstandard1.4) (< netstandard1.6))
    System.Security.Cryptography.Csp (4.3) - restriction: || (&& (>= dnxcore50) (>= netstandard1.6)) (&& (< monoandroid) (< monotouch) (< net45) (>= netstandard1.6) (< netstandard2.0) (< win8) (< wpa81) (< xamarinios) (< xamarinmac) (< xamarintvos) (< xamarinwatchos)) (&& (< net45) (>= net46) (>= netstandard1.6) (< netstandard2.0))
      Microsoft.NETCore.Platforms (>= 1.1) - restriction: && (< monoandroid) (< monotouch) (< net46) (>= netstandard1.3) (< xamarinios) (< xamarinmac) (< xamarintvos) (< xamarinwatchos)
      System.IO (>= 4.3) - restriction: && (< monoandroid) (< monotouch) (< net46) (>= netstandard1.3) (< xamarinios) (< xamarinmac) (< xamarintvos) (< xamarinwatchos)
      System.Reflection (>= 4.3) - restriction: && (< monoandroid) (< monotouch) (< net46) (>= netstandard1.3) (< xamarinios) (< xamarinmac) (< xamarintvos) (< xamarinwatchos)
      System.Resources.ResourceManager (>= 4.3) - restriction: && (< monoandroid) (< monotouch) (< net46) (>= netstandard1.3) (< xamarinios) (< xamarinmac) (< xamarintvos) (< xamarinwatchos)
      System.Runtime (>= 4.3) - restriction: && (< monoandroid) (< monotouch) (< net46) (>= netstandard1.3) (< xamarinios) (< xamarinmac) (< xamarintvos) (< xamarinwatchos)
      System.Runtime.Extensions (>= 4.3) - restriction: && (< monoandroid) (< monotouch) (< net46) (>= netstandard1.3) (< xamarinios) (< xamarinmac) (< xamarintvos) (< xamarinwatchos)
      System.Runtime.Handles (>= 4.3) - restriction: && (< monoandroid) (< monotouch) (< net46) (>= netstandard1.3) (< xamarinios) (< xamarinmac) (< xamarintvos) (< xamarinwatchos)
      System.Runtime.InteropServices (>= 4.3) - restriction: && (< monoandroid) (< monotouch) (< net46) (>= netstandard1.3) (< xamarinios) (< xamarinmac) (< xamarintvos) (< xamarinwatchos)
      System.Security.Cryptography.Algorithms (>= 4.3) - restriction: || (&& (< monoandroid) (< monotouch) (>= netstandard1.3) (< xamarinios) (< xamarinmac) (< xamarintvos) (< xamarinwatchos)) (>= net46)
      System.Security.Cryptography.Encoding (>= 4.3) - restriction: && (< monoandroid) (< monotouch) (< net46) (>= netstandard1.3) (< xamarinios) (< xamarinmac) (< xamarintvos) (< xamarinwatchos)
      System.Security.Cryptography.Primitives (>= 4.3) - restriction: || (&& (< monoandroid) (< monotouch) (>= netstandard1.3) (< xamarinios) (< xamarinmac) (< xamarintvos) (< xamarinwatchos)) (>= net46)
      System.Text.Encoding (>= 4.3) - restriction: && (< monoandroid) (< monotouch) (< net46) (>= netstandard1.3) (< xamarinios) (< xamarinmac) (< xamarintvos) (< xamarinwatchos)
      System.Threading (>= 4.3) - restriction: && (< monoandroid) (< monotouch) (< net46) (>= netstandard1.3) (< xamarinios) (< xamarinmac) (< xamarintvos) (< xamarinwatchos)
    System.Security.Cryptography.Encoding (4.3) - restriction: || (&& (>= dnxcore50) (>= netstandard1.6)) (&& (< monoandroid) (< monotouch) (< net45) (>= netstandard1.6) (< netstandard2.0) (< win8) (< wpa81) (< xamarinios) (< xamarinmac) (< xamarintvos) (< xamarinwatchos))
      Microsoft.NETCore.Platforms (>= 1.1) - restriction: && (< monoandroid) (< monotouch) (< net46) (>= netstandard1.3) (< xamarinios) (< xamarinmac) (< xamarintvos) (< xamarinwatchos)
      runtime.native.System.Security.Cryptography.OpenSsl (>= 4.3) - restriction: && (< monoandroid) (< monotouch) (< net46) (>= netstandard1.3) (< xamarinios) (< xamarinmac) (< xamarintvos) (< xamarinwatchos)
      System.Collections (>= 4.3) - restriction: && (< monoandroid) (< monotouch) (< net46) (>= netstandard1.3) (< xamarinios) (< xamarinmac) (< xamarintvos) (< xamarinwatchos)
      System.Collections.Concurrent (>= 4.3) - restriction: && (< monoandroid) (< monotouch) (< net46) (>= netstandard1.3) (< xamarinios) (< xamarinmac) (< xamarintvos) (< xamarinwatchos)
      System.Linq (>= 4.3) - restriction: && (< monoandroid) (< monotouch) (< net46) (>= netstandard1.3) (< xamarinios) (< xamarinmac) (< xamarintvos) (< xamarinwatchos)
      System.Resources.ResourceManager (>= 4.3) - restriction: && (< monoandroid) (< monotouch) (< net46) (>= netstandard1.3) (< xamarinios) (< xamarinmac) (< xamarintvos) (< xamarinwatchos)
      System.Runtime (>= 4.3) - restriction: && (< monoandroid) (< monotouch) (< net46) (>= netstandard1.3) (< xamarinios) (< xamarinmac) (< xamarintvos) (< xamarinwatchos)
      System.Runtime.Extensions (>= 4.3) - restriction: && (< monoandroid) (< monotouch) (< net46) (>= netstandard1.3) (< xamarinios) (< xamarinmac) (< xamarintvos) (< xamarinwatchos)
      System.Runtime.Handles (>= 4.3) - restriction: && (< monoandroid) (< monotouch) (< net46) (>= netstandard1.3) (< xamarinios) (< xamarinmac) (< xamarintvos) (< xamarinwatchos)
      System.Runtime.InteropServices (>= 4.3) - restriction: && (< monoandroid) (< monotouch) (< net46) (>= netstandard1.3) (< xamarinios) (< xamarinmac) (< xamarintvos) (< xamarinwatchos)
      System.Security.Cryptography.Primitives (>= 4.3) - restriction: && (< monoandroid) (< monotouch) (< net46) (>= netstandard1.3) (< xamarinios) (< xamarinmac) (< xamarintvos) (< xamarinwatchos)
      System.Text.Encoding (>= 4.3) - restriction: && (< monoandroid) (< monotouch) (< net46) (>= netstandard1.3) (< xamarinios) (< xamarinmac) (< xamarintvos) (< xamarinwatchos)
    System.Security.Cryptography.OpenSsl (4.4) - restriction: || (&& (>= dnxcore50) (>= netstandard1.6)) (&& (< monoandroid) (< monotouch) (< net45) (>= netstandard1.6) (< netstandard2.0) (< win8) (< wpa81) (< xamarinios) (< xamarinmac) (< xamarintvos) (< xamarinwatchos))
      System.Collections (>= 4.3) - restriction: && (< monoandroid) (< monotouch) (< net461) (>= netstandard1.6) (< netstandard2.0) (< xamarinios) (< xamarinmac) (< xamarintvos) (< xamarinwatchos)
      System.IO (>= 4.3) - restriction: && (< monoandroid) (< monotouch) (< net461) (>= netstandard1.6) (< netstandard2.0) (< xamarinios) (< xamarinmac) (< xamarintvos) (< xamarinwatchos)
      System.Resources.ResourceManager (>= 4.3) - restriction: && (< monoandroid) (< monotouch) (< net461) (>= netstandard1.6) (< netstandard2.0) (< xamarinios) (< xamarinmac) (< xamarintvos) (< xamarinwatchos)
      System.Runtime (>= 4.3) - restriction: && (< monoandroid) (< monotouch) (< net461) (>= netstandard1.6) (< netstandard2.0) (< xamarinios) (< xamarinmac) (< xamarintvos) (< xamarinwatchos)
      System.Runtime.Extensions (>= 4.3) - restriction: && (< monoandroid) (< monotouch) (< net461) (>= netstandard1.6) (< netstandard2.0) (< xamarinios) (< xamarinmac) (< xamarintvos) (< xamarinwatchos)
      System.Runtime.Handles (>= 4.3) - restriction: && (< monoandroid) (< monotouch) (< net461) (>= netstandard1.6) (< netstandard2.0) (< xamarinios) (< xamarinmac) (< xamarintvos) (< xamarinwatchos)
      System.Runtime.InteropServices (>= 4.3) - restriction: && (< monoandroid) (< monotouch) (< net461) (>= netstandard1.6) (< netstandard2.0) (< xamarinios) (< xamarinmac) (< xamarintvos) (< xamarinwatchos)
      System.Runtime.Numerics (>= 4.3) - restriction: && (< monoandroid) (< monotouch) (< net461) (>= netstandard1.6) (< netstandard2.0) (< xamarinios) (< xamarinmac) (< xamarintvos) (< xamarinwatchos)
      System.Security.Cryptography.Algorithms (>= 4.3) - restriction: && (< monoandroid) (< monotouch) (< net461) (>= netstandard1.6) (< netstandard2.0) (< xamarinios) (< xamarinmac) (< xamarintvos) (< xamarinwatchos)
      System.Security.Cryptography.Encoding (>= 4.3) - restriction: && (< monoandroid) (< monotouch) (< net461) (>= netstandard1.6) (< netstandard2.0) (< xamarinios) (< xamarinmac) (< xamarintvos) (< xamarinwatchos)
      System.Security.Cryptography.Primitives (>= 4.3) - restriction: && (< monoandroid) (< monotouch) (< net461) (>= netstandard1.6) (< netstandard2.0) (< xamarinios) (< xamarinmac) (< xamarintvos) (< xamarinwatchos)
      System.Text.Encoding (>= 4.3) - restriction: && (< monoandroid) (< monotouch) (< net461) (>= netstandard1.6) (< netstandard2.0) (< xamarinios) (< xamarinmac) (< xamarintvos) (< xamarinwatchos)
    System.Security.Cryptography.Primitives (4.3) - restriction: || (&& (>= dnxcore50) (>= netstandard1.6)) (&& (< monoandroid) (< monotouch) (< net45) (>= netstandard1.6) (< netstandard2.0) (< win8) (< wpa81) (< xamarinios) (< xamarinmac) (< xamarintvos) (< xamarinwatchos))
      System.Diagnostics.Debug (>= 4.3) - restriction: && (< monoandroid) (< monotouch) (< net46) (>= netstandard1.3) (< xamarinios) (< xamarinmac) (< xamarintvos) (< xamarinwatchos)
      System.Globalization (>= 4.3) - restriction: && (< monoandroid) (< monotouch) (< net46) (>= netstandard1.3) (< xamarinios) (< xamarinmac) (< xamarintvos) (< xamarinwatchos)
      System.IO (>= 4.3) - restriction: && (< monoandroid) (< monotouch) (< net46) (>= netstandard1.3) (< xamarinios) (< xamarinmac) (< xamarintvos) (< xamarinwatchos)
      System.Resources.ResourceManager (>= 4.3) - restriction: && (< monoandroid) (< monotouch) (< net46) (>= netstandard1.3) (< xamarinios) (< xamarinmac) (< xamarintvos) (< xamarinwatchos)
      System.Runtime (>= 4.3) - restriction: && (< monoandroid) (< monotouch) (< net46) (>= netstandard1.3) (< xamarinios) (< xamarinmac) (< xamarintvos) (< xamarinwatchos)
      System.Threading (>= 4.3) - restriction: && (< monoandroid) (< monotouch) (< net46) (>= netstandard1.3) (< xamarinios) (< xamarinmac) (< xamarintvos) (< xamarinwatchos)
      System.Threading.Tasks (>= 4.3) - restriction: && (< monoandroid) (< monotouch) (< net46) (>= netstandard1.3) (< xamarinios) (< xamarinmac) (< xamarintvos) (< xamarinwatchos)
    System.Security.Cryptography.X509Certificates (4.3.2) - restriction: || (&& (>= dnxcore50) (>= netstandard1.6)) (&& (< monoandroid) (< monotouch) (< net45) (>= netstandard1.6) (< netstandard2.0) (< win8) (< wpa81) (< xamarinios) (< xamarinmac) (< xamarintvos) (< xamarinwatchos)) (&& (< net45) (>= net46) (>= netstandard1.6) (< netstandard2.0))
      Microsoft.NETCore.Platforms (>= 1.1) - restriction: || (>= dnxcore50) (&& (< monoandroid) (< monotouch) (< net46) (>= netstandard1.6) (< xamarinios) (< xamarinmac) (< xamarintvos) (< xamarinwatchos))
      runtime.native.System (>= 4.3) - restriction: && (< monoandroid) (< monotouch) (< net46) (>= netstandard1.6) (< xamarinios) (< xamarinmac) (< xamarintvos) (< xamarinwatchos)
      runtime.native.System.Net.Http (>= 4.3) - restriction: && (< monoandroid) (< monotouch) (< net46) (>= netstandard1.6) (< xamarinios) (< xamarinmac) (< xamarintvos) (< xamarinwatchos)
      runtime.native.System.Security.Cryptography.OpenSsl (>= 4.3.2) - restriction: && (< monoandroid) (< monotouch) (< net46) (>= netstandard1.6) (< xamarinios) (< xamarinmac) (< xamarintvos) (< xamarinwatchos)
      System.Collections (>= 4.3) - restriction: || (>= dnxcore50) (&& (< monoandroid) (< monotouch) (< net46) (>= netstandard1.6) (< xamarinios) (< xamarinmac) (< xamarintvos) (< xamarinwatchos))
      System.Diagnostics.Debug (>= 4.3) - restriction: && (< monoandroid) (< monotouch) (< net46) (>= netstandard1.6) (< xamarinios) (< xamarinmac) (< xamarintvos) (< xamarinwatchos)
      System.Globalization (>= 4.3) - restriction: || (>= dnxcore50) (&& (< monoandroid) (< monotouch) (< net46) (>= netstandard1.6) (< xamarinios) (< xamarinmac) (< xamarintvos) (< xamarinwatchos))
      System.Globalization.Calendars (>= 4.3) - restriction: || (>= dnxcore50) (&& (< monoandroid) (< monotouch) (< net46) (>= netstandard1.6) (< xamarinios) (< xamarinmac) (< xamarintvos) (< xamarinwatchos))
      System.IO (>= 4.3) - restriction: || (>= dnxcore50) (&& (< monoandroid) (< monotouch) (< net46) (>= netstandard1.6) (< xamarinios) (< xamarinmac) (< xamarintvos) (< xamarinwatchos))
      System.IO.FileSystem (>= 4.3) - restriction: || (>= dnxcore50) (&& (< monoandroid) (< monotouch) (< net46) (>= netstandard1.6) (< xamarinios) (< xamarinmac) (< xamarintvos) (< xamarinwatchos))
      System.IO.FileSystem.Primitives (>= 4.3) - restriction: && (< monoandroid) (< monotouch) (< net46) (>= netstandard1.6) (< xamarinios) (< xamarinmac) (< xamarintvos) (< xamarinwatchos)
      System.Resources.ResourceManager (>= 4.3) - restriction: || (>= dnxcore50) (&& (< monoandroid) (< monotouch) (< net46) (>= netstandard1.6) (< xamarinios) (< xamarinmac) (< xamarintvos) (< xamarinwatchos))
      System.Runtime (>= 4.3) - restriction: || (>= dnxcore50) (&& (< monoandroid) (< monotouch) (< net46) (>= netstandard1.6) (< xamarinios) (< xamarinmac) (< xamarintvos) (< xamarinwatchos)) (&& (< monoandroid) (< net46) (>= netstandard1.3) (< netstandard1.4)) (&& (< monoandroid) (< net46) (>= netstandard1.4) (< netstandard1.6))
      System.Runtime.Extensions (>= 4.3) - restriction: || (>= dnxcore50) (&& (< monoandroid) (< monotouch) (< net46) (>= netstandard1.6) (< xamarinios) (< xamarinmac) (< xamarintvos) (< xamarinwatchos))
      System.Runtime.Handles (>= 4.3) - restriction: || (>= dnxcore50) (&& (< monoandroid) (< monotouch) (< net46) (>= netstandard1.6) (< xamarinios) (< xamarinmac) (< xamarintvos) (< xamarinwatchos)) (&& (< monoandroid) (< net46) (>= netstandard1.3) (< netstandard1.4)) (&& (< monoandroid) (< net46) (>= netstandard1.4) (< netstandard1.6))
      System.Runtime.InteropServices (>= 4.3) - restriction: || (>= dnxcore50) (&& (< monoandroid) (< monotouch) (< net46) (>= netstandard1.6) (< xamarinios) (< xamarinmac) (< xamarintvos) (< xamarinwatchos))
      System.Runtime.Numerics (>= 4.3) - restriction: || (>= dnxcore50) (&& (< monoandroid) (< monotouch) (< net46) (>= netstandard1.6) (< xamarinios) (< xamarinmac) (< xamarintvos) (< xamarinwatchos))
      System.Security.Cryptography.Algorithms (>= 4.3) - restriction: || (>= dnxcore50) (&& (< monoandroid) (< monotouch) (< net46) (>= netstandard1.6) (< xamarinios) (< xamarinmac) (< xamarintvos) (< xamarinwatchos)) (&& (< monoandroid) (< net46) (>= netstandard1.3) (< netstandard1.4)) (&& (< monoandroid) (< net46) (>= netstandard1.4) (< netstandard1.6)) (&& (>= net46) (< netstandard1.4)) (>= net461)
      System.Security.Cryptography.Cng (>= 4.3) - restriction: || (>= dnxcore50) (&& (< monoandroid) (< monotouch) (< net46) (>= netstandard1.6) (< xamarinios) (< xamarinmac) (< xamarintvos) (< xamarinwatchos))
      System.Security.Cryptography.Csp (>= 4.3) - restriction: && (< monoandroid) (< monotouch) (< net46) (>= netstandard1.6) (< xamarinios) (< xamarinmac) (< xamarintvos) (< xamarinwatchos)
      System.Security.Cryptography.Encoding (>= 4.3) - restriction: || (>= dnxcore50) (&& (< monoandroid) (< monotouch) (< net46) (>= netstandard1.6) (< xamarinios) (< xamarinmac) (< xamarintvos) (< xamarinwatchos)) (&& (< monoandroid) (< net46) (>= netstandard1.3) (< netstandard1.4)) (&& (< monoandroid) (< net46) (>= netstandard1.4) (< netstandard1.6)) (&& (>= net46) (< netstandard1.4)) (>= net461)
      System.Security.Cryptography.OpenSsl (>= 4.3) - restriction: && (< monoandroid) (< monotouch) (< net46) (>= netstandard1.6) (< xamarinios) (< xamarinmac) (< xamarintvos) (< xamarinwatchos)
      System.Security.Cryptography.Primitives (>= 4.3) - restriction: || (>= dnxcore50) (&& (< monoandroid) (< monotouch) (< net46) (>= netstandard1.6) (< xamarinios) (< xamarinmac) (< xamarintvos) (< xamarinwatchos))
      System.Text.Encoding (>= 4.3) - restriction: || (>= dnxcore50) (&& (< monoandroid) (< monotouch) (< net46) (>= netstandard1.6) (< xamarinios) (< xamarinmac) (< xamarintvos) (< xamarinwatchos))
      System.Threading (>= 4.3) - restriction: || (>= dnxcore50) (&& (< monoandroid) (< monotouch) (< net46) (>= netstandard1.6) (< xamarinios) (< xamarinmac) (< xamarintvos) (< xamarinwatchos))
    System.Text.Encoding (4.3) - restriction: || (&& (>= dnxcore50) (>= netstandard1.6)) (&& (< monoandroid) (< monotouch) (< net45) (>= netstandard1.6) (< netstandard2.0) (< win8) (< wpa81) (< xamarinios) (< xamarinmac) (< xamarintvos) (< xamarinwatchos)) (&& (< monoandroid) (< net45) (< netstandard1.3) (>= netstandard1.6) (< win8) (< wpa81)) (&& (< monoandroid) (< net45) (< netstandard1.5) (>= netstandard1.6) (< win8) (< wpa81))
      Microsoft.NETCore.Platforms (>= 1.1) - restriction: || (>= dnxcore50) (&& (< monoandroid) (< monotouch) (< net45) (>= netstandard1.3) (< win8) (< wpa81) (< xamarinios) (< xamarinmac) (< xamarintvos) (< xamarinwatchos)) (&& (< monoandroid) (< net45) (>= netstandard1.0) (< netstandard1.3) (< win8) (< wp8) (< wpa81))
      Microsoft.NETCore.Targets (>= 1.1) - restriction: || (>= dnxcore50) (&& (< monoandroid) (< monotouch) (< net45) (>= netstandard1.3) (< win8) (< wpa81) (< xamarinios) (< xamarinmac) (< xamarintvos) (< xamarinwatchos)) (&& (< monoandroid) (< net45) (>= netstandard1.0) (< netstandard1.3) (< win8) (< wp8) (< wpa81))
      System.Runtime (>= 4.3) - restriction: || (>= dnxcore50) (&& (< monoandroid) (< monotouch) (< net45) (>= netstandard1.3) (< win8) (< wpa81) (< xamarinios) (< xamarinmac) (< xamarintvos) (< xamarinwatchos)) (&& (< monoandroid) (< net45) (>= netstandard1.0) (< netstandard1.3) (< win8) (< wp8) (< wpa81))
    System.Text.RegularExpressions (4.3) - restriction: && (< net45) (>= netstandard1.6) (< netstandard2.0)
      System.Collections (>= 4.3) - restriction: || (>= dnxcore50) (&& (< monotouch) (< net45) (< netcoreapp1.1) (>= netstandard1.6) (< win8) (< wpa81) (< xamarinios) (< xamarinmac) (< xamarintvos) (< xamarinwatchos))
      System.Globalization (>= 4.3) - restriction: || (>= dnxcore50) (&& (< monotouch) (< net45) (< netcoreapp1.1) (>= netstandard1.6) (< win8) (< wpa81) (< xamarinios) (< xamarinmac) (< xamarintvos) (< xamarinwatchos))
      System.Resources.ResourceManager (>= 4.3) - restriction: || (>= dnxcore50) (&& (< monotouch) (< net45) (< netcoreapp1.1) (>= netstandard1.6) (< win8) (< wpa81) (< xamarinios) (< xamarinmac) (< xamarintvos) (< xamarinwatchos))
      System.Runtime (>= 4.3) - restriction: || (>= dnxcore50) (&& (< monoandroid) (< net45) (>= netstandard1.0) (< netstandard1.3) (< win8) (< wp8) (< wpa81)) (&& (< monoandroid) (< net45) (>= netstandard1.3) (< netstandard1.6) (< win8) (< wpa81)) (&& (< monotouch) (< net45) (>= netstandard1.6) (< win8) (< wpa81) (< xamarinios) (< xamarinmac) (< xamarintvos) (< xamarinwatchos)) (>= netcoreapp1.1)
      System.Runtime.Extensions (>= 4.3) - restriction: || (>= dnxcore50) (&& (< monotouch) (< net45) (< netcoreapp1.1) (>= netstandard1.6) (< win8) (< wpa81) (< xamarinios) (< xamarinmac) (< xamarintvos) (< xamarinwatchos))
      System.Threading (>= 4.3) - restriction: || (>= dnxcore50) (&& (< monotouch) (< net45) (< netcoreapp1.1) (>= netstandard1.6) (< win8) (< wpa81) (< xamarinios) (< xamarinmac) (< xamarintvos) (< xamarinwatchos))
    System.Threading (4.3) - restriction: || (&& (>= dnxcore50) (>= netstandard1.6)) (&& (< net45) (>= netstandard1.6) (< netstandard2.0))
      System.Runtime (>= 4.3) - restriction: || (>= dnxcore50) (&& (< monoandroid) (< monotouch) (< net45) (>= netstandard1.3) (< win8) (< wpa81) (< xamarinios) (< xamarinmac) (< xamarintvos) (< xamarinwatchos)) (&& (< monoandroid) (< net45) (>= netstandard1.0) (< netstandard1.3) (< win8) (< wp8) (< wpa81))
      System.Threading.Tasks (>= 4.3) - restriction: || (>= dnxcore50) (&& (< monoandroid) (< monotouch) (< net45) (>= netstandard1.3) (< win8) (< wpa81) (< xamarinios) (< xamarinmac) (< xamarintvos) (< xamarinwatchos)) (&& (< monoandroid) (< net45) (>= netstandard1.0) (< netstandard1.3) (< win8) (< wp8) (< wpa81))
    System.Threading.Tasks (4.3) - restriction: || (&& (>= dnxcore50) (>= netstandard1.6)) (&& (< monoandroid) (< net45) (< netstandard1.3) (>= netstandard1.6) (< win8) (< wpa81)) (&& (< monoandroid) (< net45) (< netstandard1.5) (>= netstandard1.6) (< win8) (< wpa81)) (&& (< net45) (>= netstandard1.6) (< netstandard2.0))
      Microsoft.NETCore.Platforms (>= 1.1) - restriction: || (>= dnxcore50) (&& (< monoandroid) (< monotouch) (< net45) (>= netstandard1.3) (< win8) (< wpa81) (< xamarinios) (< xamarinmac) (< xamarintvos) (< xamarinwatchos)) (&& (< monoandroid) (< net45) (>= netstandard1.0) (< netstandard1.3) (< win8) (< wp8) (< wpa81))
      Microsoft.NETCore.Targets (>= 1.1) - restriction: || (>= dnxcore50) (&& (< monoandroid) (< monotouch) (< net45) (>= netstandard1.3) (< win8) (< wpa81) (< xamarinios) (< xamarinmac) (< xamarintvos) (< xamarinwatchos)) (&& (< monoandroid) (< net45) (>= netstandard1.0) (< netstandard1.3) (< win8) (< wp8) (< wpa81))
      System.Runtime (>= 4.3) - restriction: || (>= dnxcore50) (&& (< monoandroid) (< monotouch) (< net45) (>= netstandard1.3) (< win8) (< wpa81) (< xamarinios) (< xamarinmac) (< xamarintvos) (< xamarinwatchos)) (&& (< monoandroid) (< net45) (>= netstandard1.0) (< netstandard1.3) (< win8) (< wp8) (< wpa81))
    System.Threading.Tasks.Parallel (4.3) - restriction: && (< net45) (>= netstandard1.6) (< netstandard2.0)
      System.Collections.Concurrent (>= 4.3) - restriction: || (>= dnxcore50) (&& (< monoandroid) (< monotouch) (< net45) (>= netstandard1.3) (< win8) (< wpa81) (< xamarinios) (< xamarinmac) (< xamarintvos) (< xamarinwatchos)) (&& (< monoandroid) (< net45) (>= netstandard1.1) (< netstandard1.3) (< win8) (< wpa81))
      System.Diagnostics.Debug (>= 4.3) - restriction: || (>= dnxcore50) (&& (< monoandroid) (< monotouch) (< net45) (>= netstandard1.3) (< win8) (< wpa81) (< xamarinios) (< xamarinmac) (< xamarintvos) (< xamarinwatchos))
      System.Diagnostics.Tracing (>= 4.3) - restriction: || (>= dnxcore50) (&& (< monoandroid) (< monotouch) (< net45) (>= netstandard1.3) (< win8) (< wpa81) (< xamarinios) (< xamarinmac) (< xamarintvos) (< xamarinwatchos))
      System.Resources.ResourceManager (>= 4.3) - restriction: || (>= dnxcore50) (&& (< monoandroid) (< monotouch) (< net45) (>= netstandard1.3) (< win8) (< wpa81) (< xamarinios) (< xamarinmac) (< xamarintvos) (< xamarinwatchos))
      System.Runtime (>= 4.3) - restriction: || (>= dnxcore50) (&& (< monoandroid) (< monotouch) (< net45) (>= netstandard1.3) (< win8) (< wpa81) (< xamarinios) (< xamarinmac) (< xamarintvos) (< xamarinwatchos)) (&& (< monoandroid) (< net45) (>= netstandard1.1) (< netstandard1.3) (< win8) (< wpa81))
      System.Runtime.Extensions (>= 4.3) - restriction: || (>= dnxcore50) (&& (< monoandroid) (< monotouch) (< net45) (>= netstandard1.3) (< win8) (< wpa81) (< xamarinios) (< xamarinmac) (< xamarintvos) (< xamarinwatchos))
      System.Threading (>= 4.3) - restriction: || (>= dnxcore50) (&& (< monoandroid) (< monotouch) (< net45) (>= netstandard1.3) (< win8) (< wpa81) (< xamarinios) (< xamarinmac) (< xamarintvos) (< xamarinwatchos))
      System.Threading.Tasks (>= 4.3) - restriction: || (>= dnxcore50) (&& (< monoandroid) (< monotouch) (< net45) (>= netstandard1.3) (< win8) (< wpa81) (< xamarinios) (< xamarinmac) (< xamarintvos) (< xamarinwatchos)) (&& (< monoandroid) (< net45) (>= netstandard1.1) (< netstandard1.3) (< win8) (< wpa81))
    System.Threading.Thread (4.3) - restriction: && (< net45) (>= netstandard1.6) (< netstandard2.0)
      System.Runtime (>= 4.3) - restriction: && (< monoandroid) (< monotouch) (< net46) (>= netstandard1.3) (< xamarinios) (< xamarinmac) (< xamarintvos) (< xamarinwatchos)
    System.Threading.ThreadPool (4.3) - restriction: && (< net45) (>= netstandard1.6) (< netstandard2.0)
      System.Runtime (>= 4.3) - restriction: && (< monoandroid) (< monotouch) (< net46) (>= netstandard1.3) (< xamarinios) (< xamarinmac) (< xamarintvos) (< xamarinwatchos)
      System.Runtime.Handles (>= 4.3) - restriction: && (< monoandroid) (< monotouch) (< net46) (>= netstandard1.3) (< xamarinios) (< xamarinmac) (< xamarintvos) (< xamarinwatchos)
    System.Threading.Timer (4.3) - restriction: && (< net45) (>= netstandard1.6) (< netstandard2.0)
      Microsoft.NETCore.Platforms (>= 1.1) - restriction: || (>= dnxcore50) (&& (< monoandroid) (< monotouch) (< net451) (>= netstandard1.2) (< win81) (< wpa81) (< xamarinios) (< xamarinmac) (< xamarintvos) (< xamarinwatchos))
      Microsoft.NETCore.Targets (>= 1.1) - restriction: || (>= dnxcore50) (&& (< monoandroid) (< monotouch) (< net451) (>= netstandard1.2) (< win81) (< wpa81) (< xamarinios) (< xamarinmac) (< xamarintvos) (< xamarinwatchos))
      System.Runtime (>= 4.3) - restriction: || (>= dnxcore50) (&& (< monoandroid) (< monotouch) (< net451) (>= netstandard1.2) (< win81) (< wpa81) (< xamarinios) (< xamarinmac) (< xamarintvos) (< xamarinwatchos))

GROUP Build
RESTRICTION: == net45
NUGET
  remote: https://api.nuget.org/v3/index.json
    FAKE (4.64.11)
    FAKE.Lib (4.64.11)
    FAKE.Persimmon (1.0.4)
      FAKE.Lib (>= 4.1)
      Persimmon.Console (>= 1.0.2)
    FSharp.Compiler.Service (2.0.0.6)
    FSharp.Formatting (2.14.4)
      FSharp.Compiler.Service (2.0.0.6)
      FSharpVSPowerTools.Core (>= 2.3 < 2.4)
    FSharpVSPowerTools.Core (2.3)
      FSharp.Compiler.Service (>= 2.0.0.3)
    NuGet.CommandLine (4.6.2)
    Octokit (0.29)
    Persimmon.Console (3.1.1)
    SourceLink.Fake (1.1)
GITHUB
  remote: fsharp/FAKE
    modules/Octokit/Octokit.fsx (2bd41546d8549654ad4d4b5639425537afe5e1f7)
      Octokit (>= 0.20)
  remote: persimmon-projects/Persimmon.Materials
    StandardIcons/persimmon.ico (1a99f5e2f177b3108a9b8633010db8269b6a6d9d)
    StandardIcons/persimmon_128.png (1a99f5e2f177b3108a9b8633010db8269b6a6d9d)
GROUP Example
RESTRICTION: || (== net45) (== netcoreapp2.0) (== netstandard1.6) (== netstandard2.0)
NUGET
  remote: https://api.nuget.org/v3/index.json
    CloudStructures (1.2)
      Jil (>= 2.10)
      StackExchange.Redis (>= 1.0.481)
    FSharp.Core (4.5)
      System.Collections (>= 4.0.11) - restriction: || (&& (== net45) (== netcoreapp2.0)) (&& (== netcoreapp2.0) (< netstandard2.0)) (== netstandard1.6)
      System.Console (>= 4.0) - restriction: || (&& (== net45) (== netcoreapp2.0)) (&& (== netcoreapp2.0) (< netstandard2.0)) (== netstandard1.6)
      System.Diagnostics.Debug (>= 4.0.11) - restriction: || (&& (== net45) (== netcoreapp2.0)) (&& (== netcoreapp2.0) (< netstandard2.0)) (== netstandard1.6)
      System.Diagnostics.Tools (>= 4.0.1) - restriction: || (&& (== net45) (== netcoreapp2.0)) (&& (== netcoreapp2.0) (< netstandard2.0)) (== netstandard1.6)
      System.Globalization (>= 4.0.11) - restriction: || (&& (== net45) (== netcoreapp2.0)) (&& (== netcoreapp2.0) (< netstandard2.0)) (== netstandard1.6)
      System.IO (>= 4.1) - restriction: || (&& (== net45) (== netcoreapp2.0)) (&& (== netcoreapp2.0) (< netstandard2.0)) (== netstandard1.6)
      System.Linq (>= 4.1) - restriction: || (&& (== net45) (== netcoreapp2.0)) (&& (== netcoreapp2.0) (< netstandard2.0)) (== netstandard1.6)
      System.Linq.Expressions (>= 4.1) - restriction: || (&& (== net45) (== netcoreapp2.0)) (&& (== netcoreapp2.0) (< netstandard2.0)) (== netstandard1.6)
      System.Linq.Queryable (>= 4.0.1) - restriction: || (&& (== net45) (== netcoreapp2.0)) (&& (== netcoreapp2.0) (< netstandard2.0)) (== netstandard1.6)
      System.Net.Requests (>= 4.0.11) - restriction: || (&& (== net45) (== netcoreapp2.0)) (&& (== netcoreapp2.0) (< netstandard2.0)) (== netstandard1.6)
      System.Reflection (>= 4.1) - restriction: || (&& (== net45) (== netcoreapp2.0)) (&& (== netcoreapp2.0) (< netstandard2.0)) (== netstandard1.6)
      System.Reflection.Extensions (>= 4.0.1) - restriction: || (&& (== net45) (== netcoreapp2.0)) (&& (== netcoreapp2.0) (< netstandard2.0)) (== netstandard1.6)
      System.Resources.ResourceManager (>= 4.0.1) - restriction: || (&& (== net45) (== netcoreapp2.0)) (&& (== netcoreapp2.0) (< netstandard2.0)) (== netstandard1.6)
      System.Runtime (>= 4.1) - restriction: || (&& (== net45) (== netcoreapp2.0)) (&& (== netcoreapp2.0) (< netstandard2.0)) (== netstandard1.6)
      System.Runtime.Extensions (>= 4.1) - restriction: || (&& (== net45) (== netcoreapp2.0)) (&& (== netcoreapp2.0) (< netstandard2.0)) (== netstandard1.6)
      System.Runtime.Numerics (>= 4.0.1) - restriction: || (&& (== net45) (== netcoreapp2.0)) (&& (== netcoreapp2.0) (< netstandard2.0)) (== netstandard1.6)
      System.Text.RegularExpressions (>= 4.1) - restriction: || (&& (== net45) (== netcoreapp2.0)) (&& (== netcoreapp2.0) (< netstandard2.0)) (== netstandard1.6)
      System.Threading (>= 4.0.11) - restriction: || (&& (== net45) (== netcoreapp2.0)) (&& (== netcoreapp2.0) (< netstandard2.0)) (== netstandard1.6)
      System.Threading.Tasks (>= 4.0.11) - restriction: || (&& (== net45) (== netcoreapp2.0)) (&& (== netcoreapp2.0) (< netstandard2.0)) (== netstandard1.6)
      System.Threading.Tasks.Parallel (>= 4.0.1) - restriction: || (&& (== net45) (== netcoreapp2.0)) (&& (== netcoreapp2.0) (< netstandard2.0)) (== netstandard1.6)
      System.Threading.Thread (>= 4.0) - restriction: || (&& (== net45) (== netcoreapp2.0)) (&& (== netcoreapp2.0) (< netstandard2.0)) (== netstandard1.6)
      System.Threading.ThreadPool (>= 4.0.10) - restriction: || (&& (== net45) (== netcoreapp2.0)) (&& (== netcoreapp2.0) (< netstandard2.0)) (== netstandard1.6)
      System.Threading.Timer (>= 4.0.1) - restriction: || (&& (== net45) (== netcoreapp2.0)) (&& (== netcoreapp2.0) (< netstandard2.0)) (== netstandard1.6)
    Jil (2.15.4)
      Microsoft.CSharp (>= 4.3) - restriction: || (== netcoreapp2.0) (== netstandard1.6) (== netstandard2.0)
      NETStandard.Library (>= 1.6.1) - restriction: || (== netcoreapp2.0) (== netstandard1.6) (== netstandard2.0)
      Sigil (>= 4.7)
      System.Collections (>= 4.3) - restriction: || (== netcoreapp2.0) (== netstandard1.6) (== netstandard2.0)
      System.Collections.NonGeneric (>= 4.3) - restriction: || (== netcoreapp2.0) (== netstandard1.6) (== netstandard2.0)
      System.ComponentModel (>= 4.3) - restriction: || (== netcoreapp2.0) (== netstandard1.6) (== netstandard2.0)
      System.ComponentModel.TypeConverter (>= 4.3) - restriction: || (== netcoreapp2.0) (== netstandard1.6) (== netstandard2.0)
      System.Dynamic.Runtime (>= 4.3) - restriction: || (== netcoreapp2.0) (== netstandard1.6) (== netstandard2.0)
      System.Reflection (>= 4.3) - restriction: || (== netcoreapp2.0) (== netstandard1.6) (== netstandard2.0)
      System.Runtime.Serialization.Primitives (>= 4.3) - restriction: || (== netcoreapp2.0) (== netstandard1.6) (== netstandard2.0)
    Microsoft.CSharp (4.4.1) - restriction: || (== netcoreapp2.0) (== netstandard1.6) (== netstandard2.0)
      NETStandard.Library (>= 1.6.1) - restriction: || (&& (== net45) (== netcoreapp2.0)) (&& (== net45) (>= dnxcore50)) (&& (== net45) (< portable-net45+win8+wpa81)) (&& (== netcoreapp2.0) (>= dnxcore50)) (&& (== netcoreapp2.0) (< netstandard2.0)) (&& (== netcoreapp2.0) (< portable-net45+win8+wpa81)) (== netstandard1.6) (&& (== netstandard2.0) (>= dnxcore50)) (&& (== netstandard2.0) (< portable-net45+win8+wpa81))
      System.Dynamic.Runtime (>= 4.3) - restriction: || (&& (== net45) (== netcoreapp2.0)) (&& (== net45) (>= dnxcore50)) (&& (== net45) (< portable-net45+win8+wpa81)) (&& (== netcoreapp2.0) (>= dnxcore50)) (&& (== netcoreapp2.0) (< netstandard2.0)) (&& (== netcoreapp2.0) (< portable-net45+win8+wpa81)) (== netstandard1.6) (&& (== netstandard2.0) (>= dnxcore50)) (&& (== netstandard2.0) (< portable-net45+win8+wpa81))
      System.Reflection.TypeExtensions (>= 4.4) - restriction: || (&& (== net45) (== netcoreapp2.0)) (&& (== net45) (>= dnxcore50)) (&& (== netcoreapp2.0) (>= dnxcore50)) (&& (== netcoreapp2.0) (< netstandard2.0)) (== netstandard1.6) (&& (== netstandard2.0) (>= dnxcore50))
    Microsoft.NETCore.Platforms (2.0.1) - restriction: || (== netcoreapp2.0) (== netstandard1.6) (== netstandard2.0)
    Microsoft.NETCore.Targets (2.0) - restriction: || (== netcoreapp2.0) (== netstandard1.6) (== netstandard2.0)
    Microsoft.Win32.Primitives (4.3) - restriction: || (== netcoreapp2.0) (== netstandard1.6) (== netstandard2.0)
      Microsoft.NETCore.Platforms (>= 1.1) - restriction: || (&& (== net45) (>= netstandard1.3)) (== netcoreapp2.0) (== netstandard1.6) (== netstandard2.0)
      Microsoft.NETCore.Targets (>= 1.1) - restriction: || (&& (== net45) (>= netstandard1.3)) (== netcoreapp2.0) (== netstandard1.6) (== netstandard2.0)
      System.Runtime (>= 4.3) - restriction: || (&& (== net45) (>= netstandard1.3)) (== netcoreapp2.0) (== netstandard1.6) (== netstandard2.0)
    NETStandard.Library (2.0.1) - restriction: || (== netcoreapp2.0) (== netstandard1.6) (== netstandard2.0)
      Microsoft.NETCore.Platforms (>= 1.1)
      Microsoft.Win32.Primitives (>= 4.3) - restriction: || (&& (== net45) (== netcoreapp2.0)) (&& (== net45) (== netstandard2.0)) (&& (== net45) (>= net46)) (&& (== net45) (>= uap10.0)) (&& (== netcoreapp2.0) (< netstandard1.4)) (&& (== netcoreapp2.0) (< netstandard1.5)) (&& (== netcoreapp2.0) (< netstandard1.6)) (&& (== netcoreapp2.0) (< netstandard2.0)) (== netstandard1.6) (&& (== netstandard2.0) (< netstandard1.4)) (&& (== netstandard2.0) (< netstandard1.5)) (&& (== netstandard2.0) (< netstandard1.6))
      System.AppContext (>= 4.3) - restriction: || (&& (== net45) (== netcoreapp2.0)) (&& (== net45) (== netstandard2.0)) (&& (== net45) (>= net46)) (&& (== net45) (>= uap10.0)) (&& (== netcoreapp2.0) (< netstandard1.4)) (&& (== netcoreapp2.0) (< netstandard1.5)) (&& (== netcoreapp2.0) (< netstandard1.6)) (&& (== netcoreapp2.0) (< netstandard2.0)) (== netstandard1.6) (&& (== netstandard2.0) (< netstandard1.4)) (&& (== netstandard2.0) (< netstandard1.5)) (&& (== netstandard2.0) (< netstandard1.6))
      System.Collections (>= 4.3) - restriction: || (&& (== net45) (== netcoreapp2.0)) (&& (== net45) (== netstandard2.0)) (&& (== net45) (< portable-net45+win8+wpa81)) (&& (== net45) (>= uap10.0)) (&& (== netcoreapp2.0) (< netstandard1.3)) (&& (== netcoreapp2.0) (< netstandard1.4)) (&& (== netcoreapp2.0) (< netstandard1.5)) (&& (== netcoreapp2.0) (< netstandard1.6)) (&& (== netcoreapp2.0) (< netstandard2.0)) (&& (== netcoreapp2.0) (< portable-net45+win8+wpa81)) (&& (== netcoreapp2.0) (< portable-net451+win81+wpa81)) (== netstandard1.6) (&& (== netstandard2.0) (< netstandard1.3)) (&& (== netstandard2.0) (< netstandard1.4)) (&& (== netstandard2.0) (< netstandard1.5)) (&& (== netstandard2.0) (< netstandard1.6)) (&& (== netstandard2.0) (< portable-net45+win8+wpa81)) (&& (== netstandard2.0) (< portable-net451+win81+wpa81))
      System.Collections.Concurrent (>= 4.3) - restriction: || (&& (== net45) (== netcoreapp2.0)) (&& (== net45) (== netstandard2.0)) (&& (== net45) (>= uap10.0)) (&& (== netcoreapp2.0) (< netstandard1.3)) (&& (== netcoreapp2.0) (< netstandard1.4)) (&& (== netcoreapp2.0) (< netstandard1.5)) (&& (== netcoreapp2.0) (< netstandard1.6)) (&& (== netcoreapp2.0) (< netstandard2.0)) (&& (== netcoreapp2.0) (< portable-net451+win81+wpa81)) (== netstandard1.6) (&& (== netstandard2.0) (< netstandard1.3)) (&& (== netstandard2.0) (< netstandard1.4)) (&& (== netstandard2.0) (< netstandard1.5)) (&& (== netstandard2.0) (< netstandard1.6)) (&& (== netstandard2.0) (< portable-net451+win81+wpa81))
      System.Console (>= 4.3) - restriction: || (&& (== net45) (== netcoreapp2.0)) (&& (== net45) (== netstandard2.0)) (&& (== net45) (>= net46)) (&& (== net45) (>= uap10.0)) (&& (== netcoreapp2.0) (< netstandard1.4)) (&& (== netcoreapp2.0) (< netstandard1.5)) (&& (== netcoreapp2.0) (< netstandard1.6)) (&& (== netcoreapp2.0) (< netstandard2.0)) (== netstandard1.6) (&& (== netstandard2.0) (< netstandard1.4)) (&& (== netstandard2.0) (< netstandard1.5)) (&& (== netstandard2.0) (< netstandard1.6))
      System.Diagnostics.Debug (>= 4.3) - restriction: || (&& (== net45) (== netcoreapp2.0)) (&& (== net45) (== netstandard2.0)) (&& (== net45) (< portable-net45+win8+wpa81)) (&& (== net45) (>= uap10.0)) (&& (== netcoreapp2.0) (< netstandard1.3)) (&& (== netcoreapp2.0) (< netstandard1.4)) (&& (== netcoreapp2.0) (< netstandard1.5)) (&& (== netcoreapp2.0) (< netstandard1.6)) (&& (== netcoreapp2.0) (< netstandard2.0)) (&& (== netcoreapp2.0) (< portable-net45+win8+wpa81)) (&& (== netcoreapp2.0) (< portable-net451+win81+wpa81)) (== netstandard1.6) (&& (== netstandard2.0) (< netstandard1.3)) (&& (== netstandard2.0) (< netstandard1.4)) (&& (== netstandard2.0) (< netstandard1.5)) (&& (== netstandard2.0) (< netstandard1.6)) (&& (== netstandard2.0) (< portable-net45+win8+wpa81)) (&& (== netstandard2.0) (< portable-net451+win81+wpa81))
      System.Diagnostics.Tools (>= 4.3) - restriction: || (&& (== net45) (== netcoreapp2.0)) (&& (== net45) (== netstandard2.0)) (&& (== net45) (< portable-net45+win8+wpa81)) (&& (== net45) (>= uap10.0)) (&& (== netcoreapp2.0) (< netstandard1.3)) (&& (== netcoreapp2.0) (< netstandard1.4)) (&& (== netcoreapp2.0) (< netstandard1.5)) (&& (== netcoreapp2.0) (< netstandard1.6)) (&& (== netcoreapp2.0) (< netstandard2.0)) (&& (== netcoreapp2.0) (< portable-net45+win8+wpa81)) (&& (== netcoreapp2.0) (< portable-net451+win81+wpa81)) (== netstandard1.6) (&& (== netstandard2.0) (< netstandard1.3)) (&& (== netstandard2.0) (< netstandard1.4)) (&& (== netstandard2.0) (< netstandard1.5)) (&& (== netstandard2.0) (< netstandard1.6)) (&& (== netstandard2.0) (< portable-net45+win8+wpa81)) (&& (== netstandard2.0) (< portable-net451+win81+wpa81))
      System.Diagnostics.Tracing (>= 4.3) - restriction: || (&& (== net45) (== netcoreapp2.0)) (&& (== net45) (== netstandard2.0)) (&& (== net45) (>= uap10.0)) (&& (== netcoreapp2.0) (< netstandard1.3)) (&& (== netcoreapp2.0) (< netstandard1.4)) (&& (== netcoreapp2.0) (< netstandard1.5)) (&& (== netcoreapp2.0) (< netstandard1.6)) (&& (== netcoreapp2.0) (< netstandard2.0)) (&& (== netcoreapp2.0) (< portable-net451+win81+wpa81)) (== netstandard1.6) (&& (== netstandard2.0) (< netstandard1.3)) (&& (== netstandard2.0) (< netstandard1.4)) (&& (== netstandard2.0) (< netstandard1.5)) (&& (== netstandard2.0) (< netstandard1.6)) (&& (== netstandard2.0) (< portable-net451+win81+wpa81))
      System.Globalization (>= 4.3) - restriction: || (&& (== net45) (== netcoreapp2.0)) (&& (== net45) (== netstandard2.0)) (&& (== net45) (< portable-net45+win8+wpa81)) (&& (== net45) (>= uap10.0)) (&& (== netcoreapp2.0) (< netstandard1.3)) (&& (== netcoreapp2.0) (< netstandard1.4)) (&& (== netcoreapp2.0) (< netstandard1.5)) (&& (== netcoreapp2.0) (< netstandard1.6)) (&& (== netcoreapp2.0) (< netstandard2.0)) (&& (== netcoreapp2.0) (< portable-net45+win8+wpa81)) (&& (== netcoreapp2.0) (< portable-net451+win81+wpa81)) (== netstandard1.6) (&& (== netstandard2.0) (< netstandard1.3)) (&& (== netstandard2.0) (< netstandard1.4)) (&& (== netstandard2.0) (< netstandard1.5)) (&& (== netstandard2.0) (< netstandard1.6)) (&& (== netstandard2.0) (< portable-net45+win8+wpa81)) (&& (== netstandard2.0) (< portable-net451+win81+wpa81))
      System.Globalization.Calendars (>= 4.3) - restriction: || (&& (== net45) (== netcoreapp2.0)) (&& (== net45) (== netstandard2.0)) (&& (== net45) (>= net46)) (&& (== net45) (>= uap10.0)) (&& (== netcoreapp2.0) (< netstandard1.4)) (&& (== netcoreapp2.0) (< netstandard1.5)) (&& (== netcoreapp2.0) (< netstandard1.6)) (&& (== netcoreapp2.0) (< netstandard2.0)) (== netstandard1.6) (&& (== netstandard2.0) (< netstandard1.4)) (&& (== netstandard2.0) (< netstandard1.5)) (&& (== netstandard2.0) (< netstandard1.6))
      System.IO (>= 4.3) - restriction: || (&& (== net45) (== netcoreapp2.0)) (&& (== net45) (== netstandard2.0)) (&& (== net45) (< portable-net45+win8+wpa81)) (&& (== net45) (>= uap10.0)) (&& (== netcoreapp2.0) (< netstandard1.3)) (&& (== netcoreapp2.0) (< netstandard1.4)) (&& (== netcoreapp2.0) (< netstandard1.5)) (&& (== netcoreapp2.0) (< netstandard1.6)) (&& (== netcoreapp2.0) (< netstandard2.0)) (&& (== netcoreapp2.0) (< portable-net45+win8+wpa81)) (&& (== netcoreapp2.0) (< portable-net451+win81+wpa81)) (== netstandard1.6) (&& (== netstandard2.0) (< netstandard1.3)) (&& (== netstandard2.0) (< netstandard1.4)) (&& (== netstandard2.0) (< netstandard1.5)) (&& (== netstandard2.0) (< netstandard1.6)) (&& (== netstandard2.0) (< portable-net45+win8+wpa81)) (&& (== netstandard2.0) (< portable-net451+win81+wpa81))
      System.IO.Compression (>= 4.3) - restriction: || (&& (== net45) (== netcoreapp2.0)) (&& (== net45) (== netstandard2.0)) (&& (== net45) (>= net46)) (&& (== net45) (>= uap10.0)) (&& (== netcoreapp2.0) (< netstandard1.3)) (&& (== netcoreapp2.0) (< netstandard1.4)) (&& (== netcoreapp2.0) (< netstandard1.5)) (&& (== netcoreapp2.0) (< netstandard1.6)) (&& (== netcoreapp2.0) (< netstandard2.0)) (&& (== netcoreapp2.0) (< portable-net451+win81+wpa81)) (== netstandard1.6) (&& (== netstandard2.0) (< netstandard1.3)) (&& (== netstandard2.0) (< netstandard1.4)) (&& (== netstandard2.0) (< netstandard1.5)) (&& (== netstandard2.0) (< netstandard1.6)) (&& (== netstandard2.0) (< portable-net451+win81+wpa81))
      System.IO.Compression.ZipFile (>= 4.3) - restriction: || (&& (== net45) (== netcoreapp2.0)) (&& (== net45) (== netstandard2.0)) (&& (== net45) (>= net46)) (&& (== net45) (>= uap10.0)) (&& (== netcoreapp2.0) (< netstandard1.4)) (&& (== netcoreapp2.0) (< netstandard1.5)) (&& (== netcoreapp2.0) (< netstandard1.6)) (&& (== netcoreapp2.0) (< netstandard2.0)) (== netstandard1.6) (&& (== netstandard2.0) (< netstandard1.4)) (&& (== netstandard2.0) (< netstandard1.5)) (&& (== netstandard2.0) (< netstandard1.6))
      System.IO.FileSystem (>= 4.3) - restriction: || (&& (== net45) (== netcoreapp2.0)) (&& (== net45) (== netstandard2.0)) (&& (== net45) (>= net46)) (&& (== net45) (>= uap10.0)) (&& (== netcoreapp2.0) (< netstandard1.4)) (&& (== netcoreapp2.0) (< netstandard1.5)) (&& (== netcoreapp2.0) (< netstandard1.6)) (&& (== netcoreapp2.0) (< netstandard2.0)) (== netstandard1.6) (&& (== netstandard2.0) (< netstandard1.4)) (&& (== netstandard2.0) (< netstandard1.5)) (&& (== netstandard2.0) (< netstandard1.6))
      System.IO.FileSystem.Primitives (>= 4.3) - restriction: || (&& (== net45) (== netcoreapp2.0)) (&& (== net45) (== netstandard2.0)) (&& (== net45) (>= net46)) (&& (== net45) (>= uap10.0)) (&& (== netcoreapp2.0) (< netstandard1.4)) (&& (== netcoreapp2.0) (< netstandard1.5)) (&& (== netcoreapp2.0) (< netstandard1.6)) (&& (== netcoreapp2.0) (< netstandard2.0)) (== netstandard1.6) (&& (== netstandard2.0) (< netstandard1.4)) (&& (== netstandard2.0) (< netstandard1.5)) (&& (== netstandard2.0) (< netstandard1.6))
      System.Linq (>= 4.3) - restriction: || (&& (== net45) (== netcoreapp2.0)) (&& (== net45) (== netstandard2.0)) (&& (== net45) (< portable-net45+win8+wpa81)) (&& (== net45) (>= uap10.0)) (&& (== netcoreapp2.0) (< netstandard1.3)) (&& (== netcoreapp2.0) (< netstandard1.4)) (&& (== netcoreapp2.0) (< netstandard1.5)) (&& (== netcoreapp2.0) (< netstandard1.6)) (&& (== netcoreapp2.0) (< netstandard2.0)) (&& (== netcoreapp2.0) (< portable-net45+win8+wpa81)) (&& (== netcoreapp2.0) (< portable-net451+win81+wpa81)) (== netstandard1.6) (&& (== netstandard2.0) (< netstandard1.3)) (&& (== netstandard2.0) (< netstandard1.4)) (&& (== netstandard2.0) (< netstandard1.5)) (&& (== netstandard2.0) (< netstandard1.6)) (&& (== netstandard2.0) (< portable-net45+win8+wpa81)) (&& (== netstandard2.0) (< portable-net451+win81+wpa81))
      System.Linq.Expressions (>= 4.3) - restriction: || (&& (== net45) (== netcoreapp2.0)) (&& (== net45) (== netstandard2.0)) (&& (== net45) (< portable-net45+win8+wpa81)) (&& (== net45) (>= uap10.0)) (&& (== netcoreapp2.0) (< netstandard1.3)) (&& (== netcoreapp2.0) (< netstandard1.4)) (&& (== netcoreapp2.0) (< netstandard1.5)) (&& (== netcoreapp2.0) (< netstandard1.6)) (&& (== netcoreapp2.0) (< netstandard2.0)) (&& (== netcoreapp2.0) (< portable-net45+win8+wpa81)) (&& (== netcoreapp2.0) (< portable-net451+win81+wpa81)) (== netstandard1.6) (&& (== netstandard2.0) (< netstandard1.3)) (&& (== netstandard2.0) (< netstandard1.4)) (&& (== netstandard2.0) (< netstandard1.5)) (&& (== netstandard2.0) (< netstandard1.6)) (&& (== netstandard2.0) (< portable-net45+win8+wpa81)) (&& (== netstandard2.0) (< portable-net451+win81+wpa81))
      System.Net.Http (>= 4.3.2) - restriction: || (&& (== net45) (== netcoreapp2.0)) (&& (== net45) (== netstandard2.0)) (&& (== net45) (>= net46)) (&& (== net45) (>= uap10.0)) (&& (== netcoreapp2.0) (< netstandard1.3)) (&& (== netcoreapp2.0) (< netstandard1.4)) (&& (== netcoreapp2.0) (< netstandard1.5)) (&& (== netcoreapp2.0) (< netstandard1.6)) (&& (== netcoreapp2.0) (< netstandard2.0)) (&& (== netcoreapp2.0) (< portable-net451+win81+wpa81)) (== netstandard1.6) (&& (== netstandard2.0) (< netstandard1.3)) (&& (== netstandard2.0) (< netstandard1.4)) (&& (== netstandard2.0) (< netstandard1.5)) (&& (== netstandard2.0) (< netstandard1.6)) (&& (== netstandard2.0) (< portable-net451+win81+wpa81))
      System.Net.Primitives (>= 4.3) - restriction: || (&& (== net45) (== netcoreapp2.0)) (&& (== net45) (== netstandard2.0)) (&& (== net45) (< portable-net45+win8+wpa81)) (&& (== net45) (>= uap10.0)) (&& (== netcoreapp2.0) (< netstandard1.3)) (&& (== netcoreapp2.0) (< netstandard1.4)) (&& (== netcoreapp2.0) (< netstandard1.5)) (&& (== netcoreapp2.0) (< netstandard1.6)) (&& (== netcoreapp2.0) (< netstandard2.0)) (&& (== netcoreapp2.0) (< portable-net45+win8+wpa81)) (&& (== netcoreapp2.0) (< portable-net451+win81+wpa81)) (== netstandard1.6) (&& (== netstandard2.0) (< netstandard1.3)) (&& (== netstandard2.0) (< netstandard1.4)) (&& (== netstandard2.0) (< netstandard1.5)) (&& (== netstandard2.0) (< netstandard1.6)) (&& (== netstandard2.0) (< portable-net45+win8+wpa81)) (&& (== netstandard2.0) (< portable-net451+win81+wpa81))
      System.Net.Sockets (>= 4.3) - restriction: || (&& (== net45) (== netcoreapp2.0)) (&& (== net45) (== netstandard2.0)) (&& (== net45) (>= net46)) (&& (== net45) (>= uap10.0)) (&& (== netcoreapp2.0) (< netstandard1.4)) (&& (== netcoreapp2.0) (< netstandard1.5)) (&& (== netcoreapp2.0) (< netstandard1.6)) (&& (== netcoreapp2.0) (< netstandard2.0)) (== netstandard1.6) (&& (== netstandard2.0) (< netstandard1.4)) (&& (== netstandard2.0) (< netstandard1.5)) (&& (== netstandard2.0) (< netstandard1.6))
      System.ObjectModel (>= 4.3) - restriction: || (&& (== net45) (== netcoreapp2.0)) (&& (== net45) (== netstandard2.0)) (&& (== net45) (< portable-net45+win8+wpa81)) (&& (== net45) (>= uap10.0)) (&& (== netcoreapp2.0) (< netstandard1.3)) (&& (== netcoreapp2.0) (< netstandard1.4)) (&& (== netcoreapp2.0) (< netstandard1.5)) (&& (== netcoreapp2.0) (< netstandard1.6)) (&& (== netcoreapp2.0) (< netstandard2.0)) (&& (== netcoreapp2.0) (< portable-net45+win8+wpa81)) (&& (== netcoreapp2.0) (< portable-net451+win81+wpa81)) (== netstandard1.6) (&& (== netstandard2.0) (< netstandard1.3)) (&& (== netstandard2.0) (< netstandard1.4)) (&& (== netstandard2.0) (< netstandard1.5)) (&& (== netstandard2.0) (< netstandard1.6)) (&& (== netstandard2.0) (< portable-net45+win8+wpa81)) (&& (== netstandard2.0) (< portable-net451+win81+wpa81))
      System.Reflection (>= 4.3) - restriction: || (&& (== net45) (== netcoreapp2.0)) (&& (== net45) (== netstandard2.0)) (&& (== net45) (< portable-net45+win8+wpa81)) (&& (== net45) (>= uap10.0)) (&& (== netcoreapp2.0) (< netstandard1.3)) (&& (== netcoreapp2.0) (< netstandard1.4)) (&& (== netcoreapp2.0) (< netstandard1.5)) (&& (== netcoreapp2.0) (< netstandard1.6)) (&& (== netcoreapp2.0) (< netstandard2.0)) (&& (== netcoreapp2.0) (< portable-net45+win8+wpa81)) (&& (== netcoreapp2.0) (< portable-net451+win81+wpa81)) (== netstandard1.6) (&& (== netstandard2.0) (< netstandard1.3)) (&& (== netstandard2.0) (< netstandard1.4)) (&& (== netstandard2.0) (< netstandard1.5)) (&& (== netstandard2.0) (< netstandard1.6)) (&& (== netstandard2.0) (< portable-net45+win8+wpa81)) (&& (== netstandard2.0) (< portable-net451+win81+wpa81))
      System.Reflection.Extensions (>= 4.3) - restriction: || (&& (== net45) (== netcoreapp2.0)) (&& (== net45) (== netstandard2.0)) (&& (== net45) (< portable-net45+win8+wpa81)) (&& (== net45) (>= uap10.0)) (&& (== netcoreapp2.0) (< netstandard1.3)) (&& (== netcoreapp2.0) (< netstandard1.4)) (&& (== netcoreapp2.0) (< netstandard1.5)) (&& (== netcoreapp2.0) (< netstandard1.6)) (&& (== netcoreapp2.0) (< netstandard2.0)) (&& (== netcoreapp2.0) (< portable-net45+win8+wpa81)) (&& (== netcoreapp2.0) (< portable-net451+win81+wpa81)) (== netstandard1.6) (&& (== netstandard2.0) (< netstandard1.3)) (&& (== netstandard2.0) (< netstandard1.4)) (&& (== netstandard2.0) (< netstandard1.5)) (&& (== netstandard2.0) (< netstandard1.6)) (&& (== netstandard2.0) (< portable-net45+win8+wpa81)) (&& (== netstandard2.0) (< portable-net451+win81+wpa81))
      System.Reflection.Primitives (>= 4.3) - restriction: || (&& (== net45) (== netcoreapp2.0)) (&& (== net45) (== netstandard2.0)) (&& (== net45) (< portable-net45+win8+wpa81)) (&& (== net45) (>= uap10.0)) (&& (== netcoreapp2.0) (< netstandard1.3)) (&& (== netcoreapp2.0) (< netstandard1.4)) (&& (== netcoreapp2.0) (< netstandard1.5)) (&& (== netcoreapp2.0) (< netstandard1.6)) (&& (== netcoreapp2.0) (< netstandard2.0)) (&& (== netcoreapp2.0) (< portable-net45+win8+wpa81)) (&& (== netcoreapp2.0) (< portable-net451+win81+wpa81)) (== netstandard1.6) (&& (== netstandard2.0) (< netstandard1.3)) (&& (== netstandard2.0) (< netstandard1.4)) (&& (== netstandard2.0) (< netstandard1.5)) (&& (== netstandard2.0) (< netstandard1.6)) (&& (== netstandard2.0) (< portable-net45+win8+wpa81)) (&& (== netstandard2.0) (< portable-net451+win81+wpa81))
      System.Resources.ResourceManager (>= 4.3) - restriction: || (&& (== net45) (== netcoreapp2.0)) (&& (== net45) (== netstandard2.0)) (&& (== net45) (< portable-net45+win8+wpa81)) (&& (== net45) (>= uap10.0)) (&& (== netcoreapp2.0) (< netstandard1.3)) (&& (== netcoreapp2.0) (< netstandard1.4)) (&& (== netcoreapp2.0) (< netstandard1.5)) (&& (== netcoreapp2.0) (< netstandard1.6)) (&& (== netcoreapp2.0) (< netstandard2.0)) (&& (== netcoreapp2.0) (< portable-net45+win8+wpa81)) (&& (== netcoreapp2.0) (< portable-net451+win81+wpa81)) (== netstandard1.6) (&& (== netstandard2.0) (< netstandard1.3)) (&& (== netstandard2.0) (< netstandard1.4)) (&& (== netstandard2.0) (< netstandard1.5)) (&& (== netstandard2.0) (< netstandard1.6)) (&& (== netstandard2.0) (< portable-net45+win8+wpa81)) (&& (== netstandard2.0) (< portable-net451+win81+wpa81))
      System.Runtime (>= 4.3) - restriction: || (&& (== net45) (== netcoreapp2.0)) (&& (== net45) (== netstandard2.0)) (&& (== net45) (< portable-net45+win8+wpa81)) (&& (== net45) (>= uap10.0)) (&& (== netcoreapp2.0) (< netstandard1.3)) (&& (== netcoreapp2.0) (< netstandard1.4)) (&& (== netcoreapp2.0) (< netstandard1.5)) (&& (== netcoreapp2.0) (< netstandard1.6)) (&& (== netcoreapp2.0) (< netstandard2.0)) (&& (== netcoreapp2.0) (< portable-net45+win8+wpa81)) (&& (== netcoreapp2.0) (< portable-net451+win81+wpa81)) (== netstandard1.6) (&& (== netstandard2.0) (< netstandard1.3)) (&& (== netstandard2.0) (< netstandard1.4)) (&& (== netstandard2.0) (< netstandard1.5)) (&& (== netstandard2.0) (< netstandard1.6)) (&& (== netstandard2.0) (< portable-net45+win8+wpa81)) (&& (== netstandard2.0) (< portable-net451+win81+wpa81))
      System.Runtime.Extensions (>= 4.3) - restriction: || (&& (== net45) (== netcoreapp2.0)) (&& (== net45) (== netstandard2.0)) (&& (== net45) (< portable-net45+win8+wpa81)) (&& (== net45) (>= uap10.0)) (&& (== netcoreapp2.0) (< netstandard1.3)) (&& (== netcoreapp2.0) (< netstandard1.4)) (&& (== netcoreapp2.0) (< netstandard1.5)) (&& (== netcoreapp2.0) (< netstandard1.6)) (&& (== netcoreapp2.0) (< netstandard2.0)) (&& (== netcoreapp2.0) (< portable-net45+win8+wpa81)) (&& (== netcoreapp2.0) (< portable-net451+win81+wpa81)) (== netstandard1.6) (&& (== netstandard2.0) (< netstandard1.3)) (&& (== netstandard2.0) (< netstandard1.4)) (&& (== netstandard2.0) (< netstandard1.5)) (&& (== netstandard2.0) (< netstandard1.6)) (&& (== netstandard2.0) (< portable-net45+win8+wpa81)) (&& (== netstandard2.0) (< portable-net451+win81+wpa81))
      System.Runtime.Handles (>= 4.3) - restriction: || (&& (== net45) (== netcoreapp2.0)) (&& (== net45) (== netstandard2.0)) (&& (== net45) (>= uap10.0)) (&& (== netcoreapp2.0) (< netstandard1.4)) (&& (== netcoreapp2.0) (< netstandard1.5)) (&& (== netcoreapp2.0) (< netstandard1.6)) (&& (== netcoreapp2.0) (< netstandard2.0)) (== netstandard1.6) (&& (== netstandard2.0) (< netstandard1.4)) (&& (== netstandard2.0) (< netstandard1.5)) (&& (== netstandard2.0) (< netstandard1.6))
      System.Runtime.InteropServices (>= 4.3) - restriction: || (&& (== net45) (== netcoreapp2.0)) (&& (== net45) (== netstandard2.0)) (&& (== net45) (>= uap10.0)) (&& (== netcoreapp2.0) (< netstandard1.3)) (&& (== netcoreapp2.0) (< netstandard1.4)) (&& (== netcoreapp2.0) (< netstandard1.5)) (&& (== netcoreapp2.0) (< netstandard1.6)) (&& (== netcoreapp2.0) (< netstandard2.0)) (&& (== netcoreapp2.0) (< portable-net451+win81+wpa81)) (== netstandard1.6) (&& (== netstandard2.0) (< netstandard1.3)) (&& (== netstandard2.0) (< netstandard1.4)) (&& (== netstandard2.0) (< netstandard1.5)) (&& (== netstandard2.0) (< netstandard1.6)) (&& (== netstandard2.0) (< portable-net451+win81+wpa81))
      System.Runtime.InteropServices.RuntimeInformation (>= 4.3) - restriction: || (== net45) (&& (== netcoreapp2.0) (< netstandard1.0)) (&& (== netcoreapp2.0) (< netstandard1.3)) (&& (== netcoreapp2.0) (< netstandard1.4)) (&& (== netcoreapp2.0) (< netstandard1.5)) (&& (== netcoreapp2.0) (< netstandard1.6)) (&& (== netcoreapp2.0) (< netstandard2.0)) (&& (== netcoreapp2.0) (< portable-net451+win81+wpa81)) (== netstandard1.6) (&& (== netstandard2.0) (< netstandard1.0)) (&& (== netstandard2.0) (< netstandard1.3)) (&& (== netstandard2.0) (< netstandard1.4)) (&& (== netstandard2.0) (< netstandard1.5)) (&& (== netstandard2.0) (< netstandard1.6)) (&& (== netstandard2.0) (< portable-net451+win81+wpa81))
      System.Runtime.Numerics (>= 4.3) - restriction: || (&& (== net45) (== netcoreapp2.0)) (&& (== net45) (== netstandard2.0)) (&& (== net45) (>= uap10.0)) (&& (== netcoreapp2.0) (< netstandard1.3)) (&& (== netcoreapp2.0) (< netstandard1.4)) (&& (== netcoreapp2.0) (< netstandard1.5)) (&& (== netcoreapp2.0) (< netstandard1.6)) (&& (== netcoreapp2.0) (< netstandard2.0)) (&& (== netcoreapp2.0) (< portable-net451+win81+wpa81)) (== netstandard1.6) (&& (== netstandard2.0) (< netstandard1.3)) (&& (== netstandard2.0) (< netstandard1.4)) (&& (== netstandard2.0) (< netstandard1.5)) (&& (== netstandard2.0) (< netstandard1.6)) (&& (== netstandard2.0) (< portable-net451+win81+wpa81))
      System.Security.Cryptography.Algorithms (>= 4.3) - restriction: || (&& (== net45) (== netcoreapp2.0)) (&& (== net45) (== netstandard2.0)) (&& (== net45) (>= net46)) (&& (== net45) (>= uap10.0)) (&& (== netcoreapp2.0) (< netstandard1.4)) (&& (== netcoreapp2.0) (< netstandard1.5)) (&& (== netcoreapp2.0) (< netstandard1.6)) (&& (== netcoreapp2.0) (< netstandard2.0)) (== netstandard1.6) (&& (== netstandard2.0) (< netstandard1.4)) (&& (== netstandard2.0) (< netstandard1.5)) (&& (== netstandard2.0) (< netstandard1.6))
      System.Security.Cryptography.Encoding (>= 4.3) - restriction: || (&& (== net45) (== netcoreapp2.0)) (&& (== net45) (== netstandard2.0)) (&& (== net45) (>= net46)) (&& (== net45) (>= uap10.0)) (&& (== netcoreapp2.0) (< netstandard1.4)) (&& (== netcoreapp2.0) (< netstandard1.5)) (&& (== netcoreapp2.0) (< netstandard1.6)) (&& (== netcoreapp2.0) (< netstandard2.0)) (== netstandard1.6) (&& (== netstandard2.0) (< netstandard1.4)) (&& (== netstandard2.0) (< netstandard1.5)) (&& (== netstandard2.0) (< netstandard1.6))
      System.Security.Cryptography.Primitives (>= 4.3) - restriction: || (&& (== net45) (== netcoreapp2.0)) (&& (== net45) (== netstandard2.0)) (&& (== net45) (>= net46)) (&& (== net45) (>= uap10.0)) (&& (== netcoreapp2.0) (< netstandard1.4)) (&& (== netcoreapp2.0) (< netstandard1.5)) (&& (== netcoreapp2.0) (< netstandard1.6)) (&& (== netcoreapp2.0) (< netstandard2.0)) (== netstandard1.6) (&& (== netstandard2.0) (< netstandard1.4)) (&& (== netstandard2.0) (< netstandard1.5)) (&& (== netstandard2.0) (< netstandard1.6))
      System.Security.Cryptography.X509Certificates (>= 4.3) - restriction: || (&& (== net45) (== netcoreapp2.0)) (&& (== net45) (== netstandard2.0)) (&& (== net45) (>= net46)) (&& (== net45) (>= uap10.0)) (&& (== netcoreapp2.0) (< netstandard1.4)) (&& (== netcoreapp2.0) (< netstandard1.5)) (&& (== netcoreapp2.0) (< netstandard1.6)) (&& (== netcoreapp2.0) (< netstandard2.0)) (== netstandard1.6) (&& (== netstandard2.0) (< netstandard1.4)) (&& (== netstandard2.0) (< netstandard1.5)) (&& (== netstandard2.0) (< netstandard1.6))
      System.Text.Encoding (>= 4.3) - restriction: || (&& (== net45) (== netcoreapp2.0)) (&& (== net45) (== netstandard2.0)) (&& (== net45) (< portable-net45+win8+wpa81)) (&& (== net45) (>= uap10.0)) (&& (== netcoreapp2.0) (< netstandard1.3)) (&& (== netcoreapp2.0) (< netstandard1.4)) (&& (== netcoreapp2.0) (< netstandard1.5)) (&& (== netcoreapp2.0) (< netstandard1.6)) (&& (== netcoreapp2.0) (< netstandard2.0)) (&& (== netcoreapp2.0) (< portable-net45+win8+wpa81)) (&& (== netcoreapp2.0) (< portable-net451+win81+wpa81)) (== netstandard1.6) (&& (== netstandard2.0) (< netstandard1.3)) (&& (== netstandard2.0) (< netstandard1.4)) (&& (== netstandard2.0) (< netstandard1.5)) (&& (== netstandard2.0) (< netstandard1.6)) (&& (== netstandard2.0) (< portable-net45+win8+wpa81)) (&& (== netstandard2.0) (< portable-net451+win81+wpa81))
      System.Text.Encoding.Extensions (>= 4.3) - restriction: || (&& (== net45) (== netcoreapp2.0)) (&& (== net45) (== netstandard2.0)) (&& (== net45) (< portable-net45+win8+wpa81)) (&& (== net45) (>= uap10.0)) (&& (== netcoreapp2.0) (< netstandard1.3)) (&& (== netcoreapp2.0) (< netstandard1.4)) (&& (== netcoreapp2.0) (< netstandard1.5)) (&& (== netcoreapp2.0) (< netstandard1.6)) (&& (== netcoreapp2.0) (< netstandard2.0)) (&& (== netcoreapp2.0) (< portable-net45+win8+wpa81)) (&& (== netcoreapp2.0) (< portable-net451+win81+wpa81)) (== netstandard1.6) (&& (== netstandard2.0) (< netstandard1.3)) (&& (== netstandard2.0) (< netstandard1.4)) (&& (== netstandard2.0) (< netstandard1.5)) (&& (== netstandard2.0) (< netstandard1.6)) (&& (== netstandard2.0) (< portable-net45+win8+wpa81)) (&& (== netstandard2.0) (< portable-net451+win81+wpa81))
      System.Text.RegularExpressions (>= 4.3) - restriction: || (&& (== net45) (== netcoreapp2.0)) (&& (== net45) (== netstandard2.0)) (&& (== net45) (< portable-net45+win8+wpa81)) (&& (== net45) (>= uap10.0)) (&& (== netcoreapp2.0) (< netstandard1.3)) (&& (== netcoreapp2.0) (< netstandard1.4)) (&& (== netcoreapp2.0) (< netstandard1.5)) (&& (== netcoreapp2.0) (< netstandard1.6)) (&& (== netcoreapp2.0) (< netstandard2.0)) (&& (== netcoreapp2.0) (< portable-net45+win8+wpa81)) (&& (== netcoreapp2.0) (< portable-net451+win81+wpa81)) (== netstandard1.6) (&& (== netstandard2.0) (< netstandard1.3)) (&& (== netstandard2.0) (< netstandard1.4)) (&& (== netstandard2.0) (< netstandard1.5)) (&& (== netstandard2.0) (< netstandard1.6)) (&& (== netstandard2.0) (< portable-net45+win8+wpa81)) (&& (== netstandard2.0) (< portable-net451+win81+wpa81))
      System.Threading (>= 4.3) - restriction: || (&& (== net45) (== netcoreapp2.0)) (&& (== net45) (== netstandard2.0)) (&& (== net45) (< portable-net45+win8+wpa81)) (&& (== net45) (>= uap10.0)) (&& (== netcoreapp2.0) (< netstandard1.3)) (&& (== netcoreapp2.0) (< netstandard1.4)) (&& (== netcoreapp2.0) (< netstandard1.5)) (&& (== netcoreapp2.0) (< netstandard1.6)) (&& (== netcoreapp2.0) (< netstandard2.0)) (&& (== netcoreapp2.0) (< portable-net45+win8+wpa81)) (&& (== netcoreapp2.0) (< portable-net451+win81+wpa81)) (== netstandard1.6) (&& (== netstandard2.0) (< netstandard1.3)) (&& (== netstandard2.0) (< netstandard1.4)) (&& (== netstandard2.0) (< netstandard1.5)) (&& (== netstandard2.0) (< netstandard1.6)) (&& (== netstandard2.0) (< portable-net45+win8+wpa81)) (&& (== netstandard2.0) (< portable-net451+win81+wpa81))
      System.Threading.Tasks (>= 4.3) - restriction: || (&& (== net45) (== netcoreapp2.0)) (&& (== net45) (== netstandard2.0)) (&& (== net45) (< portable-net45+win8+wpa81)) (&& (== net45) (>= uap10.0)) (&& (== netcoreapp2.0) (< netstandard1.3)) (&& (== netcoreapp2.0) (< netstandard1.4)) (&& (== netcoreapp2.0) (< netstandard1.5)) (&& (== netcoreapp2.0) (< netstandard1.6)) (&& (== netcoreapp2.0) (< netstandard2.0)) (&& (== netcoreapp2.0) (< portable-net45+win8+wpa81)) (&& (== netcoreapp2.0) (< portable-net451+win81+wpa81)) (== netstandard1.6) (&& (== netstandard2.0) (< netstandard1.3)) (&& (== netstandard2.0) (< netstandard1.4)) (&& (== netstandard2.0) (< netstandard1.5)) (&& (== netstandard2.0) (< netstandard1.6)) (&& (== netstandard2.0) (< portable-net45+win8+wpa81)) (&& (== netstandard2.0) (< portable-net451+win81+wpa81))
      System.Threading.Timer (>= 4.3) - restriction: || (&& (== net45) (== netcoreapp2.0)) (&& (== net45) (== netstandard2.0)) (&& (== net45) (>= uap10.0)) (&& (== netcoreapp2.0) (< netstandard1.3)) (&& (== netcoreapp2.0) (< netstandard1.4)) (&& (== netcoreapp2.0) (< netstandard1.5)) (&& (== netcoreapp2.0) (< netstandard1.6)) (&& (== netcoreapp2.0) (< netstandard2.0)) (== netstandard1.6) (&& (== netstandard2.0) (< netstandard1.3)) (&& (== netstandard2.0) (< netstandard1.4)) (&& (== netstandard2.0) (< netstandard1.5)) (&& (== netstandard2.0) (< netstandard1.6))
      System.Xml.ReaderWriter (>= 4.3) - restriction: || (&& (== net45) (== netcoreapp2.0)) (&& (== net45) (== netstandard2.0)) (&& (== net45) (>= net46)) (&& (== net45) (< portable-net45+win8+wpa81)) (&& (== net45) (>= uap10.0)) (&& (== netcoreapp2.0) (< netstandard1.3)) (&& (== netcoreapp2.0) (< netstandard1.4)) (&& (== netcoreapp2.0) (< netstandard1.5)) (&& (== netcoreapp2.0) (< netstandard1.6)) (&& (== netcoreapp2.0) (< netstandard2.0)) (&& (== netcoreapp2.0) (< portable-net45+win8+wpa81)) (&& (== netcoreapp2.0) (< portable-net451+win81+wpa81)) (== netstandard1.6) (&& (== netstandard2.0) (< netstandard1.3)) (&& (== netstandard2.0) (< netstandard1.4)) (&& (== netstandard2.0) (< netstandard1.5)) (&& (== netstandard2.0) (< netstandard1.6)) (&& (== netstandard2.0) (< portable-net45+win8+wpa81)) (&& (== netstandard2.0) (< portable-net451+win81+wpa81))
      System.Xml.XDocument (>= 4.3) - restriction: || (&& (== net45) (== netcoreapp2.0)) (&& (== net45) (== netstandard2.0)) (&& (== net45) (< portable-net45+win8+wpa81)) (&& (== net45) (>= uap10.0)) (&& (== netcoreapp2.0) (< netstandard1.3)) (&& (== netcoreapp2.0) (< netstandard1.4)) (&& (== netcoreapp2.0) (< netstandard1.5)) (&& (== netcoreapp2.0) (< netstandard1.6)) (&& (== netcoreapp2.0) (< netstandard2.0)) (&& (== netcoreapp2.0) (< portable-net45+win8+wpa81)) (&& (== netcoreapp2.0) (< portable-net451+win81+wpa81)) (== netstandard1.6) (&& (== netstandard2.0) (< netstandard1.3)) (&& (== netstandard2.0) (< netstandard1.4)) (&& (== netstandard2.0) (< netstandard1.5)) (&& (== netstandard2.0) (< netstandard1.6)) (&& (== netstandard2.0) (< portable-net45+win8+wpa81)) (&& (== netstandard2.0) (< portable-net451+win81+wpa81))
    runtime.debian.8-x64.runtime.native.System.Security.Cryptography.OpenSsl (4.3.2) - restriction: || (&& (== net45) (== netcoreapp2.0)) (&& (== netcoreapp2.0) (>= dnxcore50)) (&& (== netcoreapp2.0) (< netstandard2.0)) (== netstandard1.6)
    runtime.fedora.23-x64.runtime.native.System.Security.Cryptography.OpenSsl (4.3.2) - restriction: || (&& (== net45) (== netcoreapp2.0)) (&& (== netcoreapp2.0) (>= dnxcore50)) (&& (== netcoreapp2.0) (< netstandard2.0)) (== netstandard1.6)
    runtime.fedora.24-x64.runtime.native.System.Security.Cryptography.OpenSsl (4.3.2) - restriction: || (&& (== net45) (== netcoreapp2.0)) (&& (== netcoreapp2.0) (>= dnxcore50)) (&& (== netcoreapp2.0) (< netstandard2.0)) (== netstandard1.6)
    runtime.native.System (4.3) - restriction: || (== netcoreapp2.0) (== netstandard1.6) (== netstandard2.0)
      Microsoft.NETCore.Platforms (>= 1.1)
      Microsoft.NETCore.Targets (>= 1.1)
    runtime.native.System.IO.Compression (4.3.1) - restriction: || (== netcoreapp2.0) (== netstandard1.6) (== netstandard2.0)
      Microsoft.NETCore.Platforms (>= 1.1)
      Microsoft.NETCore.Targets (>= 1.1.1)
    runtime.native.System.Net.Http (4.3) - restriction: || (== netcoreapp2.0) (== netstandard1.6) (== netstandard2.0)
      Microsoft.NETCore.Platforms (>= 1.1)
      Microsoft.NETCore.Targets (>= 1.1)
    runtime.native.System.Net.Security (4.3) - restriction: || (== netcoreapp2.0) (== netstandard1.6) (== netstandard2.0)
      Microsoft.NETCore.Platforms (>= 1.1)
      Microsoft.NETCore.Targets (>= 1.1)
    runtime.native.System.Security.Cryptography.Apple (4.3.1) - restriction: || (== netcoreapp2.0) (== netstandard1.6) (== netstandard2.0)
      runtime.osx.10.10-x64.runtime.native.System.Security.Cryptography.Apple (>= 4.3.1)
    runtime.native.System.Security.Cryptography.OpenSsl (4.3.2) - restriction: || (== netcoreapp2.0) (== netstandard1.6) (== netstandard2.0)
      runtime.debian.8-x64.runtime.native.System.Security.Cryptography.OpenSsl (>= 4.3.2)
      runtime.fedora.23-x64.runtime.native.System.Security.Cryptography.OpenSsl (>= 4.3.2)
      runtime.fedora.24-x64.runtime.native.System.Security.Cryptography.OpenSsl (>= 4.3.2)
      runtime.opensuse.13.2-x64.runtime.native.System.Security.Cryptography.OpenSsl (>= 4.3.2)
      runtime.opensuse.42.1-x64.runtime.native.System.Security.Cryptography.OpenSsl (>= 4.3.2)
      runtime.osx.10.10-x64.runtime.native.System.Security.Cryptography.OpenSsl (>= 4.3.2)
      runtime.rhel.7-x64.runtime.native.System.Security.Cryptography.OpenSsl (>= 4.3.2)
      runtime.ubuntu.14.04-x64.runtime.native.System.Security.Cryptography.OpenSsl (>= 4.3.2)
      runtime.ubuntu.16.04-x64.runtime.native.System.Security.Cryptography.OpenSsl (>= 4.3.2)
      runtime.ubuntu.16.10-x64.runtime.native.System.Security.Cryptography.OpenSsl (>= 4.3.2)
    runtime.opensuse.13.2-x64.runtime.native.System.Security.Cryptography.OpenSsl (4.3.2) - restriction: || (&& (== net45) (== netcoreapp2.0)) (&& (== netcoreapp2.0) (>= dnxcore50)) (&& (== netcoreapp2.0) (< netstandard2.0)) (== netstandard1.6)
    runtime.opensuse.42.1-x64.runtime.native.System.Security.Cryptography.OpenSsl (4.3.2) - restriction: || (&& (== net45) (== netcoreapp2.0)) (&& (== netcoreapp2.0) (>= dnxcore50)) (&& (== netcoreapp2.0) (< netstandard2.0)) (== netstandard1.6)
    runtime.osx.10.10-x64.runtime.native.System.Security.Cryptography.Apple (4.3.1) - restriction: || (== netcoreapp2.0) (== netstandard1.6) (== netstandard2.0)
    runtime.osx.10.10-x64.runtime.native.System.Security.Cryptography.OpenSsl (4.3.2) - restriction: || (&& (== net45) (== netcoreapp2.0)) (&& (== netcoreapp2.0) (>= dnxcore50)) (&& (== netcoreapp2.0) (< netstandard2.0)) (== netstandard1.6)
    runtime.rhel.7-x64.runtime.native.System.Security.Cryptography.OpenSsl (4.3.2) - restriction: || (&& (== net45) (== netcoreapp2.0)) (&& (== netcoreapp2.0) (>= dnxcore50)) (&& (== netcoreapp2.0) (< netstandard2.0)) (== netstandard1.6)
    runtime.ubuntu.14.04-x64.runtime.native.System.Security.Cryptography.OpenSsl (4.3.2) - restriction: || (&& (== net45) (== netcoreapp2.0)) (&& (== netcoreapp2.0) (>= dnxcore50)) (&& (== netcoreapp2.0) (< netstandard2.0)) (== netstandard1.6)
    runtime.ubuntu.16.04-x64.runtime.native.System.Security.Cryptography.OpenSsl (4.3.2) - restriction: || (&& (== net45) (== netcoreapp2.0)) (&& (== netcoreapp2.0) (>= dnxcore50)) (&& (== netcoreapp2.0) (< netstandard2.0)) (== netstandard1.6)
    runtime.ubuntu.16.10-x64.runtime.native.System.Security.Cryptography.OpenSsl (4.3.2) - restriction: || (&& (== net45) (== netcoreapp2.0)) (&& (== netcoreapp2.0) (>= dnxcore50)) (&& (== netcoreapp2.0) (< netstandard2.0)) (== netstandard1.6)
    Sigil (4.7)
      NETStandard.Library (>= 1.5.0-rc2-24027) - restriction: || (&& (== net45) (< net20) (>= netstandard1.5)) (== netcoreapp2.0) (== netstandard1.6) (== netstandard2.0)
      System.Reflection.Emit (>= 4.0.1-rc2-24027) - restriction: || (&& (== net45) (< net20) (>= netstandard1.5)) (== netcoreapp2.0) (== netstandard1.6) (== netstandard2.0)
      System.Reflection.Emit.ILGeneration (>= 4.0.1-rc2-24027) - restriction: || (&& (== net45) (< net20) (>= netstandard1.5)) (== netcoreapp2.0) (== netstandard1.6) (== netstandard2.0)
      System.Reflection.Emit.Lightweight (>= 4.0.1-rc2-24027) - restriction: || (&& (== net45) (< net20) (>= netstandard1.5)) (== netcoreapp2.0) (== netstandard1.6) (== netstandard2.0)
      System.Reflection.Metadata (>= 1.3.0-rc2-24027) - restriction: || (&& (== net45) (< net20) (>= netstandard1.5)) (== netcoreapp2.0) (== netstandard1.6) (== netstandard2.0)
      System.Reflection.TypeExtensions (>= 4.1.0-rc2-24027) - restriction: || (&& (== net45) (< net20) (>= netstandard1.5)) (== netcoreapp2.0) (== netstandard1.6) (== netstandard2.0)
    StackExchange.Redis (1.2.6)
      NETStandard.Library (>= 1.6.1) - restriction: || (== netcoreapp2.0) (== netstandard1.6) (== netstandard2.0)
      System.Collections (>= 4.3) - restriction: || (== netcoreapp2.0) (== netstandard1.6) (== netstandard2.0)
      System.Collections.Concurrent (>= 4.3) - restriction: || (== netcoreapp2.0) (== netstandard1.6) (== netstandard2.0)
      System.Collections.NonGeneric (>= 4.3) - restriction: || (== netcoreapp2.0) (== netstandard1.6) (== netstandard2.0)
      System.Diagnostics.Tools (>= 4.3) - restriction: || (== netcoreapp2.0) (== netstandard1.6) (== netstandard2.0)
      System.IO.Compression (>= 4.3) - restriction: || (== netcoreapp2.0) (== netstandard1.6) (== netstandard2.0)
      System.IO.FileSystem (>= 4.3) - restriction: || (== netcoreapp2.0) (== netstandard1.6) (== netstandard2.0)
      System.Linq (>= 4.3) - restriction: || (== netcoreapp2.0) (== netstandard1.6) (== netstandard2.0)
      System.Net.NameResolution (>= 4.3) - restriction: || (== netcoreapp2.0) (== netstandard1.6) (== netstandard2.0)
      System.Net.Security (>= 4.3) - restriction: || (== netcoreapp2.0) (== netstandard1.6) (== netstandard2.0)
      System.Net.Sockets (>= 4.3) - restriction: || (== netcoreapp2.0) (== netstandard1.6) (== netstandard2.0)
      System.Reflection.Emit (>= 4.3) - restriction: || (== netcoreapp2.0) (== netstandard1.6) (== netstandard2.0)
      System.Reflection.Emit.Lightweight (>= 4.3) - restriction: || (== netcoreapp2.0) (== netstandard1.6) (== netstandard2.0)
      System.Reflection.TypeExtensions (>= 4.3) - restriction: || (== netcoreapp2.0) (== netstandard1.6) (== netstandard2.0)
      System.Runtime.Extensions (>= 4.3) - restriction: || (== netcoreapp2.0) (== netstandard1.6) (== netstandard2.0)
      System.Runtime.InteropServices.RuntimeInformation (>= 4.3) - restriction: || (== netcoreapp2.0) (== netstandard1.6) (== netstandard2.0)
      System.Security.Cryptography.Algorithms (>= 4.3) - restriction: || (== netcoreapp2.0) (== netstandard1.6) (== netstandard2.0)
      System.Security.Cryptography.X509Certificates (>= 4.3) - restriction: || (== netcoreapp2.0) (== netstandard1.6) (== netstandard2.0)
      System.Text.RegularExpressions (>= 4.3) - restriction: || (== netcoreapp2.0) (== netstandard1.6) (== netstandard2.0)
      System.Threading (>= 4.3) - restriction: || (== netcoreapp2.0) (== netstandard1.6) (== netstandard2.0)
      System.Threading.Thread (>= 4.3) - restriction: || (== netcoreapp2.0) (== netstandard1.6) (== netstandard2.0)
      System.Threading.ThreadPool (>= 4.3) - restriction: || (== netcoreapp2.0) (== netstandard1.6) (== netstandard2.0)
      System.Threading.Timer (>= 4.3) - restriction: || (== netcoreapp2.0) (== netstandard1.6) (== netstandard2.0)
    System.AppContext (4.3) - restriction: || (&& (== net45) (== netcoreapp2.0)) (&& (== net45) (== netstandard2.0)) (&& (== netcoreapp2.0) (< netstandard1.4)) (&& (== netcoreapp2.0) (< netstandard1.5)) (&& (== netcoreapp2.0) (< netstandard1.6)) (&& (== netcoreapp2.0) (< netstandard2.0)) (== netstandard1.6) (&& (== netstandard2.0) (< netstandard1.4)) (&& (== netstandard2.0) (< netstandard1.5)) (&& (== netstandard2.0) (< netstandard1.6))
      System.Runtime (>= 4.3) - restriction: || (&& (== net45) (>= dnxcore50)) (&& (== net45) (>= netstandard1.3)) (&& (== net45) (>= netstandard1.6)) (== netcoreapp2.0) (== netstandard1.6) (== netstandard2.0)
    System.Buffers (4.4) - restriction: || (== netcoreapp2.0) (== netstandard1.6) (== netstandard2.0)
      System.Diagnostics.Debug (>= 4.3) - restriction: || (== net45) (&& (== netcoreapp2.0) (< netstandard2.0)) (== netstandard1.6)
      System.Diagnostics.Tracing (>= 4.3) - restriction: || (== net45) (&& (== netcoreapp2.0) (< netstandard2.0)) (== netstandard1.6)
      System.Resources.ResourceManager (>= 4.3) - restriction: || (== net45) (&& (== netcoreapp2.0) (< netstandard2.0)) (== netstandard1.6)
      System.Runtime (>= 4.3) - restriction: || (== net45) (&& (== netcoreapp2.0) (< netstandard2.0)) (== netstandard1.6)
      System.Threading (>= 4.3) - restriction: || (== net45) (&& (== netcoreapp2.0) (< netstandard2.0)) (== netstandard1.6)
    System.Collections (4.3) - restriction: || (== netcoreapp2.0) (== netstandard1.6) (== netstandard2.0)
      Microsoft.NETCore.Platforms (>= 1.1) - restriction: || (&& (== net45) (>= dnxcore50)) (== netcoreapp2.0) (== netstandard1.6) (== netstandard2.0)
      Microsoft.NETCore.Targets (>= 1.1) - restriction: || (&& (== net45) (>= dnxcore50)) (== netcoreapp2.0) (== netstandard1.6) (== netstandard2.0)
      System.Runtime (>= 4.3) - restriction: || (&& (== net45) (>= dnxcore50)) (== netcoreapp2.0) (== netstandard1.6) (== netstandard2.0)
    System.Collections.Concurrent (4.3) - restriction: || (== netcoreapp2.0) (== netstandard1.6) (== netstandard2.0)
      System.Collections (>= 4.3) - restriction: || (&& (== net45) (>= dnxcore50)) (== netcoreapp2.0) (== netstandard1.6) (== netstandard2.0)
      System.Diagnostics.Debug (>= 4.3) - restriction: || (&& (== net45) (>= dnxcore50)) (== netcoreapp2.0) (== netstandard1.6) (== netstandard2.0)
      System.Diagnostics.Tracing (>= 4.3) - restriction: || (&& (== net45) (>= dnxcore50)) (== netcoreapp2.0) (== netstandard1.6) (== netstandard2.0)
      System.Globalization (>= 4.3) - restriction: || (&& (== net45) (>= dnxcore50)) (== netcoreapp2.0) (== netstandard1.6) (== netstandard2.0)
      System.Reflection (>= 4.3) - restriction: || (== netcoreapp2.0) (== netstandard1.6) (== netstandard2.0)
      System.Resources.ResourceManager (>= 4.3) - restriction: || (&& (== net45) (>= dnxcore50)) (== netcoreapp2.0) (== netstandard1.6) (== netstandard2.0)
      System.Runtime (>= 4.3) - restriction: || (&& (== net45) (>= dnxcore50)) (== netcoreapp2.0) (== netstandard1.6) (== netstandard2.0)
      System.Runtime.Extensions (>= 4.3) - restriction: || (&& (== net45) (>= dnxcore50)) (== netcoreapp2.0) (== netstandard1.6) (== netstandard2.0)
      System.Threading (>= 4.3) - restriction: || (&& (== net45) (>= dnxcore50)) (== netcoreapp2.0) (== netstandard1.6) (== netstandard2.0)
      System.Threading.Tasks (>= 4.3) - restriction: || (&& (== net45) (>= dnxcore50)) (== netcoreapp2.0) (== netstandard1.6) (== netstandard2.0)
    System.Collections.Immutable (1.4) - restriction: || (&& (== net45) (== netcoreapp2.0)) (&& (== net45) (>= monoandroid) (>= netstandard1.5)) (&& (== net45) (>= monotouch)) (&& (== net45) (< net20) (>= netstandard1.5)) (&& (== net45) (< net20) (>= netstandard2.0)) (&& (== net45) (>= xamarinios)) (&& (== net45) (>= xamarinmac)) (&& (== net45) (>= xamarintvos)) (&& (== net45) (>= xamarinwatchos)) (&& (== netcoreapp2.0) (>= monoandroid)) (&& (== netcoreapp2.0) (>= monotouch)) (&& (== netcoreapp2.0) (< netstandard1.1)) (&& (== netcoreapp2.0) (< netstandard2.0)) (&& (== netcoreapp2.0) (< portable-net45+win8)) (&& (== netcoreapp2.0) (>= xamarinios)) (&& (== netcoreapp2.0) (>= xamarinmac)) (&& (== netcoreapp2.0) (>= xamarintvos)) (&& (== netcoreapp2.0) (>= xamarinwatchos)) (== netstandard1.6) (== netstandard2.0)
      NETStandard.Library (>= 1.6.1) - restriction: || (== net45) (&& (== netcoreapp2.0) (< netstandard2.0)) (== netstandard1.6)
    System.Collections.NonGeneric (4.3) - restriction: || (== netcoreapp2.0) (== netstandard1.6) (== netstandard2.0)
      System.Diagnostics.Debug (>= 4.3) - restriction: || (&& (== net45) (>= netstandard1.3)) (== netcoreapp2.0) (== netstandard1.6) (== netstandard2.0)
      System.Globalization (>= 4.3) - restriction: || (&& (== net45) (>= netstandard1.3)) (== netcoreapp2.0) (== netstandard1.6) (== netstandard2.0)
      System.Resources.ResourceManager (>= 4.3) - restriction: || (&& (== net45) (>= netstandard1.3)) (== netcoreapp2.0) (== netstandard1.6) (== netstandard2.0)
      System.Runtime (>= 4.3) - restriction: || (&& (== net45) (>= netstandard1.3)) (== netcoreapp2.0) (== netstandard1.6) (== netstandard2.0)
      System.Runtime.Extensions (>= 4.3) - restriction: || (&& (== net45) (>= netstandard1.3)) (== netcoreapp2.0) (== netstandard1.6) (== netstandard2.0)
      System.Threading (>= 4.3) - restriction: || (&& (== net45) (>= netstandard1.3)) (== netcoreapp2.0) (== netstandard1.6) (== netstandard2.0)
    System.Collections.Specialized (4.3) - restriction: || (== netcoreapp2.0) (== netstandard1.6) (== netstandard2.0)
      System.Collections.NonGeneric (>= 4.3) - restriction: || (&& (== net45) (>= netstandard1.3)) (== netcoreapp2.0) (== netstandard1.6) (== netstandard2.0)
      System.Globalization (>= 4.3) - restriction: || (&& (== net45) (>= netstandard1.3)) (== netcoreapp2.0) (== netstandard1.6) (== netstandard2.0)
      System.Globalization.Extensions (>= 4.3) - restriction: || (&& (== net45) (>= netstandard1.3)) (== netcoreapp2.0) (== netstandard1.6) (== netstandard2.0)
      System.Resources.ResourceManager (>= 4.3) - restriction: || (&& (== net45) (>= netstandard1.3)) (== netcoreapp2.0) (== netstandard1.6) (== netstandard2.0)
      System.Runtime (>= 4.3) - restriction: || (&& (== net45) (>= netstandard1.3)) (== netcoreapp2.0) (== netstandard1.6) (== netstandard2.0)
      System.Runtime.Extensions (>= 4.3) - restriction: || (&& (== net45) (>= netstandard1.3)) (== netcoreapp2.0) (== netstandard1.6) (== netstandard2.0)
      System.Threading (>= 4.3) - restriction: || (&& (== net45) (>= netstandard1.3)) (== netcoreapp2.0) (== netstandard1.6) (== netstandard2.0)
    System.ComponentModel (4.3) - restriction: || (== netcoreapp2.0) (== netstandard1.6) (== netstandard2.0)
      System.Runtime (>= 4.3) - restriction: || (&& (== net45) (>= dnxcore50)) (== netcoreapp2.0) (== netstandard1.6) (== netstandard2.0)
    System.ComponentModel.Primitives (4.3) - restriction: || (== netcoreapp2.0) (== netstandard1.6) (== netstandard2.0)
      System.ComponentModel (>= 4.3) - restriction: || (== netcoreapp2.0) (== netstandard1.6) (== netstandard2.0)
      System.Resources.ResourceManager (>= 4.3) - restriction: || (== netcoreapp2.0) (== netstandard1.6) (== netstandard2.0)
      System.Runtime (>= 4.3) - restriction: || (== netcoreapp2.0) (== netstandard1.6) (== netstandard2.0)
    System.ComponentModel.TypeConverter (4.3) - restriction: || (== netcoreapp2.0) (== netstandard1.6) (== netstandard2.0)
      System.Collections (>= 4.3) - restriction: || (== netcoreapp2.0) (== netstandard1.6) (== netstandard2.0)
      System.Collections.NonGeneric (>= 4.3) - restriction: || (&& (== net45) (>= net462)) (== netcoreapp2.0) (== netstandard1.6) (== netstandard2.0)
      System.Collections.Specialized (>= 4.3) - restriction: || (== netcoreapp2.0) (== netstandard1.6) (== netstandard2.0)
      System.ComponentModel (>= 4.3) - restriction: || (== netcoreapp2.0) (== netstandard1.6) (== netstandard2.0)
      System.ComponentModel.Primitives (>= 4.3)
      System.Globalization (>= 4.3) - restriction: || (== netcoreapp2.0) (== netstandard1.6) (== netstandard2.0)
      System.Linq (>= 4.3) - restriction: || (== netcoreapp2.0) (== netstandard1.6) (== netstandard2.0)
      System.Reflection (>= 4.3) - restriction: || (== netcoreapp2.0) (== netstandard1.6) (== netstandard2.0)
      System.Reflection.Extensions (>= 4.3) - restriction: || (== netcoreapp2.0) (== netstandard1.6) (== netstandard2.0)
      System.Reflection.Primitives (>= 4.3) - restriction: || (== netcoreapp2.0) (== netstandard1.6) (== netstandard2.0)
      System.Reflection.TypeExtensions (>= 4.3) - restriction: || (== netcoreapp2.0) (== netstandard1.6) (== netstandard2.0)
      System.Resources.ResourceManager (>= 4.3) - restriction: || (== netcoreapp2.0) (== netstandard1.6) (== netstandard2.0)
      System.Runtime (>= 4.3) - restriction: || (== netcoreapp2.0) (== netstandard1.6) (== netstandard2.0)
      System.Runtime.Extensions (>= 4.3) - restriction: || (== netcoreapp2.0) (== netstandard1.6) (== netstandard2.0)
      System.Threading (>= 4.3) - restriction: || (== netcoreapp2.0) (== netstandard1.6) (== netstandard2.0)
    System.Console (4.3) - restriction: || (&& (== net45) (== netcoreapp2.0)) (&& (== net45) (== netstandard2.0)) (&& (== netcoreapp2.0) (< netstandard1.4)) (&& (== netcoreapp2.0) (< netstandard1.5)) (&& (== netcoreapp2.0) (< netstandard1.6)) (&& (== netcoreapp2.0) (< netstandard2.0)) (== netstandard1.6) (&& (== netstandard2.0) (< netstandard1.4)) (&& (== netstandard2.0) (< netstandard1.5)) (&& (== netstandard2.0) (< netstandard1.6))
      Microsoft.NETCore.Platforms (>= 1.1) - restriction: || (&& (== net45) (>= netstandard1.3)) (== netcoreapp2.0) (== netstandard1.6) (== netstandard2.0)
      Microsoft.NETCore.Targets (>= 1.1) - restriction: || (&& (== net45) (>= netstandard1.3)) (== netcoreapp2.0) (== netstandard1.6) (== netstandard2.0)
      System.IO (>= 4.3) - restriction: || (&& (== net45) (>= netstandard1.3)) (== netcoreapp2.0) (== netstandard1.6) (== netstandard2.0)
      System.Runtime (>= 4.3) - restriction: || (&& (== net45) (>= netstandard1.3)) (== netcoreapp2.0) (== netstandard1.6) (== netstandard2.0)
      System.Text.Encoding (>= 4.3) - restriction: || (&& (== net45) (>= netstandard1.3)) (== netcoreapp2.0) (== netstandard1.6) (== netstandard2.0)
    System.Diagnostics.Debug (4.3) - restriction: || (== netcoreapp2.0) (== netstandard1.6) (== netstandard2.0)
      Microsoft.NETCore.Platforms (>= 1.1) - restriction: || (&& (== net45) (>= dnxcore50)) (== netcoreapp2.0) (== netstandard1.6) (== netstandard2.0)
      Microsoft.NETCore.Targets (>= 1.1) - restriction: || (&& (== net45) (>= dnxcore50)) (== netcoreapp2.0) (== netstandard1.6) (== netstandard2.0)
      System.Runtime (>= 4.3) - restriction: || (&& (== net45) (>= dnxcore50)) (== netcoreapp2.0) (== netstandard1.6) (== netstandard2.0)
    System.Diagnostics.DiagnosticSource (4.4.1) - restriction: || (&& (== net45) (== netcoreapp2.0)) (&& (== netcoreapp2.0) (>= dnxcore50)) (&& (== netcoreapp2.0) (< netstandard1.6)) (&& (== netcoreapp2.0) (< netstandard2.0)) (== netstandard1.6)
      System.Collections (>= 4.3) - restriction: || (&& (== net45) (== netcoreapp2.0)) (&& (== netcoreapp2.0) (< netstandard1.3)) (== netstandard1.6) (== netstandard2.0)
      System.Diagnostics.Debug (>= 4.3) - restriction: || (== netstandard1.6) (== netstandard2.0)
      System.Diagnostics.Tracing (>= 4.3) - restriction: || (&& (== net45) (== netcoreapp2.0)) (&& (== netcoreapp2.0) (< netstandard1.3)) (== netstandard1.6) (== netstandard2.0)
      System.Reflection (>= 4.3) - restriction: || (&& (== net45) (== netcoreapp2.0)) (&& (== netcoreapp2.0) (< netstandard1.3)) (== netstandard1.6) (== netstandard2.0)
      System.Runtime (>= 4.3) - restriction: || (&& (== net45) (== netcoreapp2.0)) (&& (== netcoreapp2.0) (< netstandard1.3)) (== netstandard1.6) (== netstandard2.0)
      System.Runtime.Extensions (>= 4.3) - restriction: || (== netstandard1.6) (== netstandard2.0)
      System.Threading (>= 4.3) - restriction: || (&& (== net45) (== netcoreapp2.0)) (&& (== netcoreapp2.0) (< netstandard1.3)) (== netstandard1.6) (== netstandard2.0)
    System.Diagnostics.Tools (4.3) - restriction: || (== netcoreapp2.0) (== netstandard1.6) (== netstandard2.0)
      Microsoft.NETCore.Platforms (>= 1.1) - restriction: || (&& (== net45) (>= dnxcore50)) (== netcoreapp2.0) (== netstandard1.6) (== netstandard2.0)
      Microsoft.NETCore.Targets (>= 1.1) - restriction: || (&& (== net45) (>= dnxcore50)) (== netcoreapp2.0) (== netstandard1.6) (== netstandard2.0)
      System.Runtime (>= 4.3) - restriction: || (&& (== net45) (>= dnxcore50)) (== netcoreapp2.0) (== netstandard1.6) (== netstandard2.0)
    System.Diagnostics.Tracing (4.3) - restriction: || (== netcoreapp2.0) (== netstandard1.6) (== netstandard2.0)
      Microsoft.NETCore.Platforms (>= 1.1) - restriction: || (&& (== net45) (>= dnxcore50)) (== netcoreapp2.0) (== netstandard1.6) (== netstandard2.0)
      Microsoft.NETCore.Targets (>= 1.1) - restriction: || (&& (== net45) (>= dnxcore50)) (== netcoreapp2.0) (== netstandard1.6) (== netstandard2.0)
      System.Runtime (>= 4.3) - restriction: || (&& (== net45) (>= dnxcore50)) (== netcoreapp2.0) (== netstandard1.6) (== netstandard2.0)
    System.Dynamic.Runtime (4.3) - restriction: || (== netcoreapp2.0) (== netstandard1.6) (== netstandard2.0)
      System.Collections (>= 4.3) - restriction: || (&& (== net45) (>= dnxcore50)) (== netcoreapp2.0) (== netstandard1.6) (== netstandard2.0)
      System.Diagnostics.Debug (>= 4.3) - restriction: || (&& (== net45) (>= dnxcore50)) (== netcoreapp2.0) (== netstandard1.6) (== netstandard2.0)
      System.Linq (>= 4.3) - restriction: || (&& (== net45) (>= dnxcore50)) (== netcoreapp2.0) (== netstandard1.6) (== netstandard2.0)
      System.Linq.Expressions (>= 4.3) - restriction: || (&& (== net45) (>= dnxcore50)) (== netcoreapp2.0) (== netstandard1.6) (== netstandard2.0)
      System.ObjectModel (>= 4.3) - restriction: || (&& (== net45) (>= dnxcore50)) (== netcoreapp2.0) (== netstandard1.6) (== netstandard2.0)
      System.Reflection (>= 4.3) - restriction: || (&& (== net45) (>= dnxcore50)) (== netcoreapp2.0) (== netstandard1.6) (== netstandard2.0)
      System.Reflection.Emit (>= 4.3) - restriction: || (== netcoreapp2.0) (== netstandard1.6) (== netstandard2.0)
      System.Reflection.Emit.ILGeneration (>= 4.3) - restriction: || (== netcoreapp2.0) (== netstandard1.6) (== netstandard2.0)
      System.Reflection.Primitives (>= 4.3) - restriction: || (== netcoreapp2.0) (== netstandard1.6) (== netstandard2.0)
      System.Reflection.TypeExtensions (>= 4.3) - restriction: || (&& (== net45) (>= dnxcore50)) (== netcoreapp2.0) (== netstandard1.6) (== netstandard2.0)
      System.Resources.ResourceManager (>= 4.3) - restriction: || (&& (== net45) (>= dnxcore50)) (== netcoreapp2.0) (== netstandard1.6) (== netstandard2.0)
      System.Runtime (>= 4.3) - restriction: || (&& (== net45) (>= dnxcore50)) (== netcoreapp2.0) (== netstandard1.6) (== netstandard2.0)
      System.Runtime.Extensions (>= 4.3) - restriction: || (&& (== net45) (>= dnxcore50)) (== netcoreapp2.0) (== netstandard1.6) (== netstandard2.0)
      System.Threading (>= 4.3) - restriction: || (&& (== net45) (>= dnxcore50)) (== netcoreapp2.0) (== netstandard1.6) (== netstandard2.0)
    System.Globalization (4.3) - restriction: || (== netcoreapp2.0) (== netstandard1.6) (== netstandard2.0)
      Microsoft.NETCore.Platforms (>= 1.1) - restriction: || (&& (== net45) (>= dnxcore50)) (== netcoreapp2.0) (== netstandard1.6) (== netstandard2.0)
      Microsoft.NETCore.Targets (>= 1.1) - restriction: || (&& (== net45) (>= dnxcore50)) (== netcoreapp2.0) (== netstandard1.6) (== netstandard2.0)
      System.Runtime (>= 4.3) - restriction: || (&& (== net45) (>= dnxcore50)) (== netcoreapp2.0) (== netstandard1.6) (== netstandard2.0)
    System.Globalization.Calendars (4.3) - restriction: || (== netcoreapp2.0) (== netstandard1.6) (== netstandard2.0)
      Microsoft.NETCore.Platforms (>= 1.1) - restriction: || (&& (== net45) (>= netstandard1.3)) (== netcoreapp2.0) (== netstandard1.6) (== netstandard2.0)
      Microsoft.NETCore.Targets (>= 1.1) - restriction: || (&& (== net45) (>= netstandard1.3)) (== netcoreapp2.0) (== netstandard1.6) (== netstandard2.0)
      System.Globalization (>= 4.3) - restriction: || (&& (== net45) (>= netstandard1.3)) (== netcoreapp2.0) (== netstandard1.6) (== netstandard2.0)
      System.Runtime (>= 4.3) - restriction: || (&& (== net45) (>= netstandard1.3)) (== netcoreapp2.0) (== netstandard1.6) (== netstandard2.0)
    System.Globalization.Extensions (4.3) - restriction: || (== netcoreapp2.0) (== netstandard1.6) (== netstandard2.0)
      Microsoft.NETCore.Platforms (>= 1.1) - restriction: || (&& (== net45) (>= netstandard1.3)) (== netcoreapp2.0) (== netstandard1.6) (== netstandard2.0)
      System.Globalization (>= 4.3) - restriction: || (&& (== net45) (>= netstandard1.3)) (== netcoreapp2.0) (== netstandard1.6) (== netstandard2.0)
      System.Resources.ResourceManager (>= 4.3) - restriction: || (&& (== net45) (>= netstandard1.3)) (== netcoreapp2.0) (== netstandard1.6) (== netstandard2.0)
      System.Runtime (>= 4.3) - restriction: || (&& (== net45) (>= netstandard1.3)) (== netcoreapp2.0) (== netstandard1.6) (== netstandard2.0)
      System.Runtime.Extensions (>= 4.3) - restriction: || (&& (== net45) (>= netstandard1.3)) (== netcoreapp2.0) (== netstandard1.6) (== netstandard2.0)
      System.Runtime.InteropServices (>= 4.3) - restriction: || (&& (== net45) (>= netstandard1.3)) (== netcoreapp2.0) (== netstandard1.6) (== netstandard2.0)
    System.IO (4.3) - restriction: || (== netcoreapp2.0) (== netstandard1.6) (== netstandard2.0)
      Microsoft.NETCore.Platforms (>= 1.1) - restriction: || (&& (== net45) (>= dnxcore50)) (== netcoreapp2.0) (== netstandard1.6) (== netstandard2.0)
      Microsoft.NETCore.Targets (>= 1.1) - restriction: || (&& (== net45) (>= dnxcore50)) (== netcoreapp2.0) (== netstandard1.6) (== netstandard2.0)
      System.Runtime (>= 4.3) - restriction: || (&& (== net45) (>= dnxcore50)) (== netcoreapp2.0) (== netstandard1.6) (== netstandard2.0)
      System.Text.Encoding (>= 4.3) - restriction: || (&& (== net45) (>= dnxcore50)) (== netcoreapp2.0) (== netstandard1.6) (== netstandard2.0)
      System.Threading.Tasks (>= 4.3) - restriction: || (&& (== net45) (>= dnxcore50)) (== netcoreapp2.0) (== netstandard1.6) (== netstandard2.0)
    System.IO.Compression (4.3) - restriction: || (== netcoreapp2.0) (== netstandard1.6) (== netstandard2.0)
      Microsoft.NETCore.Platforms (>= 1.1) - restriction: || (== netcoreapp2.0) (== netstandard1.6) (== netstandard2.0)
      runtime.native.System (>= 4.3) - restriction: || (== netcoreapp2.0) (== netstandard1.6) (== netstandard2.0)
      runtime.native.System.IO.Compression (>= 4.3) - restriction: || (&& (== net45) (>= dnxcore50)) (== netcoreapp2.0) (== netstandard1.6) (== netstandard2.0)
      System.Buffers (>= 4.3) - restriction: || (&& (== net45) (>= dnxcore50)) (== netcoreapp2.0) (== netstandard1.6) (== netstandard2.0)
      System.Collections (>= 4.3) - restriction: || (&& (== net45) (>= dnxcore50)) (== netcoreapp2.0) (== netstandard1.6) (== netstandard2.0)
      System.Diagnostics.Debug (>= 4.3) - restriction: || (&& (== net45) (>= dnxcore50)) (== netcoreapp2.0) (== netstandard1.6) (== netstandard2.0)
      System.IO (>= 4.3) - restriction: || (&& (== net45) (>= dnxcore50)) (== netcoreapp2.0) (== netstandard1.6) (== netstandard2.0)
      System.Resources.ResourceManager (>= 4.3) - restriction: || (&& (== net45) (>= dnxcore50)) (== netcoreapp2.0) (== netstandard1.6) (== netstandard2.0)
      System.Runtime (>= 4.3) - restriction: || (&& (== net45) (>= dnxcore50)) (== netcoreapp2.0) (== netstandard1.6) (== netstandard2.0)
      System.Runtime.Extensions (>= 4.3) - restriction: || (&& (== net45) (>= dnxcore50)) (== netcoreapp2.0) (== netstandard1.6) (== netstandard2.0)
      System.Runtime.Handles (>= 4.3) - restriction: || (&& (== net45) (>= dnxcore50)) (== netcoreapp2.0) (== netstandard1.6) (== netstandard2.0)
      System.Runtime.InteropServices (>= 4.3) - restriction: || (&& (== net45) (>= dnxcore50)) (== netcoreapp2.0) (== netstandard1.6) (== netstandard2.0)
      System.Text.Encoding (>= 4.3) - restriction: || (&& (== net45) (>= dnxcore50)) (== netcoreapp2.0) (== netstandard1.6) (== netstandard2.0)
      System.Threading (>= 4.3) - restriction: || (&& (== net45) (>= dnxcore50)) (== netcoreapp2.0) (== netstandard1.6) (== netstandard2.0)
      System.Threading.Tasks (>= 4.3) - restriction: || (&& (== net45) (>= dnxcore50)) (== netcoreapp2.0) (== netstandard1.6) (== netstandard2.0)
    System.IO.Compression.ZipFile (4.3) - restriction: || (&& (== net45) (== netcoreapp2.0)) (&& (== net45) (== netstandard2.0)) (&& (== netcoreapp2.0) (< netstandard1.4)) (&& (== netcoreapp2.0) (< netstandard1.5)) (&& (== netcoreapp2.0) (< netstandard1.6)) (&& (== netcoreapp2.0) (< netstandard2.0)) (== netstandard1.6) (&& (== netstandard2.0) (< netstandard1.4)) (&& (== netstandard2.0) (< netstandard1.5)) (&& (== netstandard2.0) (< netstandard1.6))
      System.Buffers (>= 4.3) - restriction: || (&& (== net45) (>= netstandard1.3)) (== netcoreapp2.0) (== netstandard1.6) (== netstandard2.0)
      System.IO (>= 4.3) - restriction: || (&& (== net45) (>= netstandard1.3)) (== netcoreapp2.0) (== netstandard1.6) (== netstandard2.0)
      System.IO.Compression (>= 4.3) - restriction: || (&& (== net45) (>= netstandard1.3)) (== netcoreapp2.0) (== netstandard1.6) (== netstandard2.0)
      System.IO.FileSystem (>= 4.3) - restriction: || (&& (== net45) (>= netstandard1.3)) (== netcoreapp2.0) (== netstandard1.6) (== netstandard2.0)
      System.IO.FileSystem.Primitives (>= 4.3) - restriction: || (&& (== net45) (>= netstandard1.3)) (== netcoreapp2.0) (== netstandard1.6) (== netstandard2.0)
      System.Resources.ResourceManager (>= 4.3) - restriction: || (&& (== net45) (>= netstandard1.3)) (== netcoreapp2.0) (== netstandard1.6) (== netstandard2.0)
      System.Runtime (>= 4.3) - restriction: || (&& (== net45) (>= netstandard1.3)) (== netcoreapp2.0) (== netstandard1.6) (== netstandard2.0)
      System.Runtime.Extensions (>= 4.3) - restriction: || (&& (== net45) (>= netstandard1.3)) (== netcoreapp2.0) (== netstandard1.6) (== netstandard2.0)
      System.Text.Encoding (>= 4.3) - restriction: || (&& (== net45) (>= netstandard1.3)) (== netcoreapp2.0) (== netstandard1.6) (== netstandard2.0)
    System.IO.FileSystem (4.3) - restriction: || (== netcoreapp2.0) (== netstandard1.6) (== netstandard2.0)
      Microsoft.NETCore.Platforms (>= 1.1) - restriction: || (&& (== net45) (>= netstandard1.3)) (== netcoreapp2.0) (== netstandard1.6) (== netstandard2.0)
      Microsoft.NETCore.Targets (>= 1.1) - restriction: || (&& (== net45) (>= netstandard1.3)) (== netcoreapp2.0) (== netstandard1.6) (== netstandard2.0)
      System.IO (>= 4.3) - restriction: || (&& (== net45) (>= netstandard1.3)) (== netcoreapp2.0) (== netstandard1.6) (== netstandard2.0)
      System.IO.FileSystem.Primitives (>= 4.3) - restriction: || (&& (== net45) (>= net46)) (&& (== net45) (>= netstandard1.3)) (== netcoreapp2.0) (== netstandard1.6) (== netstandard2.0)
      System.Runtime (>= 4.3) - restriction: || (&& (== net45) (>= netstandard1.3)) (== netcoreapp2.0) (== netstandard1.6) (== netstandard2.0)
      System.Runtime.Handles (>= 4.3) - restriction: || (&& (== net45) (>= netstandard1.3)) (== netcoreapp2.0) (== netstandard1.6) (== netstandard2.0)
      System.Text.Encoding (>= 4.3) - restriction: || (&& (== net45) (>= netstandard1.3)) (== netcoreapp2.0) (== netstandard1.6) (== netstandard2.0)
      System.Threading.Tasks (>= 4.3) - restriction: || (&& (== net45) (>= netstandard1.3)) (== netcoreapp2.0) (== netstandard1.6) (== netstandard2.0)
    System.IO.FileSystem.Primitives (4.3) - restriction: || (== netcoreapp2.0) (== netstandard1.6) (== netstandard2.0)
      System.Runtime (>= 4.3) - restriction: || (&& (== net45) (>= netstandard1.3)) (== netcoreapp2.0) (== netstandard1.6) (== netstandard2.0)
    System.Linq (4.3) - restriction: || (== netcoreapp2.0) (== netstandard1.6) (== netstandard2.0)
      System.Collections (>= 4.3) - restriction: || (&& (== net45) (>= dnxcore50)) (== netcoreapp2.0) (== netstandard1.6) (== netstandard2.0)
      System.Diagnostics.Debug (>= 4.3) - restriction: || (&& (== net45) (>= dnxcore50)) (== netcoreapp2.0) (== netstandard1.6) (== netstandard2.0)
      System.Resources.ResourceManager (>= 4.3) - restriction: || (&& (== net45) (>= dnxcore50)) (== netcoreapp2.0) (== netstandard1.6) (== netstandard2.0)
      System.Runtime (>= 4.3) - restriction: || (&& (== net45) (>= dnxcore50)) (== netcoreapp2.0) (== netstandard1.6) (== netstandard2.0)
      System.Runtime.Extensions (>= 4.3) - restriction: || (&& (== net45) (>= dnxcore50)) (== netcoreapp2.0) (== netstandard1.6) (== netstandard2.0)
    System.Linq.Expressions (4.3) - restriction: || (== netcoreapp2.0) (== netstandard1.6) (== netstandard2.0)
      System.Collections (>= 4.3) - restriction: || (&& (== net45) (>= dnxcore50)) (== netcoreapp2.0) (== netstandard1.6) (== netstandard2.0)
      System.Diagnostics.Debug (>= 4.3) - restriction: || (&& (== net45) (>= dnxcore50)) (== netcoreapp2.0) (== netstandard1.6) (== netstandard2.0)
      System.Globalization (>= 4.3) - restriction: || (&& (== net45) (>= dnxcore50)) (== netcoreapp2.0) (== netstandard1.6) (== netstandard2.0)
      System.IO (>= 4.3) - restriction: || (&& (== net45) (>= dnxcore50)) (== netcoreapp2.0) (== netstandard1.6) (== netstandard2.0)
      System.Linq (>= 4.3) - restriction: || (&& (== net45) (>= dnxcore50)) (== netcoreapp2.0) (== netstandard1.6) (== netstandard2.0)
      System.ObjectModel (>= 4.3) - restriction: || (== netcoreapp2.0) (== netstandard1.6) (== netstandard2.0)
      System.Reflection (>= 4.3) - restriction: || (&& (== net45) (>= dnxcore50)) (== netcoreapp2.0) (== netstandard1.6) (== netstandard2.0)
      System.Reflection.Emit (>= 4.3) - restriction: || (== netcoreapp2.0) (== netstandard1.6) (== netstandard2.0)
      System.Reflection.Emit.ILGeneration (>= 4.3) - restriction: || (&& (== net45) (>= dnxcore50)) (== netcoreapp2.0) (== netstandard1.6) (== netstandard2.0)
      System.Reflection.Emit.Lightweight (>= 4.3) - restriction: || (&& (== net45) (>= dnxcore50)) (== netcoreapp2.0) (== netstandard1.6) (== netstandard2.0)
      System.Reflection.Extensions (>= 4.3) - restriction: || (&& (== net45) (>= dnxcore50)) (== netcoreapp2.0) (== netstandard1.6) (== netstandard2.0)
      System.Reflection.Primitives (>= 4.3) - restriction: || (&& (== net45) (>= dnxcore50)) (== netcoreapp2.0) (== netstandard1.6) (== netstandard2.0)
      System.Reflection.TypeExtensions (>= 4.3) - restriction: || (&& (== net45) (>= dnxcore50)) (== netcoreapp2.0) (== netstandard1.6) (== netstandard2.0)
      System.Resources.ResourceManager (>= 4.3) - restriction: || (&& (== net45) (>= dnxcore50)) (== netcoreapp2.0) (== netstandard1.6) (== netstandard2.0)
      System.Runtime (>= 4.3) - restriction: || (&& (== net45) (>= dnxcore50)) (== netcoreapp2.0) (== netstandard1.6) (== netstandard2.0)
      System.Runtime.Extensions (>= 4.3) - restriction: || (&& (== net45) (>= dnxcore50)) (== netcoreapp2.0) (== netstandard1.6) (== netstandard2.0)
      System.Threading (>= 4.3) - restriction: || (&& (== net45) (>= dnxcore50)) (== netcoreapp2.0) (== netstandard1.6) (== netstandard2.0)
    System.Linq.Queryable (4.3) - restriction: || (&& (== net45) (== netcoreapp2.0)) (&& (== netcoreapp2.0) (< netstandard2.0)) (== netstandard1.6)
      System.Collections (>= 4.3) - restriction: || (&& (== net45) (>= dnxcore50)) (== netcoreapp2.0) (== netstandard1.6) (== netstandard2.0)
      System.Diagnostics.Debug (>= 4.3) - restriction: || (&& (== net45) (>= dnxcore50)) (== netcoreapp2.0) (== netstandard1.6) (== netstandard2.0)
      System.Linq (>= 4.3) - restriction: || (&& (== net45) (>= dnxcore50)) (== netcoreapp2.0) (== netstandard1.6) (== netstandard2.0)
      System.Linq.Expressions (>= 4.3) - restriction: || (&& (== net45) (>= dnxcore50)) (== netcoreapp2.0) (== netstandard1.6) (== netstandard2.0)
      System.Reflection (>= 4.3) - restriction: || (&& (== net45) (>= dnxcore50)) (== netcoreapp2.0) (== netstandard1.6) (== netstandard2.0)
      System.Reflection.Extensions (>= 4.3) - restriction: || (&& (== net45) (>= dnxcore50)) (== netcoreapp2.0) (== netstandard1.6) (== netstandard2.0)
      System.Resources.ResourceManager (>= 4.3) - restriction: || (&& (== net45) (>= dnxcore50)) (== netcoreapp2.0) (== netstandard1.6) (== netstandard2.0)
      System.Runtime (>= 4.3) - restriction: || (&& (== net45) (>= dnxcore50)) (== netcoreapp2.0) (== netstandard1.6) (== netstandard2.0)
    System.Net.Http (4.3.3) - restriction: || (&& (== net45) (== netcoreapp2.0)) (&& (== net45) (== netstandard2.0)) (&& (== netcoreapp2.0) (>= dnxcore50)) (&& (== netcoreapp2.0) (< netstandard1.3)) (&& (== netcoreapp2.0) (< netstandard1.4)) (&& (== netcoreapp2.0) (< netstandard1.5)) (&& (== netcoreapp2.0) (< netstandard1.6)) (&& (== netcoreapp2.0) (< netstandard2.0)) (&& (== netcoreapp2.0) (< portable-net451+win81+wpa81)) (== netstandard1.6) (&& (== netstandard2.0) (< netstandard1.3)) (&& (== netstandard2.0) (< netstandard1.4)) (&& (== netstandard2.0) (< netstandard1.5)) (&& (== netstandard2.0) (< netstandard1.6)) (&& (== netstandard2.0) (< portable-net451+win81+wpa81))
      Microsoft.NETCore.Platforms (>= 1.1) - restriction: || (&& (== net45) (>= dnxcore50)) (== netcoreapp2.0) (== netstandard1.6) (== netstandard2.0)
      runtime.native.System (>= 4.3) - restriction: || (== netcoreapp2.0) (== netstandard1.6) (== netstandard2.0)
      runtime.native.System.Net.Http (>= 4.3) - restriction: || (== netcoreapp2.0) (== netstandard1.6) (== netstandard2.0)
      runtime.native.System.Security.Cryptography.OpenSsl (>= 4.3.2) - restriction: || (== netcoreapp2.0) (== netstandard1.6) (== netstandard2.0)
      System.Collections (>= 4.3) - restriction: || (&& (== net45) (>= dnxcore50)) (== netcoreapp2.0) (== netstandard1.6) (== netstandard2.0)
      System.Diagnostics.Debug (>= 4.3) - restriction: || (&& (== net45) (>= dnxcore50)) (== netcoreapp2.0) (== netstandard1.6) (== netstandard2.0)
      System.Diagnostics.DiagnosticSource (>= 4.3) - restriction: || (&& (== net45) (>= dnxcore50)) (== netcoreapp2.0) (== netstandard1.6) (== netstandard2.0)
      System.Diagnostics.Tracing (>= 4.3) - restriction: || (&& (== net45) (>= dnxcore50)) (== netcoreapp2.0) (== netstandard1.6) (== netstandard2.0)
      System.Globalization (>= 4.3) - restriction: || (&& (== net45) (>= dnxcore50)) (== netcoreapp2.0) (== netstandard1.6) (== netstandard2.0)
      System.Globalization.Extensions (>= 4.3) - restriction: || (== netcoreapp2.0) (== netstandard1.6) (== netstandard2.0)
      System.IO (>= 4.3) - restriction: || (&& (== net45) (>= dnxcore50)) (== netcoreapp2.0) (== netstandard1.6) (== netstandard2.0)
      System.IO.FileSystem (>= 4.3) - restriction: || (== netcoreapp2.0) (== netstandard1.6) (== netstandard2.0)
      System.Net.Primitives (>= 4.3) - restriction: || (&& (== net45) (>= dnxcore50)) (== netcoreapp2.0) (== netstandard1.6) (== netstandard2.0)
      System.Resources.ResourceManager (>= 4.3) - restriction: || (&& (== net45) (>= dnxcore50)) (== netcoreapp2.0) (== netstandard1.6) (== netstandard2.0)
      System.Runtime (>= 4.3) - restriction: || (&& (== net45) (>= dnxcore50)) (== netcoreapp2.0) (== netstandard1.6) (== netstandard2.0)
      System.Runtime.Extensions (>= 4.3) - restriction: || (&& (== net45) (>= dnxcore50)) (== netcoreapp2.0) (== netstandard1.6) (== netstandard2.0)
      System.Runtime.Handles (>= 4.3) - restriction: || (== netcoreapp2.0) (== netstandard1.6) (== netstandard2.0)
      System.Runtime.InteropServices (>= 4.3) - restriction: || (&& (== net45) (>= dnxcore50)) (== netcoreapp2.0) (== netstandard1.6) (== netstandard2.0)
      System.Security.Cryptography.Algorithms (>= 4.3) - restriction: || (== netcoreapp2.0) (== netstandard1.6) (== netstandard2.0)
      System.Security.Cryptography.Encoding (>= 4.3) - restriction: || (== netcoreapp2.0) (== netstandard1.6) (== netstandard2.0)
      System.Security.Cryptography.OpenSsl (>= 4.3) - restriction: || (== netcoreapp2.0) (== netstandard1.6) (== netstandard2.0)
      System.Security.Cryptography.Primitives (>= 4.3) - restriction: || (== netcoreapp2.0) (== netstandard1.6) (== netstandard2.0)
      System.Security.Cryptography.X509Certificates (>= 4.3) - restriction: || (&& (== net45) (>= dnxcore50)) (&& (== net45) (>= net46)) (== netcoreapp2.0) (== netstandard1.6) (== netstandard2.0)
      System.Text.Encoding (>= 4.3) - restriction: || (&& (== net45) (>= dnxcore50)) (== netcoreapp2.0) (== netstandard1.6) (== netstandard2.0)
      System.Threading (>= 4.3) - restriction: || (&& (== net45) (>= dnxcore50)) (== netcoreapp2.0) (== netstandard1.6) (== netstandard2.0)
      System.Threading.Tasks (>= 4.3) - restriction: || (&& (== net45) (>= dnxcore50)) (== netcoreapp2.0) (== netstandard1.6) (== netstandard2.0)
    System.Net.NameResolution (4.3) - restriction: || (== netcoreapp2.0) (== netstandard1.6) (== netstandard2.0)
      Microsoft.NETCore.Platforms (>= 1.1) - restriction: || (&& (== net45) (>= dnxcore50)) (&& (== net45) (>= netstandard1.3)) (== netcoreapp2.0) (== netstandard1.6) (== netstandard2.0)
      runtime.native.System (>= 4.3) - restriction: || (&& (== net45) (>= netstandard1.3)) (== netcoreapp2.0) (== netstandard1.6) (== netstandard2.0)
      System.Collections (>= 4.3) - restriction: || (&& (== net45) (>= dnxcore50)) (&& (== net45) (>= netstandard1.3)) (== netcoreapp2.0) (== netstandard1.6) (== netstandard2.0)
      System.Diagnostics.Tracing (>= 4.3) - restriction: || (&& (== net45) (>= dnxcore50)) (&& (== net45) (>= netstandard1.3)) (== netcoreapp2.0) (== netstandard1.6) (== netstandard2.0)
      System.Globalization (>= 4.3) - restriction: || (&& (== net45) (>= dnxcore50)) (&& (== net45) (>= netstandard1.3)) (== netcoreapp2.0) (== netstandard1.6) (== netstandard2.0)
      System.Net.Primitives (>= 4.3) - restriction: || (&& (== net45) (>= dnxcore50)) (&& (== net45) (>= netstandard1.3)) (== netcoreapp2.0) (== netstandard1.6) (== netstandard2.0)
      System.Resources.ResourceManager (>= 4.3) - restriction: || (&& (== net45) (>= dnxcore50)) (&& (== net45) (>= netstandard1.3)) (== netcoreapp2.0) (== netstandard1.6) (== netstandard2.0)
      System.Runtime (>= 4.3) - restriction: || (&& (== net45) (>= dnxcore50)) (&& (== net45) (>= netstandard1.3)) (== netcoreapp2.0) (== netstandard1.6) (== netstandard2.0)
      System.Runtime.Extensions (>= 4.3) - restriction: || (&& (== net45) (>= dnxcore50)) (&& (== net45) (>= netstandard1.3)) (== netcoreapp2.0) (== netstandard1.6) (== netstandard2.0)
      System.Runtime.Handles (>= 4.3) - restriction: || (&& (== net45) (>= dnxcore50)) (&& (== net45) (>= netstandard1.3)) (== netcoreapp2.0) (== netstandard1.6) (== netstandard2.0)
      System.Runtime.InteropServices (>= 4.3) - restriction: || (&& (== net45) (>= dnxcore50)) (&& (== net45) (>= netstandard1.3)) (== netcoreapp2.0) (== netstandard1.6) (== netstandard2.0)
      System.Security.Principal.Windows (>= 4.3) - restriction: || (&& (== net45) (>= netstandard1.3)) (== netcoreapp2.0) (== netstandard1.6) (== netstandard2.0)
      System.Threading (>= 4.3) - restriction: || (&& (== net45) (>= dnxcore50)) (&& (== net45) (>= netstandard1.3)) (== netcoreapp2.0) (== netstandard1.6) (== netstandard2.0)
      System.Threading.Tasks (>= 4.3) - restriction: || (&& (== net45) (>= dnxcore50)) (&& (== net45) (>= netstandard1.3)) (== netcoreapp2.0) (== netstandard1.6) (== netstandard2.0)
    System.Net.Primitives (4.3) - restriction: || (== netcoreapp2.0) (== netstandard1.6) (== netstandard2.0)
      Microsoft.NETCore.Platforms (>= 1.1) - restriction: || (&& (== net45) (>= dnxcore50)) (&& (== net45) (< netstandard1.1)) (== netcoreapp2.0) (== netstandard1.6) (== netstandard2.0)
      Microsoft.NETCore.Targets (>= 1.1) - restriction: || (&& (== net45) (>= dnxcore50)) (&& (== net45) (< netstandard1.1)) (== netcoreapp2.0) (== netstandard1.6) (== netstandard2.0)
      System.Runtime (>= 4.3) - restriction: || (&& (== net45) (>= dnxcore50)) (&& (== net45) (< netstandard1.1)) (== netcoreapp2.0) (== netstandard1.6) (== netstandard2.0)
      System.Runtime.Handles (>= 4.3) - restriction: || (&& (== net45) (>= dnxcore50)) (== netcoreapp2.0) (== netstandard1.6) (== netstandard2.0)
    System.Net.Requests (4.3) - restriction: || (&& (== net45) (== netcoreapp2.0)) (&& (== netcoreapp2.0) (< netstandard2.0)) (== netstandard1.6)
      Microsoft.NETCore.Platforms (>= 1.1) - restriction: || (== netcoreapp2.0) (== netstandard1.6) (== netstandard2.0)
      System.Collections (>= 4.3) - restriction: || (&& (== net45) (>= dnxcore50)) (== netcoreapp2.0) (== netstandard1.6) (== netstandard2.0)
      System.Diagnostics.Debug (>= 4.3) - restriction: || (&& (== net45) (>= dnxcore50)) (== netcoreapp2.0) (== netstandard1.6) (== netstandard2.0)
      System.Diagnostics.Tracing (>= 4.3) - restriction: || (&& (== net45) (>= dnxcore50)) (== netcoreapp2.0) (== netstandard1.6) (== netstandard2.0)
      System.Globalization (>= 4.3) - restriction: || (&& (== net45) (>= dnxcore50)) (== netcoreapp2.0) (== netstandard1.6) (== netstandard2.0)
      System.IO (>= 4.3) - restriction: || (&& (== net45) (>= dnxcore50)) (&& (== net45) (< netstandard1.1)) (== netcoreapp2.0) (== netstandard1.6) (== netstandard2.0)
      System.Net.Http (>= 4.3) - restriction: || (&& (== net45) (>= dnxcore50)) (== netcoreapp2.0) (== netstandard1.6) (== netstandard2.0)
      System.Net.Primitives (>= 4.3) - restriction: || (&& (== net45) (>= dnxcore50)) (&& (== net45) (< netstandard1.1)) (== netcoreapp2.0) (== netstandard1.6) (== netstandard2.0)
      System.Net.WebHeaderCollection (>= 4.3) - restriction: || (&& (== net45) (>= dnxcore50)) (== netcoreapp2.0) (== netstandard1.6) (== netstandard2.0)
      System.Resources.ResourceManager (>= 4.3) - restriction: || (&& (== net45) (>= dnxcore50)) (== netcoreapp2.0) (== netstandard1.6) (== netstandard2.0)
      System.Runtime (>= 4.3) - restriction: || (&& (== net45) (>= dnxcore50)) (&& (== net45) (< netstandard1.1)) (== netcoreapp2.0) (== netstandard1.6) (== netstandard2.0)
      System.Threading (>= 4.3) - restriction: || (&& (== net45) (>= dnxcore50)) (== netcoreapp2.0) (== netstandard1.6) (== netstandard2.0)
      System.Threading.Tasks (>= 4.3) - restriction: || (&& (== net45) (>= dnxcore50)) (== netcoreapp2.0) (== netstandard1.6) (== netstandard2.0)
    System.Net.Security (4.3.2) - restriction: || (== netcoreapp2.0) (== netstandard1.6) (== netstandard2.0)
      Microsoft.NETCore.Platforms (>= 1.1) - restriction: || (&& (== net45) (>= netstandard1.3)) (&& (== net45) (>= netstandard1.6)) (== netcoreapp2.0) (== netstandard1.6) (== netstandard2.0)
      Microsoft.Win32.Primitives (>= 4.3) - restriction: || (&& (== net45) (>= netstandard1.3)) (&& (== net45) (>= netstandard1.6)) (== netcoreapp2.0) (== netstandard1.6) (== netstandard2.0)
      runtime.native.System (>= 4.3) - restriction: || (&& (== net45) (>= netstandard1.6)) (== netcoreapp2.0) (== netstandard1.6) (== netstandard2.0)
      runtime.native.System.Net.Security (>= 4.3) - restriction: || (&& (== net45) (>= netstandard1.6)) (== netcoreapp2.0) (== netstandard1.6) (== netstandard2.0)
      runtime.native.System.Security.Cryptography.OpenSsl (>= 4.3.2) - restriction: || (&& (== net45) (>= netstandard1.6)) (== netcoreapp2.0) (== netstandard1.6) (== netstandard2.0)
      System.Collections (>= 4.3) - restriction: || (&& (== net45) (>= netstandard1.3)) (&& (== net45) (>= netstandard1.6)) (== netcoreapp2.0) (== netstandard1.6) (== netstandard2.0)
      System.Collections.Concurrent (>= 4.3) - restriction: || (&& (== net45) (>= netstandard1.3)) (&& (== net45) (>= netstandard1.6)) (== netcoreapp2.0) (== netstandard1.6) (== netstandard2.0)
      System.Diagnostics.Tracing (>= 4.3) - restriction: || (&& (== net45) (>= netstandard1.3)) (&& (== net45) (>= netstandard1.6)) (== netcoreapp2.0) (== netstandard1.6) (== netstandard2.0)
      System.Globalization (>= 4.3) - restriction: || (&& (== net45) (>= netstandard1.3)) (&& (== net45) (>= netstandard1.6)) (== netcoreapp2.0) (== netstandard1.6) (== netstandard2.0)
      System.Globalization.Extensions (>= 4.3) - restriction: || (&& (== net45) (>= netstandard1.6)) (== netcoreapp2.0) (== netstandard1.6) (== netstandard2.0)
      System.IO (>= 4.3) - restriction: || (&& (== net45) (>= netstandard1.3)) (&& (== net45) (>= netstandard1.6)) (== netcoreapp2.0) (== netstandard1.6) (== netstandard2.0)
      System.Net.Primitives (>= 4.3) - restriction: || (&& (== net45) (>= netstandard1.3)) (&& (== net45) (>= netstandard1.6)) (== netcoreapp2.0) (== netstandard1.6) (== netstandard2.0)
      System.Resources.ResourceManager (>= 4.3) - restriction: || (&& (== net45) (>= netstandard1.3)) (&& (== net45) (>= netstandard1.6)) (== netcoreapp2.0) (== netstandard1.6) (== netstandard2.0)
      System.Runtime (>= 4.3) - restriction: || (&& (== net45) (>= netstandard1.3)) (&& (== net45) (>= netstandard1.6)) (== netcoreapp2.0) (== netstandard1.6) (== netstandard2.0)
      System.Runtime.Extensions (>= 4.3) - restriction: || (&& (== net45) (>= netstandard1.3)) (&& (== net45) (>= netstandard1.6)) (== netcoreapp2.0) (== netstandard1.6) (== netstandard2.0)
      System.Runtime.Handles (>= 4.3) - restriction: || (&& (== net45) (>= netstandard1.3)) (&& (== net45) (>= netstandard1.6)) (== netcoreapp2.0) (== netstandard1.6) (== netstandard2.0)
      System.Runtime.InteropServices (>= 4.3) - restriction: || (&& (== net45) (>= netstandard1.3)) (&& (== net45) (>= netstandard1.6)) (== netcoreapp2.0) (== netstandard1.6) (== netstandard2.0)
      System.Security.Claims (>= 4.3) - restriction: || (&& (== net45) (>= netstandard1.3)) (&& (== net45) (>= netstandard1.6)) (== netcoreapp2.0) (== netstandard1.6) (== netstandard2.0)
      System.Security.Cryptography.Algorithms (>= 4.3) - restriction: || (&& (== net45) (>= netstandard1.6)) (== netcoreapp2.0) (== netstandard1.6) (== netstandard2.0)
      System.Security.Cryptography.Encoding (>= 4.3) - restriction: || (&& (== net45) (>= netstandard1.3)) (&& (== net45) (>= netstandard1.6)) (== netcoreapp2.0) (== netstandard1.6) (== netstandard2.0)
      System.Security.Cryptography.OpenSsl (>= 4.3) - restriction: || (&& (== net45) (>= netstandard1.6)) (== netcoreapp2.0) (== netstandard1.6) (== netstandard2.0)
      System.Security.Cryptography.Primitives (>= 4.3) - restriction: || (&& (== net45) (>= netstandard1.3)) (&& (== net45) (>= netstandard1.6)) (== netcoreapp2.0) (== netstandard1.6) (== netstandard2.0)
      System.Security.Cryptography.X509Certificates (>= 4.3) - restriction: || (&& (== net45) (>= net46)) (&& (== net45) (>= netstandard1.3)) (&& (== net45) (>= netstandard1.6)) (== netcoreapp2.0) (== netstandard1.6) (== netstandard2.0)
      System.Security.Principal (>= 4.3) - restriction: || (&& (== net45) (>= netstandard1.3)) (&& (== net45) (>= netstandard1.6)) (== netcoreapp2.0) (== netstandard1.6) (== netstandard2.0)
      System.Text.Encoding (>= 4.3) - restriction: || (&& (== net45) (>= netstandard1.6)) (== netcoreapp2.0) (== netstandard1.6) (== netstandard2.0)
      System.Threading (>= 4.3) - restriction: || (&& (== net45) (>= netstandard1.3)) (&& (== net45) (>= netstandard1.6)) (== netcoreapp2.0) (== netstandard1.6) (== netstandard2.0)
      System.Threading.Tasks (>= 4.3) - restriction: || (&& (== net45) (>= netstandard1.3)) (&& (== net45) (>= netstandard1.6)) (== netcoreapp2.0) (== netstandard1.6) (== netstandard2.0)
      System.Threading.ThreadPool (>= 4.3) - restriction: || (&& (== net45) (>= netstandard1.3)) (&& (== net45) (>= netstandard1.6)) (== netcoreapp2.0) (== netstandard1.6) (== netstandard2.0)
    System.Net.Sockets (4.3) - restriction: || (== netcoreapp2.0) (== netstandard1.6) (== netstandard2.0)
      Microsoft.NETCore.Platforms (>= 1.1) - restriction: || (&& (== net45) (>= netstandard1.3)) (== netcoreapp2.0) (== netstandard1.6) (== netstandard2.0)
      Microsoft.NETCore.Targets (>= 1.1) - restriction: || (&& (== net45) (>= netstandard1.3)) (== netcoreapp2.0) (== netstandard1.6) (== netstandard2.0)
      System.IO (>= 4.3) - restriction: || (&& (== net45) (>= netstandard1.3)) (== netcoreapp2.0) (== netstandard1.6) (== netstandard2.0)
      System.Net.Primitives (>= 4.3) - restriction: || (&& (== net45) (>= netstandard1.3)) (== netcoreapp2.0) (== netstandard1.6) (== netstandard2.0)
      System.Runtime (>= 4.3) - restriction: || (&& (== net45) (>= netstandard1.3)) (== netcoreapp2.0) (== netstandard1.6) (== netstandard2.0)
      System.Threading.Tasks (>= 4.3) - restriction: || (&& (== net45) (>= netstandard1.3)) (== netcoreapp2.0) (== netstandard1.6) (== netstandard2.0)
    System.Net.WebHeaderCollection (4.3) - restriction: || (&& (== net45) (== netcoreapp2.0)) (&& (== netcoreapp2.0) (>= dnxcore50)) (&& (== netcoreapp2.0) (< netstandard2.0)) (== netstandard1.6)
      System.Collections (>= 4.3) - restriction: || (&& (== net45) (>= netstandard1.3)) (== netcoreapp2.0) (== netstandard1.6) (== netstandard2.0)
      System.Resources.ResourceManager (>= 4.3) - restriction: || (&& (== net45) (>= netstandard1.3)) (== netcoreapp2.0) (== netstandard1.6) (== netstandard2.0)
      System.Runtime (>= 4.3) - restriction: || (&& (== net45) (>= netstandard1.3)) (== netcoreapp2.0) (== netstandard1.6) (== netstandard2.0)
      System.Runtime.Extensions (>= 4.3) - restriction: || (&& (== net45) (>= netstandard1.3)) (== netcoreapp2.0) (== netstandard1.6) (== netstandard2.0)
    System.ObjectModel (4.3) - restriction: || (== netcoreapp2.0) (== netstandard1.6) (== netstandard2.0)
      System.Collections (>= 4.3) - restriction: || (&& (== net45) (>= dnxcore50)) (== netcoreapp2.0) (== netstandard1.6) (== netstandard2.0)
      System.Diagnostics.Debug (>= 4.3) - restriction: || (&& (== net45) (>= dnxcore50)) (== netcoreapp2.0) (== netstandard1.6) (== netstandard2.0)
      System.Resources.ResourceManager (>= 4.3) - restriction: || (&& (== net45) (>= dnxcore50)) (== netcoreapp2.0) (== netstandard1.6) (== netstandard2.0)
      System.Runtime (>= 4.3) - restriction: || (&& (== net45) (>= dnxcore50)) (== netcoreapp2.0) (== netstandard1.6) (== netstandard2.0)
      System.Threading (>= 4.3) - restriction: || (&& (== net45) (>= dnxcore50)) (== netcoreapp2.0) (== netstandard1.6) (== netstandard2.0)
    System.Reflection (4.3) - restriction: || (== netcoreapp2.0) (== netstandard1.6) (== netstandard2.0)
      Microsoft.NETCore.Platforms (>= 1.1) - restriction: || (&& (== net45) (>= dnxcore50)) (== netcoreapp2.0) (== netstandard1.6) (== netstandard2.0)
      Microsoft.NETCore.Targets (>= 1.1) - restriction: || (&& (== net45) (>= dnxcore50)) (== netcoreapp2.0) (== netstandard1.6) (== netstandard2.0)
      System.IO (>= 4.3) - restriction: || (&& (== net45) (>= dnxcore50)) (== netcoreapp2.0) (== netstandard1.6) (== netstandard2.0)
      System.Reflection.Primitives (>= 4.3) - restriction: || (&& (== net45) (>= dnxcore50)) (== netcoreapp2.0) (== netstandard1.6) (== netstandard2.0)
      System.Runtime (>= 4.3) - restriction: || (&& (== net45) (>= dnxcore50)) (== netcoreapp2.0) (== netstandard1.6) (== netstandard2.0)
    System.Reflection.Emit (4.3) - restriction: || (== netcoreapp2.0) (== netstandard1.6) (== netstandard2.0)
      System.IO (>= 4.3) - restriction: || (== netcoreapp2.0) (== netstandard1.6) (== netstandard2.0)
      System.Reflection (>= 4.3) - restriction: || (== netcoreapp2.0) (== netstandard1.6) (== netstandard2.0)
      System.Reflection.Emit.ILGeneration (>= 4.3) - restriction: || (== netcoreapp2.0) (== netstandard1.6) (== netstandard2.0)
      System.Reflection.Primitives (>= 4.3) - restriction: || (== netcoreapp2.0) (== netstandard1.6) (== netstandard2.0)
      System.Runtime (>= 4.3) - restriction: || (== netcoreapp2.0) (== netstandard1.6) (== netstandard2.0)
    System.Reflection.Emit.ILGeneration (4.3) - restriction: || (== netcoreapp2.0) (== netstandard1.6) (== netstandard2.0)
      System.Reflection (>= 4.3) - restriction: || (== netcoreapp2.0) (== netstandard1.6) (== netstandard2.0)
      System.Reflection.Primitives (>= 4.3) - restriction: || (== netcoreapp2.0) (== netstandard1.6) (== netstandard2.0)
      System.Runtime (>= 4.3) - restriction: || (== netcoreapp2.0) (== netstandard1.6) (== netstandard2.0)
    System.Reflection.Emit.Lightweight (4.3) - restriction: || (== netcoreapp2.0) (== netstandard1.6) (== netstandard2.0)
      System.Reflection (>= 4.3) - restriction: || (== netcoreapp2.0) (== netstandard1.6) (== netstandard2.0)
      System.Reflection.Emit.ILGeneration (>= 4.3) - restriction: || (== netcoreapp2.0) (== netstandard1.6) (== netstandard2.0)
      System.Reflection.Primitives (>= 4.3) - restriction: || (== netcoreapp2.0) (== netstandard1.6) (== netstandard2.0)
      System.Runtime (>= 4.3) - restriction: || (== netcoreapp2.0) (== netstandard1.6) (== netstandard2.0)
    System.Reflection.Extensions (4.3) - restriction: || (== netcoreapp2.0) (== netstandard1.6) (== netstandard2.0)
      Microsoft.NETCore.Platforms (>= 1.1) - restriction: || (&& (== net45) (>= dnxcore50)) (== netcoreapp2.0) (== netstandard1.6) (== netstandard2.0)
      Microsoft.NETCore.Targets (>= 1.1) - restriction: || (&& (== net45) (>= dnxcore50)) (== netcoreapp2.0) (== netstandard1.6) (== netstandard2.0)
      System.Reflection (>= 4.3) - restriction: || (&& (== net45) (>= dnxcore50)) (== netcoreapp2.0) (== netstandard1.6) (== netstandard2.0)
      System.Runtime (>= 4.3) - restriction: || (&& (== net45) (>= dnxcore50)) (== netcoreapp2.0) (== netstandard1.6) (== netstandard2.0)
    System.Reflection.Metadata (1.5) - restriction: || (&& (== net45) (< net20) (>= netstandard1.5)) (== netcoreapp2.0) (== netstandard1.6) (== netstandard2.0)
      NETStandard.Library (>= 1.6.1) - restriction: || (== net45) (&& (== netcoreapp2.0) (< netstandard2.0)) (== netstandard1.6)
      System.Collections.Immutable (>= 1.4) - restriction: || (== net45) (&& (== netcoreapp2.0) (>= monoandroid)) (&& (== netcoreapp2.0) (>= monotouch)) (&& (== netcoreapp2.0) (< netstandard1.1)) (&& (== netcoreapp2.0) (< netstandard2.0)) (&& (== netcoreapp2.0) (< portable-net45+win8)) (&& (== netcoreapp2.0) (>= xamarinios)) (&& (== netcoreapp2.0) (>= xamarinmac)) (&& (== netcoreapp2.0) (>= xamarintvos)) (&& (== netcoreapp2.0) (>= xamarinwatchos)) (== netstandard1.6) (== netstandard2.0)
    System.Reflection.Primitives (4.3) - restriction: || (== netcoreapp2.0) (== netstandard1.6) (== netstandard2.0)
      Microsoft.NETCore.Platforms (>= 1.1) - restriction: || (&& (== net45) (>= dnxcore50)) (== netcoreapp2.0) (== netstandard1.6) (== netstandard2.0)
      Microsoft.NETCore.Targets (>= 1.1) - restriction: || (&& (== net45) (>= dnxcore50)) (== netcoreapp2.0) (== netstandard1.6) (== netstandard2.0)
      System.Runtime (>= 4.3) - restriction: || (&& (== net45) (>= dnxcore50)) (== netcoreapp2.0) (== netstandard1.6) (== netstandard2.0)
    System.Reflection.TypeExtensions (4.4) - restriction: || (== netcoreapp2.0) (== netstandard1.6) (== netstandard2.0)
      System.Reflection (>= 4.3) - restriction: || (&& (== net45) (== netcoreapp2.0)) (&& (== net45) (== netstandard2.0)) (&& (== net45) (>= dnxcore50)) (&& (== net45) (>= netstandard1.3)) (&& (== net45) (>= netstandard1.5)) (&& (== netcoreapp2.0) (>= dnxcore50)) (&& (== netcoreapp2.0) (< netstandard1.5)) (&& (== netcoreapp2.0) (< netstandard2.0)) (== netstandard1.6) (&& (== netstandard2.0) (>= dnxcore50)) (&& (== netstandard2.0) (< netstandard1.5))
      System.Resources.ResourceManager (>= 4.3) - restriction: || (&& (== net45) (== netcoreapp2.0)) (&& (== net45) (== netstandard2.0)) (&& (== net45) (>= dnxcore50)) (&& (== net45) (>= netstandard1.3)) (&& (== net45) (>= netstandard1.5)) (&& (== netcoreapp2.0) (>= dnxcore50)) (&& (== netcoreapp2.0) (< netstandard1.5)) (&& (== netcoreapp2.0) (< netstandard2.0)) (== netstandard1.6) (&& (== netstandard2.0) (>= dnxcore50)) (&& (== netstandard2.0) (< netstandard1.5))
      System.Runtime (>= 4.3) - restriction: || (&& (== net45) (== netcoreapp2.0)) (&& (== net45) (== netstandard2.0)) (&& (== net45) (>= dnxcore50)) (&& (== net45) (>= netstandard1.3)) (&& (== net45) (>= netstandard1.5)) (&& (== netcoreapp2.0) (>= dnxcore50)) (&& (== netcoreapp2.0) (< netstandard1.5)) (&& (== netcoreapp2.0) (< netstandard2.0)) (== netstandard1.6) (&& (== netstandard2.0) (>= dnxcore50)) (&& (== netstandard2.0) (< netstandard1.5))
    System.Resources.ResourceManager (4.3) - restriction: || (== netcoreapp2.0) (== netstandard1.6) (== netstandard2.0)
      Microsoft.NETCore.Platforms (>= 1.1) - restriction: || (&& (== net45) (>= dnxcore50)) (== netcoreapp2.0) (== netstandard1.6) (== netstandard2.0)
      Microsoft.NETCore.Targets (>= 1.1) - restriction: || (&& (== net45) (>= dnxcore50)) (== netcoreapp2.0) (== netstandard1.6) (== netstandard2.0)
      System.Globalization (>= 4.3) - restriction: || (&& (== net45) (>= dnxcore50)) (== netcoreapp2.0) (== netstandard1.6) (== netstandard2.0)
      System.Reflection (>= 4.3) - restriction: || (&& (== net45) (>= dnxcore50)) (== netcoreapp2.0) (== netstandard1.6) (== netstandard2.0)
      System.Runtime (>= 4.3) - restriction: || (&& (== net45) (>= dnxcore50)) (== netcoreapp2.0) (== netstandard1.6) (== netstandard2.0)
    System.Runtime (4.3) - restriction: || (== netcoreapp2.0) (== netstandard1.6) (== netstandard2.0)
      Microsoft.NETCore.Platforms (>= 1.1) - restriction: || (&& (== net45) (>= dnxcore50)) (== netcoreapp2.0) (== netstandard1.6) (== netstandard2.0)
      Microsoft.NETCore.Targets (>= 1.1) - restriction: || (&& (== net45) (>= dnxcore50)) (== netcoreapp2.0) (== netstandard1.6) (== netstandard2.0)
    System.Runtime.Extensions (4.3) - restriction: || (== netcoreapp2.0) (== netstandard1.6) (== netstandard2.0)
      Microsoft.NETCore.Platforms (>= 1.1) - restriction: || (&& (== net45) (>= dnxcore50)) (== netcoreapp2.0) (== netstandard1.6) (== netstandard2.0)
      Microsoft.NETCore.Targets (>= 1.1) - restriction: || (&& (== net45) (>= dnxcore50)) (== netcoreapp2.0) (== netstandard1.6) (== netstandard2.0)
      System.Runtime (>= 4.3) - restriction: || (&& (== net45) (>= dnxcore50)) (== netcoreapp2.0) (== netstandard1.6) (== netstandard2.0)
    System.Runtime.Handles (4.3) - restriction: || (== netcoreapp2.0) (== netstandard1.6) (== netstandard2.0)
      Microsoft.NETCore.Platforms (>= 1.1) - restriction: || (&& (== net45) (>= netstandard1.3)) (== netcoreapp2.0) (== netstandard1.6) (== netstandard2.0)
      Microsoft.NETCore.Targets (>= 1.1) - restriction: || (&& (== net45) (>= netstandard1.3)) (== netcoreapp2.0) (== netstandard1.6) (== netstandard2.0)
      System.Runtime (>= 4.3) - restriction: || (&& (== net45) (>= netstandard1.3)) (== netcoreapp2.0) (== netstandard1.6) (== netstandard2.0)
    System.Runtime.InteropServices (4.3) - restriction: || (== netcoreapp2.0) (== netstandard1.6) (== netstandard2.0)
      Microsoft.NETCore.Platforms (>= 1.1) - restriction: || (&& (== net45) (>= dnxcore50)) (&& (== net45) (>= netcoreapp1.1)) (== netcoreapp2.0) (== netstandard1.6) (== netstandard2.0)
      Microsoft.NETCore.Targets (>= 1.1) - restriction: || (&& (== net45) (>= dnxcore50)) (&& (== net45) (>= netcoreapp1.1)) (== netcoreapp2.0) (== netstandard1.6) (== netstandard2.0)
      System.Reflection (>= 4.3) - restriction: || (&& (== net45) (>= dnxcore50)) (&& (== net45) (>= netcoreapp1.1)) (== netcoreapp2.0) (== netstandard1.6) (== netstandard2.0)
      System.Reflection.Primitives (>= 4.3) - restriction: || (&& (== net45) (>= dnxcore50)) (&& (== net45) (>= netcoreapp1.1)) (== netcoreapp2.0) (== netstandard1.6) (== netstandard2.0)
      System.Runtime (>= 4.3) - restriction: || (&& (== net45) (>= dnxcore50)) (&& (== net45) (>= net462)) (&& (== net45) (>= netcoreapp1.1)) (== netcoreapp2.0) (== netstandard1.6) (== netstandard2.0)
      System.Runtime.Handles (>= 4.3) - restriction: || (&& (== net45) (>= dnxcore50)) (&& (== net45) (>= netcoreapp1.1)) (== netcoreapp2.0) (== netstandard1.6) (== netstandard2.0)
    System.Runtime.InteropServices.RuntimeInformation (4.3) - restriction: || (== netcoreapp2.0) (== netstandard1.6) (== netstandard2.0)
      runtime.native.System (>= 4.3) - restriction: || (== netcoreapp2.0) (== netstandard1.6) (== netstandard2.0)
      System.Reflection (>= 4.3) - restriction: || (&& (== net45) (>= dnxcore50)) (== netcoreapp2.0) (== netstandard1.6) (== netstandard2.0)
      System.Reflection.Extensions (>= 4.3) - restriction: || (&& (== net45) (>= dnxcore50)) (== netcoreapp2.0) (== netstandard1.6) (== netstandard2.0)
      System.Resources.ResourceManager (>= 4.3) - restriction: || (&& (== net45) (>= dnxcore50)) (== netcoreapp2.0) (== netstandard1.6) (== netstandard2.0)
      System.Runtime (>= 4.3) - restriction: || (&& (== net45) (>= dnxcore50)) (== netcoreapp2.0) (== netstandard1.6) (== netstandard2.0)
      System.Runtime.InteropServices (>= 4.3) - restriction: || (== netcoreapp2.0) (== netstandard1.6) (== netstandard2.0)
      System.Threading (>= 4.3) - restriction: || (&& (== net45) (>= dnxcore50)) (== netcoreapp2.0) (== netstandard1.6) (== netstandard2.0)
    System.Runtime.Numerics (4.3) - restriction: || (== netcoreapp2.0) (== netstandard1.6) (== netstandard2.0)
      System.Globalization (>= 4.3) - restriction: || (&& (== net45) (>= dnxcore50)) (== netcoreapp2.0) (== netstandard1.6) (== netstandard2.0)
      System.Resources.ResourceManager (>= 4.3) - restriction: || (&& (== net45) (>= dnxcore50)) (== netcoreapp2.0) (== netstandard1.6) (== netstandard2.0)
      System.Runtime (>= 4.3) - restriction: || (&& (== net45) (>= dnxcore50)) (== netcoreapp2.0) (== netstandard1.6) (== netstandard2.0)
      System.Runtime.Extensions (>= 4.3) - restriction: || (&& (== net45) (>= dnxcore50)) (== netcoreapp2.0) (== netstandard1.6) (== netstandard2.0)
    System.Runtime.Serialization.Primitives (4.3) - restriction: || (== netcoreapp2.0) (== netstandard1.6) (== netstandard2.0)
      System.Resources.ResourceManager (>= 4.3) - restriction: || (&& (== net45) (>= dnxcore50)) (== netcoreapp2.0) (== netstandard1.6) (== netstandard2.0)
      System.Runtime (>= 4.3) - restriction: || (&& (== net45) (>= dnxcore50)) (== netcoreapp2.0) (== netstandard1.6) (== netstandard2.0)
    System.Security.Claims (4.3) - restriction: || (== netcoreapp2.0) (== netstandard1.6) (== netstandard2.0)
      System.Collections (>= 4.3) - restriction: || (&& (== net45) (>= netstandard1.3)) (== netcoreapp2.0) (== netstandard1.6) (== netstandard2.0)
      System.Globalization (>= 4.3) - restriction: || (&& (== net45) (>= netstandard1.3)) (== netcoreapp2.0) (== netstandard1.6) (== netstandard2.0)
      System.IO (>= 4.3) - restriction: || (&& (== net45) (>= netstandard1.3)) (== netcoreapp2.0) (== netstandard1.6) (== netstandard2.0)
      System.Resources.ResourceManager (>= 4.3) - restriction: || (&& (== net45) (>= netstandard1.3)) (== netcoreapp2.0) (== netstandard1.6) (== netstandard2.0)
      System.Runtime (>= 4.3) - restriction: || (&& (== net45) (>= netstandard1.3)) (== netcoreapp2.0) (== netstandard1.6) (== netstandard2.0)
      System.Runtime.Extensions (>= 4.3) - restriction: || (&& (== net45) (>= netstandard1.3)) (== netcoreapp2.0) (== netstandard1.6) (== netstandard2.0)
      System.Security.Principal (>= 4.3) - restriction: || (&& (== net45) (>= netstandard1.3)) (== netcoreapp2.0) (== netstandard1.6) (== netstandard2.0)
    System.Security.Cryptography.Algorithms (4.3.1) - restriction: || (== netcoreapp2.0) (== netstandard1.6) (== netstandard2.0)
      Microsoft.NETCore.Platforms (>= 1.1) - restriction: || (&& (== net45) (>= dnxcore50)) (&& (== net45) (>= netstandard1.6)) (== netcoreapp2.0) (== netstandard1.6) (== netstandard2.0)
      runtime.native.System.Security.Cryptography.Apple (>= 4.3.1) - restriction: || (&& (== net45) (>= netstandard1.6)) (== netcoreapp2.0) (== netstandard1.6) (== netstandard2.0)
      runtime.native.System.Security.Cryptography.OpenSsl (>= 4.3.2) - restriction: || (&& (== net45) (>= netstandard1.6)) (== netcoreapp2.0) (== netstandard1.6) (== netstandard2.0)
      System.Collections (>= 4.3) - restriction: || (&& (== net45) (>= netstandard1.6)) (== netcoreapp2.0) (== netstandard1.6) (== netstandard2.0)
      System.IO (>= 4.3) - restriction: || (&& (== net45) (>= dnxcore50)) (&& (== net45) (>= net463)) (&& (== net45) (>= netstandard1.3)) (&& (== net45) (>= netstandard1.4)) (&& (== net45) (>= netstandard1.6)) (== netcoreapp2.0) (== netstandard1.6) (== netstandard2.0)
      System.Resources.ResourceManager (>= 4.3) - restriction: || (&& (== net45) (>= dnxcore50)) (&& (== net45) (>= netstandard1.6)) (== netcoreapp2.0) (== netstandard1.6) (== netstandard2.0)
      System.Runtime (>= 4.3) - restriction: || (&& (== net45) (>= dnxcore50)) (&& (== net45) (>= net463)) (&& (== net45) (>= netstandard1.3)) (&& (== net45) (>= netstandard1.4)) (&& (== net45) (>= netstandard1.6)) (== netcoreapp2.0) (== netstandard1.6) (== netstandard2.0)
      System.Runtime.Extensions (>= 4.3) - restriction: || (&& (== net45) (>= dnxcore50)) (&& (== net45) (>= netstandard1.6)) (== netcoreapp2.0) (== netstandard1.6) (== netstandard2.0)
      System.Runtime.Handles (>= 4.3) - restriction: || (&& (== net45) (>= dnxcore50)) (&& (== net45) (>= netstandard1.6)) (== netcoreapp2.0) (== netstandard1.6) (== netstandard2.0)
      System.Runtime.InteropServices (>= 4.3) - restriction: || (&& (== net45) (>= dnxcore50)) (&& (== net45) (>= netstandard1.6)) (== netcoreapp2.0) (== netstandard1.6) (== netstandard2.0)
      System.Runtime.Numerics (>= 4.3) - restriction: || (&& (== net45) (>= netstandard1.6)) (== netcoreapp2.0) (== netstandard1.6) (== netstandard2.0)
      System.Security.Cryptography.Encoding (>= 4.3) - restriction: || (&& (== net45) (>= dnxcore50)) (&& (== net45) (>= net463)) (&& (== net45) (>= netstandard1.6)) (== netcoreapp2.0) (== netstandard1.6) (== netstandard2.0)
      System.Security.Cryptography.Primitives (>= 4.3) - restriction: || (&& (== net45) (>= dnxcore50)) (&& (== net45) (>= net46)) (&& (== net45) (>= net461)) (&& (== net45) (>= net463)) (&& (== net45) (>= netstandard1.3)) (&& (== net45) (>= netstandard1.4)) (&& (== net45) (>= netstandard1.6)) (== netcoreapp2.0) (== netstandard1.6) (== netstandard2.0)
      System.Text.Encoding (>= 4.3) - restriction: || (&& (== net45) (>= dnxcore50)) (&& (== net45) (>= netstandard1.6)) (== netcoreapp2.0) (== netstandard1.6) (== netstandard2.0)
    System.Security.Cryptography.Cng (4.4) - restriction: || (== netcoreapp2.0) (== netstandard1.6) (== netstandard2.0)
      Microsoft.NETCore.Platforms (>= 2.0) - restriction: || (&& (== net45) (>= netcoreapp2.0)) (== netcoreapp2.0) (&& (== netstandard1.6) (>= netcoreapp2.0)) (&& (== netstandard2.0) (>= netcoreapp2.0))
      System.IO (>= 4.3) - restriction: || (&& (== net45) (== netcoreapp2.0)) (&& (== net45) (== netstandard2.0)) (&& (== net45) (>= netstandard1.3)) (&& (== net45) (>= netstandard1.4)) (&& (== net45) (>= netstandard1.6)) (&& (== netcoreapp2.0) (< netstandard1.4)) (&& (== netcoreapp2.0) (< netstandard1.6)) (&& (== netcoreapp2.0) (< netstandard2.0)) (== netstandard1.6) (&& (== netstandard2.0) (< netstandard1.4)) (&& (== netstandard2.0) (< netstandard1.6))
      System.Resources.ResourceManager (>= 4.3) - restriction: || (&& (== net45) (== netcoreapp2.0)) (&& (== net45) (== netstandard2.0)) (&& (== net45) (>= netstandard1.3)) (&& (== net45) (>= netstandard1.4)) (&& (== net45) (>= netstandard1.6)) (&& (== netcoreapp2.0) (< netstandard1.4)) (&& (== netcoreapp2.0) (< netstandard1.6)) (&& (== netcoreapp2.0) (< netstandard2.0)) (== netstandard1.6) (&& (== netstandard2.0) (< netstandard1.4)) (&& (== netstandard2.0) (< netstandard1.6))
      System.Runtime (>= 4.3) - restriction: || (&& (== net45) (== netcoreapp2.0)) (&& (== net45) (== netstandard2.0)) (&& (== net45) (>= netstandard1.3)) (&& (== net45) (>= netstandard1.4)) (&& (== net45) (>= netstandard1.6)) (&& (== netcoreapp2.0) (< netstandard1.4)) (&& (== netcoreapp2.0) (< netstandard1.6)) (&& (== netcoreapp2.0) (< netstandard2.0)) (== netstandard1.6) (&& (== netstandard2.0) (< netstandard1.4)) (&& (== netstandard2.0) (< netstandard1.6))
      System.Runtime.Extensions (>= 4.3) - restriction: || (&& (== net45) (== netcoreapp2.0)) (&& (== net45) (== netstandard2.0)) (&& (== net45) (>= netstandard1.4)) (&& (== net45) (>= netstandard1.6)) (&& (== netcoreapp2.0) (< netstandard1.6)) (&& (== netcoreapp2.0) (< netstandard2.0)) (== netstandard1.6) (&& (== netstandard2.0) (< netstandard1.6))
      System.Runtime.Handles (>= 4.3) - restriction: || (&& (== net45) (== netcoreapp2.0)) (&& (== net45) (== netstandard2.0)) (&& (== net45) (>= netstandard1.3)) (&& (== net45) (>= netstandard1.4)) (&& (== net45) (>= netstandard1.6)) (&& (== netcoreapp2.0) (< netstandard1.4)) (&& (== netcoreapp2.0) (< netstandard1.6)) (&& (== netcoreapp2.0) (< netstandard2.0)) (== netstandard1.6) (&& (== netstandard2.0) (< netstandard1.4)) (&& (== netstandard2.0) (< netstandard1.6))
      System.Runtime.InteropServices (>= 4.3) - restriction: || (&& (== net45) (== netcoreapp2.0)) (&& (== net45) (== netstandard2.0)) (&& (== net45) (>= netstandard1.3)) (&& (== net45) (>= netstandard1.4)) (&& (== net45) (>= netstandard1.6)) (&& (== netcoreapp2.0) (< netstandard1.4)) (&& (== netcoreapp2.0) (< netstandard1.6)) (&& (== netcoreapp2.0) (< netstandard2.0)) (== netstandard1.6) (&& (== netstandard2.0) (< netstandard1.4)) (&& (== netstandard2.0) (< netstandard1.6))
      System.Security.Cryptography.Algorithms (>= 4.3) - restriction: || (&& (== net45) (== netcoreapp2.0)) (&& (== net45) (== netstandard2.0)) (&& (== net45) (>= net46)) (&& (== net45) (>= netstandard1.3)) (&& (== net45) (>= netstandard1.4)) (&& (== net45) (>= netstandard1.6)) (&& (== netcoreapp2.0) (< netstandard1.4)) (&& (== netcoreapp2.0) (< netstandard1.6)) (&& (== netcoreapp2.0) (< netstandard2.0)) (== netstandard1.6) (&& (== netstandard2.0) (< netstandard1.4)) (&& (== netstandard2.0) (< netstandard1.6))
      System.Security.Cryptography.Encoding (>= 4.3) - restriction: || (&& (== net45) (== netcoreapp2.0)) (&& (== net45) (== netstandard2.0)) (&& (== net45) (>= netstandard1.4)) (&& (== net45) (>= netstandard1.6)) (&& (== netcoreapp2.0) (< netstandard1.6)) (&& (== netcoreapp2.0) (< netstandard2.0)) (== netstandard1.6) (&& (== netstandard2.0) (< netstandard1.6))
      System.Security.Cryptography.Primitives (>= 4.3) - restriction: || (&& (== net45) (== netcoreapp2.0)) (&& (== net45) (== netstandard2.0)) (&& (== net45) (>= net46)) (&& (== net45) (>= netstandard1.3)) (&& (== net45) (>= netstandard1.4)) (&& (== net45) (>= netstandard1.6)) (&& (== netcoreapp2.0) (< netstandard1.4)) (&& (== netcoreapp2.0) (< netstandard1.6)) (&& (== netcoreapp2.0) (< netstandard2.0)) (== netstandard1.6) (&& (== netstandard2.0) (< netstandard1.4)) (&& (== netstandard2.0) (< netstandard1.6))
      System.Text.Encoding (>= 4.3) - restriction: || (&& (== net45) (== netcoreapp2.0)) (&& (== net45) (== netstandard2.0)) (&& (== net45) (>= netstandard1.4)) (&& (== net45) (>= netstandard1.6)) (&& (== netcoreapp2.0) (< netstandard1.6)) (&& (== netcoreapp2.0) (< netstandard2.0)) (== netstandard1.6) (&& (== netstandard2.0) (< netstandard1.6))
    System.Security.Cryptography.Csp (4.3) - restriction: || (== netcoreapp2.0) (== netstandard1.6) (== netstandard2.0)
      Microsoft.NETCore.Platforms (>= 1.1) - restriction: || (&& (== net45) (>= netstandard1.3)) (== netcoreapp2.0) (== netstandard1.6) (== netstandard2.0)
      System.IO (>= 4.3) - restriction: || (&& (== net45) (>= netstandard1.3)) (== netcoreapp2.0) (== netstandard1.6) (== netstandard2.0)
      System.Reflection (>= 4.3) - restriction: || (&& (== net45) (>= netstandard1.3)) (== netcoreapp2.0) (== netstandard1.6) (== netstandard2.0)
      System.Resources.ResourceManager (>= 4.3) - restriction: || (&& (== net45) (>= netstandard1.3)) (== netcoreapp2.0) (== netstandard1.6) (== netstandard2.0)
      System.Runtime (>= 4.3) - restriction: || (&& (== net45) (>= netstandard1.3)) (== netcoreapp2.0) (== netstandard1.6) (== netstandard2.0)
      System.Runtime.Extensions (>= 4.3) - restriction: || (&& (== net45) (>= netstandard1.3)) (== netcoreapp2.0) (== netstandard1.6) (== netstandard2.0)
      System.Runtime.Handles (>= 4.3) - restriction: || (&& (== net45) (>= netstandard1.3)) (== netcoreapp2.0) (== netstandard1.6) (== netstandard2.0)
      System.Runtime.InteropServices (>= 4.3) - restriction: || (&& (== net45) (>= netstandard1.3)) (== netcoreapp2.0) (== netstandard1.6) (== netstandard2.0)
      System.Security.Cryptography.Algorithms (>= 4.3) - restriction: || (&& (== net45) (>= net46)) (&& (== net45) (>= netstandard1.3)) (== netcoreapp2.0) (== netstandard1.6) (== netstandard2.0)
      System.Security.Cryptography.Encoding (>= 4.3) - restriction: || (&& (== net45) (>= netstandard1.3)) (== netcoreapp2.0) (== netstandard1.6) (== netstandard2.0)
      System.Security.Cryptography.Primitives (>= 4.3) - restriction: || (&& (== net45) (>= net46)) (&& (== net45) (>= netstandard1.3)) (== netcoreapp2.0) (== netstandard1.6) (== netstandard2.0)
      System.Text.Encoding (>= 4.3) - restriction: || (&& (== net45) (>= netstandard1.3)) (== netcoreapp2.0) (== netstandard1.6) (== netstandard2.0)
      System.Threading (>= 4.3) - restriction: || (&& (== net45) (>= netstandard1.3)) (== netcoreapp2.0) (== netstandard1.6) (== netstandard2.0)
    System.Security.Cryptography.Encoding (4.3) - restriction: || (== netcoreapp2.0) (== netstandard1.6) (== netstandard2.0)
      Microsoft.NETCore.Platforms (>= 1.1) - restriction: || (&& (== net45) (>= netstandard1.3)) (== netcoreapp2.0) (== netstandard1.6) (== netstandard2.0)
      runtime.native.System.Security.Cryptography.OpenSsl (>= 4.3) - restriction: || (&& (== net45) (>= netstandard1.3)) (== netcoreapp2.0) (== netstandard1.6) (== netstandard2.0)
      System.Collections (>= 4.3) - restriction: || (&& (== net45) (>= netstandard1.3)) (== netcoreapp2.0) (== netstandard1.6) (== netstandard2.0)
      System.Collections.Concurrent (>= 4.3) - restriction: || (&& (== net45) (>= netstandard1.3)) (== netcoreapp2.0) (== netstandard1.6) (== netstandard2.0)
      System.Linq (>= 4.3) - restriction: || (&& (== net45) (>= netstandard1.3)) (== netcoreapp2.0) (== netstandard1.6) (== netstandard2.0)
      System.Resources.ResourceManager (>= 4.3) - restriction: || (&& (== net45) (>= netstandard1.3)) (== netcoreapp2.0) (== netstandard1.6) (== netstandard2.0)
      System.Runtime (>= 4.3) - restriction: || (&& (== net45) (>= netstandard1.3)) (== netcoreapp2.0) (== netstandard1.6) (== netstandard2.0)
      System.Runtime.Extensions (>= 4.3) - restriction: || (&& (== net45) (>= netstandard1.3)) (== netcoreapp2.0) (== netstandard1.6) (== netstandard2.0)
      System.Runtime.Handles (>= 4.3) - restriction: || (&& (== net45) (>= netstandard1.3)) (== netcoreapp2.0) (== netstandard1.6) (== netstandard2.0)
      System.Runtime.InteropServices (>= 4.3) - restriction: || (&& (== net45) (>= netstandard1.3)) (== netcoreapp2.0) (== netstandard1.6) (== netstandard2.0)
      System.Security.Cryptography.Primitives (>= 4.3) - restriction: || (&& (== net45) (>= netstandard1.3)) (== netcoreapp2.0) (== netstandard1.6) (== netstandard2.0)
      System.Text.Encoding (>= 4.3) - restriction: || (&& (== net45) (>= netstandard1.3)) (== netcoreapp2.0) (== netstandard1.6) (== netstandard2.0)
    System.Security.Cryptography.OpenSsl (4.4) - restriction: || (== netcoreapp2.0) (== netstandard1.6) (== netstandard2.0)
      System.Collections (>= 4.3) - restriction: || (&& (== net45) (== netcoreapp2.0)) (&& (== net45) (== netstandard2.0)) (&& (== net45) (>= netstandard1.6)) (&& (== netcoreapp2.0) (< netstandard2.0)) (== netstandard1.6)
      System.IO (>= 4.3) - restriction: || (&& (== net45) (== netcoreapp2.0)) (&& (== net45) (== netstandard2.0)) (&& (== net45) (>= netstandard1.6)) (&& (== netcoreapp2.0) (< netstandard2.0)) (== netstandard1.6)
      System.Resources.ResourceManager (>= 4.3) - restriction: || (&& (== net45) (== netcoreapp2.0)) (&& (== net45) (== netstandard2.0)) (&& (== net45) (>= netstandard1.6)) (&& (== netcoreapp2.0) (< netstandard2.0)) (== netstandard1.6)
      System.Runtime (>= 4.3) - restriction: || (&& (== net45) (== netcoreapp2.0)) (&& (== net45) (== netstandard2.0)) (&& (== net45) (>= netstandard1.6)) (&& (== netcoreapp2.0) (< netstandard2.0)) (== netstandard1.6)
      System.Runtime.Extensions (>= 4.3) - restriction: || (&& (== net45) (== netcoreapp2.0)) (&& (== net45) (== netstandard2.0)) (&& (== net45) (>= netstandard1.6)) (&& (== netcoreapp2.0) (< netstandard2.0)) (== netstandard1.6)
      System.Runtime.Handles (>= 4.3) - restriction: || (&& (== net45) (== netcoreapp2.0)) (&& (== net45) (== netstandard2.0)) (&& (== net45) (>= netstandard1.6)) (&& (== netcoreapp2.0) (< netstandard2.0)) (== netstandard1.6)
      System.Runtime.InteropServices (>= 4.3) - restriction: || (&& (== net45) (== netcoreapp2.0)) (&& (== net45) (== netstandard2.0)) (&& (== net45) (>= netstandard1.6)) (&& (== netcoreapp2.0) (< netstandard2.0)) (== netstandard1.6)
      System.Runtime.Numerics (>= 4.3) - restriction: || (&& (== net45) (== netcoreapp2.0)) (&& (== net45) (== netstandard2.0)) (&& (== net45) (>= netstandard1.6)) (&& (== netcoreapp2.0) (< netstandard2.0)) (== netstandard1.6)
      System.Security.Cryptography.Algorithms (>= 4.3) - restriction: || (&& (== net45) (== netcoreapp2.0)) (&& (== net45) (== netstandard2.0)) (&& (== net45) (>= netstandard1.6)) (&& (== netcoreapp2.0) (< netstandard2.0)) (== netstandard1.6)
      System.Security.Cryptography.Encoding (>= 4.3) - restriction: || (&& (== net45) (== netcoreapp2.0)) (&& (== net45) (== netstandard2.0)) (&& (== net45) (>= netstandard1.6)) (&& (== netcoreapp2.0) (< netstandard2.0)) (== netstandard1.6)
      System.Security.Cryptography.Primitives (>= 4.3) - restriction: || (&& (== net45) (== netcoreapp2.0)) (&& (== net45) (== netstandard2.0)) (&& (== net45) (>= netstandard1.6)) (&& (== netcoreapp2.0) (< netstandard2.0)) (== netstandard1.6)
      System.Text.Encoding (>= 4.3) - restriction: || (&& (== net45) (== netcoreapp2.0)) (&& (== net45) (== netstandard2.0)) (&& (== net45) (>= netstandard1.6)) (&& (== netcoreapp2.0) (< netstandard2.0)) (== netstandard1.6)
    System.Security.Cryptography.Primitives (4.3) - restriction: || (== netcoreapp2.0) (== netstandard1.6) (== netstandard2.0)
      System.Diagnostics.Debug (>= 4.3) - restriction: || (&& (== net45) (>= netstandard1.3)) (== netcoreapp2.0) (== netstandard1.6) (== netstandard2.0)
      System.Globalization (>= 4.3) - restriction: || (&& (== net45) (>= netstandard1.3)) (== netcoreapp2.0) (== netstandard1.6) (== netstandard2.0)
      System.IO (>= 4.3) - restriction: || (&& (== net45) (>= netstandard1.3)) (== netcoreapp2.0) (== netstandard1.6) (== netstandard2.0)
      System.Resources.ResourceManager (>= 4.3) - restriction: || (&& (== net45) (>= netstandard1.3)) (== netcoreapp2.0) (== netstandard1.6) (== netstandard2.0)
      System.Runtime (>= 4.3) - restriction: || (&& (== net45) (>= netstandard1.3)) (== netcoreapp2.0) (== netstandard1.6) (== netstandard2.0)
      System.Threading (>= 4.3) - restriction: || (&& (== net45) (>= netstandard1.3)) (== netcoreapp2.0) (== netstandard1.6) (== netstandard2.0)
      System.Threading.Tasks (>= 4.3) - restriction: || (&& (== net45) (>= netstandard1.3)) (== netcoreapp2.0) (== netstandard1.6) (== netstandard2.0)
    System.Security.Cryptography.X509Certificates (4.3.2) - restriction: || (== netcoreapp2.0) (== netstandard1.6) (== netstandard2.0)
      Microsoft.NETCore.Platforms (>= 1.1) - restriction: || (&& (== net45) (>= dnxcore50)) (&& (== net45) (>= netstandard1.6)) (== netcoreapp2.0) (== netstandard1.6) (== netstandard2.0)
      runtime.native.System (>= 4.3) - restriction: || (&& (== net45) (>= netstandard1.6)) (== netcoreapp2.0) (== netstandard1.6) (== netstandard2.0)
      runtime.native.System.Net.Http (>= 4.3) - restriction: || (&& (== net45) (>= netstandard1.6)) (== netcoreapp2.0) (== netstandard1.6) (== netstandard2.0)
      runtime.native.System.Security.Cryptography.OpenSsl (>= 4.3.2) - restriction: || (&& (== net45) (>= netstandard1.6)) (== netcoreapp2.0) (== netstandard1.6) (== netstandard2.0)
      System.Collections (>= 4.3) - restriction: || (&& (== net45) (>= dnxcore50)) (&& (== net45) (>= netstandard1.6)) (== netcoreapp2.0) (== netstandard1.6) (== netstandard2.0)
      System.Diagnostics.Debug (>= 4.3) - restriction: || (&& (== net45) (>= netstandard1.6)) (== netcoreapp2.0) (== netstandard1.6) (== netstandard2.0)
      System.Globalization (>= 4.3) - restriction: || (&& (== net45) (>= dnxcore50)) (&& (== net45) (>= netstandard1.6)) (== netcoreapp2.0) (== netstandard1.6) (== netstandard2.0)
      System.Globalization.Calendars (>= 4.3) - restriction: || (&& (== net45) (>= dnxcore50)) (&& (== net45) (>= netstandard1.6)) (== netcoreapp2.0) (== netstandard1.6) (== netstandard2.0)
      System.IO (>= 4.3) - restriction: || (&& (== net45) (>= dnxcore50)) (&& (== net45) (>= netstandard1.6)) (== netcoreapp2.0) (== netstandard1.6) (== netstandard2.0)
      System.IO.FileSystem (>= 4.3) - restriction: || (&& (== net45) (>= dnxcore50)) (&& (== net45) (>= netstandard1.6)) (== netcoreapp2.0) (== netstandard1.6) (== netstandard2.0)
      System.IO.FileSystem.Primitives (>= 4.3) - restriction: || (&& (== net45) (>= netstandard1.6)) (== netcoreapp2.0) (== netstandard1.6) (== netstandard2.0)
      System.Resources.ResourceManager (>= 4.3) - restriction: || (&& (== net45) (>= dnxcore50)) (&& (== net45) (>= netstandard1.6)) (== netcoreapp2.0) (== netstandard1.6) (== netstandard2.0)
      System.Runtime (>= 4.3) - restriction: || (&& (== net45) (>= dnxcore50)) (&& (== net45) (>= netstandard1.3)) (&& (== net45) (>= netstandard1.4)) (&& (== net45) (>= netstandard1.6)) (== netcoreapp2.0) (== netstandard1.6) (== netstandard2.0)
      System.Runtime.Extensions (>= 4.3) - restriction: || (&& (== net45) (>= dnxcore50)) (&& (== net45) (>= netstandard1.6)) (== netcoreapp2.0) (== netstandard1.6) (== netstandard2.0)
      System.Runtime.Handles (>= 4.3) - restriction: || (&& (== net45) (>= dnxcore50)) (&& (== net45) (>= netstandard1.3)) (&& (== net45) (>= netstandard1.4)) (&& (== net45) (>= netstandard1.6)) (== netcoreapp2.0) (== netstandard1.6) (== netstandard2.0)
      System.Runtime.InteropServices (>= 4.3) - restriction: || (&& (== net45) (>= dnxcore50)) (&& (== net45) (>= netstandard1.6)) (== netcoreapp2.0) (== netstandard1.6) (== netstandard2.0)
      System.Runtime.Numerics (>= 4.3) - restriction: || (&& (== net45) (>= dnxcore50)) (&& (== net45) (>= netstandard1.6)) (== netcoreapp2.0) (== netstandard1.6) (== netstandard2.0)
      System.Security.Cryptography.Algorithms (>= 4.3) - restriction: || (&& (== net45) (>= dnxcore50)) (&& (== net45) (>= net46)) (&& (== net45) (>= net461)) (&& (== net45) (>= netstandard1.3)) (&& (== net45) (>= netstandard1.4)) (&& (== net45) (>= netstandard1.6)) (== netcoreapp2.0) (== netstandard1.6) (== netstandard2.0)
      System.Security.Cryptography.Cng (>= 4.3) - restriction: || (&& (== net45) (>= dnxcore50)) (&& (== net45) (>= netstandard1.6)) (== netcoreapp2.0) (== netstandard1.6) (== netstandard2.0)
      System.Security.Cryptography.Csp (>= 4.3) - restriction: || (&& (== net45) (>= netstandard1.6)) (== netcoreapp2.0) (== netstandard1.6) (== netstandard2.0)
      System.Security.Cryptography.Encoding (>= 4.3) - restriction: || (&& (== net45) (>= dnxcore50)) (&& (== net45) (>= net46)) (&& (== net45) (>= net461)) (&& (== net45) (>= netstandard1.3)) (&& (== net45) (>= netstandard1.4)) (&& (== net45) (>= netstandard1.6)) (== netcoreapp2.0) (== netstandard1.6) (== netstandard2.0)
      System.Security.Cryptography.OpenSsl (>= 4.3) - restriction: || (&& (== net45) (>= netstandard1.6)) (== netcoreapp2.0) (== netstandard1.6) (== netstandard2.0)
      System.Security.Cryptography.Primitives (>= 4.3) - restriction: || (&& (== net45) (>= dnxcore50)) (&& (== net45) (>= netstandard1.6)) (== netcoreapp2.0) (== netstandard1.6) (== netstandard2.0)
      System.Text.Encoding (>= 4.3) - restriction: || (&& (== net45) (>= dnxcore50)) (&& (== net45) (>= netstandard1.6)) (== netcoreapp2.0) (== netstandard1.6) (== netstandard2.0)
      System.Threading (>= 4.3) - restriction: || (&& (== net45) (>= dnxcore50)) (&& (== net45) (>= netstandard1.6)) (== netcoreapp2.0) (== netstandard1.6) (== netstandard2.0)
    System.Security.Principal (4.3) - restriction: || (== netcoreapp2.0) (== netstandard1.6) (== netstandard2.0)
      System.Runtime (>= 4.3) - restriction: || (&& (== net45) (>= dnxcore50)) (== netcoreapp2.0) (== netstandard1.6) (== netstandard2.0)
    System.Security.Principal.Windows (4.4.1) - restriction: || (== netcoreapp2.0) (== netstandard1.6) (== netstandard2.0)
      Microsoft.NETCore.Platforms (>= 2.0) - restriction: || (&& (== net45) (>= netcoreapp2.0)) (== netcoreapp2.0) (&& (== netstandard1.6) (>= netcoreapp2.0)) (&& (== netstandard2.0) (>= netcoreapp2.0))
      Microsoft.Win32.Primitives (>= 4.3) - restriction: || (&& (== net45) (== netcoreapp2.0)) (&& (== net45) (== netstandard2.0)) (&& (== net45) (>= netstandard1.3)) (&& (== netcoreapp2.0) (< netstandard2.0)) (== netstandard1.6)
      System.Collections (>= 4.3) - restriction: || (&& (== net45) (== netcoreapp2.0)) (&& (== net45) (== netstandard2.0)) (&& (== net45) (>= netstandard1.3)) (&& (== netcoreapp2.0) (< netstandard2.0)) (== netstandard1.6)
      System.Diagnostics.Debug (>= 4.3) - restriction: || (&& (== net45) (== netcoreapp2.0)) (&& (== net45) (== netstandard2.0)) (&& (== net45) (>= netstandard1.3)) (&& (== netcoreapp2.0) (< netstandard2.0)) (== netstandard1.6)
      System.Reflection (>= 4.3) - restriction: || (&& (== net45) (== netcoreapp2.0)) (&& (== net45) (== netstandard2.0)) (&& (== net45) (>= netstandard1.3)) (&& (== netcoreapp2.0) (< netstandard2.0)) (== netstandard1.6)
      System.Resources.ResourceManager (>= 4.3) - restriction: || (&& (== net45) (== netcoreapp2.0)) (&& (== net45) (== netstandard2.0)) (&& (== net45) (>= netstandard1.3)) (&& (== netcoreapp2.0) (< netstandard2.0)) (== netstandard1.6)
      System.Runtime (>= 4.3) - restriction: || (&& (== net45) (== netcoreapp2.0)) (&& (== net45) (== netstandard2.0)) (&& (== net45) (>= netstandard1.3)) (&& (== netcoreapp2.0) (< netstandard2.0)) (== netstandard1.6)
      System.Runtime.Extensions (>= 4.3) - restriction: || (&& (== net45) (== netcoreapp2.0)) (&& (== net45) (== netstandard2.0)) (&& (== net45) (>= netstandard1.3)) (&& (== netcoreapp2.0) (< netstandard2.0)) (== netstandard1.6)
      System.Runtime.Handles (>= 4.3) - restriction: || (&& (== net45) (== netcoreapp2.0)) (&& (== net45) (== netstandard2.0)) (&& (== net45) (>= netstandard1.3)) (&& (== netcoreapp2.0) (< netstandard2.0)) (== netstandard1.6)
      System.Runtime.InteropServices (>= 4.3) - restriction: || (&& (== net45) (== netcoreapp2.0)) (&& (== net45) (== netstandard2.0)) (&& (== net45) (>= netstandard1.3)) (&& (== netcoreapp2.0) (< netstandard2.0)) (== netstandard1.6)
      System.Security.Claims (>= 4.3) - restriction: || (&& (== net45) (== netcoreapp2.0)) (&& (== net45) (== netstandard2.0)) (&& (== net45) (>= net46)) (&& (== net45) (>= netstandard1.3)) (&& (== netcoreapp2.0) (< netstandard2.0)) (== netstandard1.6)
      System.Security.Principal (>= 4.3) - restriction: || (&& (== net45) (== netcoreapp2.0)) (&& (== net45) (== netstandard2.0)) (&& (== net45) (>= netstandard1.3)) (&& (== netcoreapp2.0) (< netstandard2.0)) (== netstandard1.6)
      System.Text.Encoding (>= 4.3) - restriction: || (&& (== net45) (== netcoreapp2.0)) (&& (== net45) (== netstandard2.0)) (&& (== net45) (>= netstandard1.3)) (&& (== netcoreapp2.0) (< netstandard2.0)) (== netstandard1.6)
      System.Threading (>= 4.3) - restriction: || (&& (== net45) (== netcoreapp2.0)) (&& (== net45) (== netstandard2.0)) (&& (== net45) (>= netstandard1.3)) (&& (== netcoreapp2.0) (< netstandard2.0)) (== netstandard1.6)
    System.Text.Encoding (4.3) - restriction: || (== netcoreapp2.0) (== netstandard1.6) (== netstandard2.0)
      Microsoft.NETCore.Platforms (>= 1.1) - restriction: || (&& (== net45) (>= dnxcore50)) (== netcoreapp2.0) (== netstandard1.6) (== netstandard2.0)
      Microsoft.NETCore.Targets (>= 1.1) - restriction: || (&& (== net45) (>= dnxcore50)) (== netcoreapp2.0) (== netstandard1.6) (== netstandard2.0)
      System.Runtime (>= 4.3) - restriction: || (&& (== net45) (>= dnxcore50)) (== netcoreapp2.0) (== netstandard1.6) (== netstandard2.0)
    System.Text.Encoding.Extensions (4.3) - restriction: || (&& (== net45) (== netcoreapp2.0)) (&& (== net45) (== netstandard2.0)) (&& (== netcoreapp2.0) (< netstandard1.3)) (&& (== netcoreapp2.0) (< netstandard1.4)) (&& (== netcoreapp2.0) (< netstandard1.5)) (&& (== netcoreapp2.0) (< netstandard1.6)) (&& (== netcoreapp2.0) (< netstandard2.0)) (&& (== netcoreapp2.0) (< portable-net45+win8+wpa81)) (&& (== netcoreapp2.0) (< portable-net451+win81+wpa81)) (== netstandard1.6) (&& (== netstandard2.0) (< netstandard1.3)) (&& (== netstandard2.0) (< netstandard1.4)) (&& (== netstandard2.0) (< netstandard1.5)) (&& (== netstandard2.0) (< netstandard1.6)) (&& (== netstandard2.0) (< portable-net45+win8+wpa81)) (&& (== netstandard2.0) (< portable-net451+win81+wpa81))
      Microsoft.NETCore.Platforms (>= 1.1) - restriction: || (&& (== net45) (>= dnxcore50)) (== netcoreapp2.0) (== netstandard1.6) (== netstandard2.0)
      Microsoft.NETCore.Targets (>= 1.1) - restriction: || (&& (== net45) (>= dnxcore50)) (== netcoreapp2.0) (== netstandard1.6) (== netstandard2.0)
      System.Runtime (>= 4.3) - restriction: || (&& (== net45) (>= dnxcore50)) (== netcoreapp2.0) (== netstandard1.6) (== netstandard2.0)
      System.Text.Encoding (>= 4.3) - restriction: || (&& (== net45) (>= dnxcore50)) (== netcoreapp2.0) (== netstandard1.6) (== netstandard2.0)
    System.Text.RegularExpressions (4.3) - restriction: || (== netcoreapp2.0) (== netstandard1.6) (== netstandard2.0)
      System.Collections (>= 4.3) - restriction: || (&& (== net45) (== netcoreapp2.0)) (&& (== net45) (>= dnxcore50)) (&& (== netcoreapp2.0) (>= dnxcore50)) (&& (== netcoreapp2.0) (< netcoreapp1.1)) (== netstandard1.6) (== netstandard2.0)
      System.Globalization (>= 4.3) - restriction: || (&& (== net45) (== netcoreapp2.0)) (&& (== net45) (>= dnxcore50)) (&& (== netcoreapp2.0) (>= dnxcore50)) (&& (== netcoreapp2.0) (< netcoreapp1.1)) (== netstandard1.6) (== netstandard2.0)
      System.Resources.ResourceManager (>= 4.3) - restriction: || (&& (== net45) (== netcoreapp2.0)) (&& (== net45) (>= dnxcore50)) (&& (== netcoreapp2.0) (>= dnxcore50)) (&& (== netcoreapp2.0) (< netcoreapp1.1)) (== netstandard1.6) (== netstandard2.0)
      System.Runtime (>= 4.3) - restriction: || (&& (== net45) (>= dnxcore50)) (&& (== net45) (>= netcoreapp1.1)) (== netcoreapp2.0) (== netstandard1.6) (== netstandard2.0)
      System.Runtime.Extensions (>= 4.3) - restriction: || (&& (== net45) (== netcoreapp2.0)) (&& (== net45) (>= dnxcore50)) (&& (== netcoreapp2.0) (>= dnxcore50)) (&& (== netcoreapp2.0) (< netcoreapp1.1)) (== netstandard1.6) (== netstandard2.0)
      System.Threading (>= 4.3) - restriction: || (&& (== net45) (== netcoreapp2.0)) (&& (== net45) (>= dnxcore50)) (&& (== netcoreapp2.0) (>= dnxcore50)) (&& (== netcoreapp2.0) (< netcoreapp1.1)) (== netstandard1.6) (== netstandard2.0)
    System.Threading (4.3) - restriction: || (== netcoreapp2.0) (== netstandard1.6) (== netstandard2.0)
      System.Runtime (>= 4.3) - restriction: || (&& (== net45) (>= dnxcore50)) (== netcoreapp2.0) (== netstandard1.6) (== netstandard2.0)
      System.Threading.Tasks (>= 4.3) - restriction: || (&& (== net45) (>= dnxcore50)) (== netcoreapp2.0) (== netstandard1.6) (== netstandard2.0)
    System.Threading.Tasks (4.3) - restriction: || (== netcoreapp2.0) (== netstandard1.6) (== netstandard2.0)
      Microsoft.NETCore.Platforms (>= 1.1) - restriction: || (&& (== net45) (>= dnxcore50)) (== netcoreapp2.0) (== netstandard1.6) (== netstandard2.0)
      Microsoft.NETCore.Targets (>= 1.1) - restriction: || (&& (== net45) (>= dnxcore50)) (== netcoreapp2.0) (== netstandard1.6) (== netstandard2.0)
      System.Runtime (>= 4.3) - restriction: || (&& (== net45) (>= dnxcore50)) (== netcoreapp2.0) (== netstandard1.6) (== netstandard2.0)
    System.Threading.Tasks.Extensions (4.4) - restriction: || (&& (== net45) (== netcoreapp2.0)) (&& (== net45) (== netstandard2.0)) (&& (== netcoreapp2.0) (>= dnxcore50)) (&& (== netcoreapp2.0) (< netstandard1.3)) (&& (== netcoreapp2.0) (< netstandard1.4)) (&& (== netcoreapp2.0) (< netstandard1.5)) (&& (== netcoreapp2.0) (< netstandard1.6)) (&& (== netcoreapp2.0) (< netstandard2.0)) (&& (== netcoreapp2.0) (< portable-net45+win8+wpa81)) (&& (== netcoreapp2.0) (< portable-net451+win81+wpa81)) (== netstandard1.6) (&& (== netstandard2.0) (>= dnxcore50)) (&& (== netstandard2.0) (< netstandard1.3)) (&& (== netstandard2.0) (< netstandard1.4)) (&& (== netstandard2.0) (< netstandard1.5)) (&& (== netstandard2.0) (< netstandard1.6)) (&& (== netstandard2.0) (< portable-net45+win8+wpa81)) (&& (== netstandard2.0) (< portable-net451+win81+wpa81))
      System.Collections (>= 4.3) - restriction: || (== net45) (&& (== netcoreapp2.0) (< netstandard2.0)) (== netstandard1.6)
      System.Runtime (>= 4.3) - restriction: || (== net45) (&& (== netcoreapp2.0) (< netstandard2.0)) (== netstandard1.6)
      System.Threading.Tasks (>= 4.3) - restriction: || (== net45) (&& (== netcoreapp2.0) (< netstandard2.0)) (== netstandard1.6)
    System.Threading.Tasks.Parallel (4.3) - restriction: || (&& (== net45) (== netcoreapp2.0)) (&& (== netcoreapp2.0) (< netstandard2.0)) (== netstandard1.6)
      System.Collections.Concurrent (>= 4.3) - restriction: || (&& (== net45) (>= dnxcore50)) (== netcoreapp2.0) (== netstandard1.6) (== netstandard2.0)
      System.Diagnostics.Debug (>= 4.3) - restriction: || (&& (== net45) (>= dnxcore50)) (== netcoreapp2.0) (== netstandard1.6) (== netstandard2.0)
      System.Diagnostics.Tracing (>= 4.3) - restriction: || (&& (== net45) (>= dnxcore50)) (== netcoreapp2.0) (== netstandard1.6) (== netstandard2.0)
      System.Resources.ResourceManager (>= 4.3) - restriction: || (&& (== net45) (>= dnxcore50)) (== netcoreapp2.0) (== netstandard1.6) (== netstandard2.0)
      System.Runtime (>= 4.3) - restriction: || (&& (== net45) (>= dnxcore50)) (== netcoreapp2.0) (== netstandard1.6) (== netstandard2.0)
      System.Runtime.Extensions (>= 4.3) - restriction: || (&& (== net45) (>= dnxcore50)) (== netcoreapp2.0) (== netstandard1.6) (== netstandard2.0)
      System.Threading (>= 4.3) - restriction: || (&& (== net45) (>= dnxcore50)) (== netcoreapp2.0) (== netstandard1.6) (== netstandard2.0)
      System.Threading.Tasks (>= 4.3) - restriction: || (&& (== net45) (>= dnxcore50)) (== netcoreapp2.0) (== netstandard1.6) (== netstandard2.0)
    System.Threading.Thread (4.3) - restriction: || (== netcoreapp2.0) (== netstandard1.6) (== netstandard2.0)
      System.Runtime (>= 4.3) - restriction: || (&& (== net45) (>= netstandard1.3)) (== netcoreapp2.0) (== netstandard1.6) (== netstandard2.0)
    System.Threading.ThreadPool (4.3) - restriction: || (== netcoreapp2.0) (== netstandard1.6) (== netstandard2.0)
      System.Runtime (>= 4.3) - restriction: || (&& (== net45) (>= netstandard1.3)) (== netcoreapp2.0) (== netstandard1.6) (== netstandard2.0)
      System.Runtime.Handles (>= 4.3) - restriction: || (&& (== net45) (>= netstandard1.3)) (== netcoreapp2.0) (== netstandard1.6) (== netstandard2.0)
    System.Threading.Timer (4.3) - restriction: || (== netcoreapp2.0) (== netstandard1.6) (== netstandard2.0)
      Microsoft.NETCore.Platforms (>= 1.1) - restriction: || (&& (== net45) (>= dnxcore50)) (&& (== net45) (>= netstandard1.2)) (== netcoreapp2.0) (== netstandard1.6) (== netstandard2.0)
      Microsoft.NETCore.Targets (>= 1.1) - restriction: || (&& (== net45) (>= dnxcore50)) (&& (== net45) (>= netstandard1.2)) (== netcoreapp2.0) (== netstandard1.6) (== netstandard2.0)
      System.Runtime (>= 4.3) - restriction: || (&& (== net45) (>= dnxcore50)) (&& (== net45) (>= netstandard1.2)) (== netcoreapp2.0) (== netstandard1.6) (== netstandard2.0)
    System.Xml.ReaderWriter (4.3.1) - restriction: || (&& (== net45) (== netcoreapp2.0)) (&& (== net45) (== netstandard2.0)) (&& (== netcoreapp2.0) (< netstandard1.3)) (&& (== netcoreapp2.0) (< netstandard1.4)) (&& (== netcoreapp2.0) (< netstandard1.5)) (&& (== netcoreapp2.0) (< netstandard1.6)) (&& (== netcoreapp2.0) (< netstandard2.0)) (&& (== netcoreapp2.0) (< portable-net45+win8+wpa81)) (&& (== netcoreapp2.0) (< portable-net451+win81+wpa81)) (== netstandard1.6) (&& (== netstandard2.0) (< netstandard1.3)) (&& (== netstandard2.0) (< netstandard1.4)) (&& (== netstandard2.0) (< netstandard1.5)) (&& (== netstandard2.0) (< netstandard1.6)) (&& (== netstandard2.0) (< portable-net45+win8+wpa81)) (&& (== netstandard2.0) (< portable-net451+win81+wpa81))
      System.Collections (>= 4.3) - restriction: || (&& (== net45) (>= dnxcore50)) (== netcoreapp2.0) (== netstandard1.6) (== netstandard2.0)
      System.Diagnostics.Debug (>= 4.3) - restriction: || (&& (== net45) (>= dnxcore50)) (== netcoreapp2.0) (== netstandard1.6) (== netstandard2.0)
      System.Globalization (>= 4.3) - restriction: || (&& (== net45) (>= dnxcore50)) (== netcoreapp2.0) (== netstandard1.6) (== netstandard2.0)
      System.IO (>= 4.3) - restriction: || (&& (== net45) (>= dnxcore50)) (== netcoreapp2.0) (== netstandard1.6) (== netstandard2.0)
      System.IO.FileSystem (>= 4.3) - restriction: || (&& (== net45) (>= dnxcore50)) (== netcoreapp2.0) (== netstandard1.6) (== netstandard2.0)
      System.IO.FileSystem.Primitives (>= 4.3) - restriction: || (&& (== net45) (>= dnxcore50)) (== netcoreapp2.0) (== netstandard1.6) (== netstandard2.0)
      System.Resources.ResourceManager (>= 4.3) - restriction: || (&& (== net45) (>= dnxcore50)) (== netcoreapp2.0) (== netstandard1.6) (== netstandard2.0)
      System.Runtime (>= 4.3) - restriction: || (&& (== net45) (>= dnxcore50)) (== netcoreapp2.0) (== netstandard1.6) (== netstandard2.0)
      System.Runtime.Extensions (>= 4.3) - restriction: || (&& (== net45) (>= dnxcore50)) (== netcoreapp2.0) (== netstandard1.6) (== netstandard2.0)
      System.Runtime.InteropServices (>= 4.3) - restriction: || (&& (== net45) (>= dnxcore50)) (== netcoreapp2.0) (== netstandard1.6) (== netstandard2.0)
      System.Text.Encoding (>= 4.3) - restriction: || (&& (== net45) (>= dnxcore50)) (== netcoreapp2.0) (== netstandard1.6) (== netstandard2.0)
      System.Text.Encoding.Extensions (>= 4.3) - restriction: || (&& (== net45) (>= dnxcore50)) (== netcoreapp2.0) (== netstandard1.6) (== netstandard2.0)
      System.Text.RegularExpressions (>= 4.3) - restriction: || (&& (== net45) (>= dnxcore50)) (== netcoreapp2.0) (== netstandard1.6) (== netstandard2.0)
      System.Threading.Tasks (>= 4.3) - restriction: || (&& (== net45) (>= dnxcore50)) (== netcoreapp2.0) (== netstandard1.6) (== netstandard2.0)
      System.Threading.Tasks.Extensions (>= 4.3) - restriction: || (&& (== net45) (>= dnxcore50)) (== netcoreapp2.0) (== netstandard1.6) (== netstandard2.0)
    System.Xml.XDocument (4.3) - restriction: || (&& (== net45) (== netcoreapp2.0)) (&& (== net45) (== netstandard2.0)) (&& (== netcoreapp2.0) (< netstandard1.3)) (&& (== netcoreapp2.0) (< netstandard1.4)) (&& (== netcoreapp2.0) (< netstandard1.5)) (&& (== netcoreapp2.0) (< netstandard1.6)) (&& (== netcoreapp2.0) (< netstandard2.0)) (&& (== netcoreapp2.0) (< portable-net45+win8+wpa81)) (&& (== netcoreapp2.0) (< portable-net451+win81+wpa81)) (== netstandard1.6) (&& (== netstandard2.0) (< netstandard1.3)) (&& (== netstandard2.0) (< netstandard1.4)) (&& (== netstandard2.0) (< netstandard1.5)) (&& (== netstandard2.0) (< netstandard1.6)) (&& (== netstandard2.0) (< portable-net45+win8+wpa81)) (&& (== netstandard2.0) (< portable-net451+win81+wpa81))
      System.Collections (>= 4.3) - restriction: || (&& (== net45) (>= dnxcore50)) (== netcoreapp2.0) (== netstandard1.6) (== netstandard2.0)
      System.Diagnostics.Debug (>= 4.3) - restriction: || (&& (== net45) (>= dnxcore50)) (== netcoreapp2.0) (== netstandard1.6) (== netstandard2.0)
      System.Diagnostics.Tools (>= 4.3) - restriction: || (&& (== net45) (>= dnxcore50)) (== netcoreapp2.0) (== netstandard1.6) (== netstandard2.0)
      System.Globalization (>= 4.3) - restriction: || (&& (== net45) (>= dnxcore50)) (== netcoreapp2.0) (== netstandard1.6) (== netstandard2.0)
      System.IO (>= 4.3) - restriction: || (&& (== net45) (>= dnxcore50)) (== netcoreapp2.0) (== netstandard1.6) (== netstandard2.0)
      System.Reflection (>= 4.3) - restriction: || (&& (== net45) (>= dnxcore50)) (== netcoreapp2.0) (== netstandard1.6) (== netstandard2.0)
      System.Resources.ResourceManager (>= 4.3) - restriction: || (&& (== net45) (>= dnxcore50)) (== netcoreapp2.0) (== netstandard1.6) (== netstandard2.0)
      System.Runtime (>= 4.3) - restriction: || (&& (== net45) (>= dnxcore50)) (== netcoreapp2.0) (== netstandard1.6) (== netstandard2.0)
      System.Runtime.Extensions (>= 4.3) - restriction: || (&& (== net45) (>= dnxcore50)) (== netcoreapp2.0) (== netstandard1.6) (== netstandard2.0)
      System.Text.Encoding (>= 4.3) - restriction: || (&& (== net45) (>= dnxcore50)) (== netcoreapp2.0) (== netstandard1.6) (== netstandard2.0)
      System.Threading (>= 4.3) - restriction: || (&& (== net45) (>= dnxcore50)) (== netcoreapp2.0) (== netstandard1.6) (== netstandard2.0)
      System.Xml.ReaderWriter (>= 4.3) - restriction: || (&& (== net45) (>= dnxcore50)) (== netcoreapp2.0) (== netstandard1.6) (== netstandard2.0)

GROUP Test
RESTRICTION: == netcoreapp2.0
NUGET
  remote: https://api.nuget.org/v3/index.json
    Dotnet.ProjInfo (0.9)
      FSharp.Core (>= 4.2.3)
    FSharp.Compiler.Service (22.0.3)
      FSharp.Core (>= 4.1.18)
      Microsoft.DiaSymReader (>= 1.1)
      Microsoft.DiaSymReader.PortablePdb (>= 1.2)
      System.Collections.Immutable (>= 1.3.1)
      System.Diagnostics.Process (>= 4.1)
      System.Diagnostics.TraceSource (>= 4.0)
      System.Reflection.Emit (>= 4.3)
      System.Reflection.Metadata (>= 1.4.2)
      System.Reflection.TypeExtensions (>= 4.3)
      System.Runtime.Loader (>= 4.0)
      System.Security.Cryptography.Algorithms (>= 4.3)
    FSharp.Core (4.5)
    Microsoft.CodeCoverage (1.0.3)
    Microsoft.CSharp (4.4.1)
    Microsoft.DiaSymReader (1.2)
      Microsoft.Net.Compilers (>= 2.3)
      NETStandard.Library (>= 1.6.1)
    Microsoft.DiaSymReader.PortablePdb (1.4)
      Microsoft.DiaSymReader (>= 1.2)
      System.Collections (>= 4.3)
      System.Collections.Immutable (>= 1.3.1)
      System.Diagnostics.Debug (>= 4.3)
      System.Globalization (>= 4.3)
      System.IO (>= 4.3)
      System.Linq (>= 4.3)
      System.Reflection (>= 4.3)
      System.Reflection.Metadata (>= 1.4.2)
      System.Reflection.Primitives (>= 4.3)
      System.Runtime (>= 4.3)
      System.Runtime.Extensions (>= 4.3)
      System.Runtime.InteropServices (>= 4.3)
      System.Text.Encoding (>= 4.3)
      System.Threading (>= 4.3)
    Microsoft.DotNet.PlatformAbstractions (2.1)
      System.AppContext (>= 4.1)
      System.Collections (>= 4.0.11)
      System.IO (>= 4.1)
      System.IO.FileSystem (>= 4.0.1)
      System.Reflection.TypeExtensions (>= 4.1)
      System.Runtime.Extensions (>= 4.1)
      System.Runtime.InteropServices (>= 4.1)
      System.Runtime.InteropServices.RuntimeInformation (>= 4.0)
    Microsoft.Extensions.DependencyModel (2.1)
      Microsoft.DotNet.PlatformAbstractions (>= 2.1)
      Newtonsoft.Json (>= 9.0.1)
      System.Diagnostics.Debug (>= 4.0.11)
      System.Dynamic.Runtime (>= 4.0.11)
      System.Linq (>= 4.1)
    Microsoft.Net.Compilers (2.7)
    Microsoft.NET.Test.Sdk (15.7)
      Microsoft.CodeCoverage (>= 1.0.3)
      Microsoft.TestPlatform.TestHost (>= 15.7)
    Microsoft.NETCore.Platforms (2.0.1)
    Microsoft.NETCore.Targets (2.0)
    Microsoft.TestPlatform.ObjectModel (15.7.2)
      NETStandard.Library (>= 1.6)
      System.ComponentModel.EventBasedAsync (>= 4.0.11)
      System.ComponentModel.TypeConverter (>= 4.1)
      System.Diagnostics.Process (>= 4.1)
      System.Diagnostics.TextWriterTraceListener (>= 4.0)
      System.Diagnostics.TraceSource (>= 4.0)
      System.Reflection.Metadata (>= 1.3)
      System.Reflection.TypeExtensions (>= 4.1)
      System.Runtime.InteropServices.RuntimeInformation (>= 4.0)
      System.Runtime.Loader (>= 4.0)
      System.Runtime.Serialization.Json (>= 4.0.2)
      System.Runtime.Serialization.Primitives (>= 4.1.1)
      System.Threading.Thread (>= 4.0)
      System.Xml.XPath.XmlDocument (>= 4.0.1)
    Microsoft.TestPlatform.TestHost (15.7)
      Microsoft.Extensions.DependencyModel (>= 1.0.3)
      Microsoft.TestPlatform.ObjectModel (>= 15.7)
      Newtonsoft.Json (>= 9.0.1)
    Microsoft.Win32.Primitives (4.3)
      Microsoft.NETCore.Platforms (>= 1.1)
      Microsoft.NETCore.Targets (>= 1.1)
      System.Runtime (>= 4.3)
    Microsoft.Win32.Registry (4.4)
      Microsoft.NETCore.Platforms (>= 2.0)
      System.Security.AccessControl (>= 4.4)
      System.Security.Principal.Windows (>= 4.4)
    NETStandard.Library (2.0.1)
      Microsoft.NETCore.Platforms (>= 1.1)
    Newtonsoft.Json (11.0.2)
    Persimmon.TestAdapter (0.11.0-beta1)
      Dotnet.ProjInfo (>= 0.7.4)
      FSharp.Compiler.Service (>= 13.0)
      FSharp.Core (>= 4.1.18)
      Microsoft.CSharp (>= 4.3)
      Microsoft.Extensions.DependencyModel (>= 2.1)
      Microsoft.TestPlatform.ObjectModel (>= 15.7.2)
      System.Collections (>= 4.3)
      System.Dynamic.Runtime (>= 4.3)
      System.Linq (>= 4.3)
      System.Runtime.Extensions (>= 4.3)
      System.Threading.Thread (>= 4.3)
    runtime.debian.8-x64.runtime.native.System.Security.Cryptography.OpenSsl (4.3.2)
    runtime.fedora.23-x64.runtime.native.System.Security.Cryptography.OpenSsl (4.3.2)
    runtime.fedora.24-x64.runtime.native.System.Security.Cryptography.OpenSsl (4.3.2)
    runtime.native.System (4.3)
      Microsoft.NETCore.Platforms (>= 1.1)
      Microsoft.NETCore.Targets (>= 1.1)
    runtime.native.System.Security.Cryptography.Apple (4.3.1)
      runtime.osx.10.10-x64.runtime.native.System.Security.Cryptography.Apple (>= 4.3.1)
    runtime.native.System.Security.Cryptography.OpenSsl (4.3.2)
      runtime.debian.8-x64.runtime.native.System.Security.Cryptography.OpenSsl (>= 4.3.2)
      runtime.fedora.23-x64.runtime.native.System.Security.Cryptography.OpenSsl (>= 4.3.2)
      runtime.fedora.24-x64.runtime.native.System.Security.Cryptography.OpenSsl (>= 4.3.2)
      runtime.opensuse.13.2-x64.runtime.native.System.Security.Cryptography.OpenSsl (>= 4.3.2)
      runtime.opensuse.42.1-x64.runtime.native.System.Security.Cryptography.OpenSsl (>= 4.3.2)
      runtime.osx.10.10-x64.runtime.native.System.Security.Cryptography.OpenSsl (>= 4.3.2)
      runtime.rhel.7-x64.runtime.native.System.Security.Cryptography.OpenSsl (>= 4.3.2)
      runtime.ubuntu.14.04-x64.runtime.native.System.Security.Cryptography.OpenSsl (>= 4.3.2)
      runtime.ubuntu.16.04-x64.runtime.native.System.Security.Cryptography.OpenSsl (>= 4.3.2)
      runtime.ubuntu.16.10-x64.runtime.native.System.Security.Cryptography.OpenSsl (>= 4.3.2)
    runtime.opensuse.13.2-x64.runtime.native.System.Security.Cryptography.OpenSsl (4.3.2)
    runtime.opensuse.42.1-x64.runtime.native.System.Security.Cryptography.OpenSsl (4.3.2)
    runtime.osx.10.10-x64.runtime.native.System.Security.Cryptography.Apple (4.3.1)
    runtime.osx.10.10-x64.runtime.native.System.Security.Cryptography.OpenSsl (4.3.2)
    runtime.rhel.7-x64.runtime.native.System.Security.Cryptography.OpenSsl (4.3.2)
    runtime.ubuntu.14.04-x64.runtime.native.System.Security.Cryptography.OpenSsl (4.3.2)
    runtime.ubuntu.16.04-x64.runtime.native.System.Security.Cryptography.OpenSsl (4.3.2)
    runtime.ubuntu.16.10-x64.runtime.native.System.Security.Cryptography.OpenSsl (4.3.2)
    System.AppContext (4.3)
      System.Runtime (>= 4.3)
    System.Collections (4.3)
      Microsoft.NETCore.Platforms (>= 1.1)
      Microsoft.NETCore.Targets (>= 1.1)
      System.Runtime (>= 4.3)
    System.Collections.Concurrent (4.3)
      System.Collections (>= 4.3)
      System.Diagnostics.Debug (>= 4.3)
      System.Diagnostics.Tracing (>= 4.3)
      System.Globalization (>= 4.3)
      System.Reflection (>= 4.3)
      System.Resources.ResourceManager (>= 4.3)
      System.Runtime (>= 4.3)
      System.Runtime.Extensions (>= 4.3)
      System.Threading (>= 4.3)
      System.Threading.Tasks (>= 4.3)
    System.Collections.Immutable (1.4)
    System.Collections.NonGeneric (4.3)
      System.Diagnostics.Debug (>= 4.3)
      System.Globalization (>= 4.3)
      System.Resources.ResourceManager (>= 4.3)
      System.Runtime (>= 4.3)
      System.Runtime.Extensions (>= 4.3)
      System.Threading (>= 4.3)
    System.Collections.Specialized (4.3)
      System.Collections.NonGeneric (>= 4.3)
      System.Globalization (>= 4.3)
      System.Globalization.Extensions (>= 4.3)
      System.Resources.ResourceManager (>= 4.3)
      System.Runtime (>= 4.3)
      System.Runtime.Extensions (>= 4.3)
      System.Threading (>= 4.3)
    System.ComponentModel (4.3)
      System.Runtime (>= 4.3)
    System.ComponentModel.EventBasedAsync (4.3)
      System.Resources.ResourceManager (>= 4.3)
      System.Runtime (>= 4.3)
      System.Threading (>= 4.3)
      System.Threading.Tasks (>= 4.3)
    System.ComponentModel.Primitives (4.3)
      System.ComponentModel (>= 4.3)
      System.Resources.ResourceManager (>= 4.3)
      System.Runtime (>= 4.3)
    System.ComponentModel.TypeConverter (4.3)
      System.Collections (>= 4.3)
      System.Collections.NonGeneric (>= 4.3)
      System.Collections.Specialized (>= 4.3)
      System.ComponentModel (>= 4.3)
      System.ComponentModel.Primitives (>= 4.3)
      System.Globalization (>= 4.3)
      System.Linq (>= 4.3)
      System.Reflection (>= 4.3)
      System.Reflection.Extensions (>= 4.3)
      System.Reflection.Primitives (>= 4.3)
      System.Reflection.TypeExtensions (>= 4.3)
      System.Resources.ResourceManager (>= 4.3)
      System.Runtime (>= 4.3)
      System.Runtime.Extensions (>= 4.3)
      System.Threading (>= 4.3)
    System.Diagnostics.Debug (4.3)
      Microsoft.NETCore.Platforms (>= 1.1)
      Microsoft.NETCore.Targets (>= 1.1)
      System.Runtime (>= 4.3)
    System.Diagnostics.Process (4.3)
      Microsoft.NETCore.Platforms (>= 1.1)
      Microsoft.Win32.Primitives (>= 4.3)
      Microsoft.Win32.Registry (>= 4.3)
      runtime.native.System (>= 4.3)
      System.Collections (>= 4.3)
      System.Diagnostics.Debug (>= 4.3)
      System.Globalization (>= 4.3)
      System.IO (>= 4.3)
      System.IO.FileSystem (>= 4.3)
      System.IO.FileSystem.Primitives (>= 4.3)
      System.Resources.ResourceManager (>= 4.3)
      System.Runtime (>= 4.3)
      System.Runtime.Extensions (>= 4.3)
      System.Runtime.Handles (>= 4.3)
      System.Runtime.InteropServices (>= 4.3)
      System.Text.Encoding (>= 4.3)
      System.Text.Encoding.Extensions (>= 4.3)
      System.Threading (>= 4.3)
      System.Threading.Tasks (>= 4.3)
      System.Threading.Thread (>= 4.3)
      System.Threading.ThreadPool (>= 4.3)
    System.Diagnostics.TextWriterTraceListener (4.3)
      System.Diagnostics.TraceSource (>= 4.3)
      System.Globalization (>= 4.3)
      System.IO (>= 4.3)
      System.Resources.ResourceManager (>= 4.3)
      System.Runtime (>= 4.3)
      System.Threading (>= 4.3)
    System.Diagnostics.Tools (4.3)
      Microsoft.NETCore.Platforms (>= 1.1)
      Microsoft.NETCore.Targets (>= 1.1)
      System.Runtime (>= 4.3)
    System.Diagnostics.TraceSource (4.3)
      Microsoft.NETCore.Platforms (>= 1.1)
      runtime.native.System (>= 4.3)
      System.Collections (>= 4.3)
      System.Diagnostics.Debug (>= 4.3)
      System.Globalization (>= 4.3)
      System.Resources.ResourceManager (>= 4.3)
      System.Runtime (>= 4.3)
      System.Runtime.Extensions (>= 4.3)
      System.Threading (>= 4.3)
    System.Diagnostics.Tracing (4.3)
      Microsoft.NETCore.Platforms (>= 1.1)
      Microsoft.NETCore.Targets (>= 1.1)
      System.Runtime (>= 4.3)
    System.Dynamic.Runtime (4.3)
      System.Collections (>= 4.3)
      System.Diagnostics.Debug (>= 4.3)
      System.Linq (>= 4.3)
      System.Linq.Expressions (>= 4.3)
      System.ObjectModel (>= 4.3)
      System.Reflection (>= 4.3)
      System.Reflection.Emit (>= 4.3)
      System.Reflection.Emit.ILGeneration (>= 4.3)
      System.Reflection.Primitives (>= 4.3)
      System.Reflection.TypeExtensions (>= 4.3)
      System.Resources.ResourceManager (>= 4.3)
      System.Runtime (>= 4.3)
      System.Runtime.Extensions (>= 4.3)
      System.Threading (>= 4.3)
    System.Globalization (4.3)
      Microsoft.NETCore.Platforms (>= 1.1)
      Microsoft.NETCore.Targets (>= 1.1)
      System.Runtime (>= 4.3)
    System.Globalization.Extensions (4.3)
      Microsoft.NETCore.Platforms (>= 1.1)
      System.Globalization (>= 4.3)
      System.Resources.ResourceManager (>= 4.3)
      System.Runtime (>= 4.3)
      System.Runtime.Extensions (>= 4.3)
      System.Runtime.InteropServices (>= 4.3)
    System.IO (4.3)
      Microsoft.NETCore.Platforms (>= 1.1)
      Microsoft.NETCore.Targets (>= 1.1)
      System.Runtime (>= 4.3)
      System.Text.Encoding (>= 4.3)
      System.Threading.Tasks (>= 4.3)
    System.IO.FileSystem (4.3)
      Microsoft.NETCore.Platforms (>= 1.1)
      Microsoft.NETCore.Targets (>= 1.1)
      System.IO (>= 4.3)
      System.IO.FileSystem.Primitives (>= 4.3)
      System.Runtime (>= 4.3)
      System.Runtime.Handles (>= 4.3)
      System.Text.Encoding (>= 4.3)
      System.Threading.Tasks (>= 4.3)
    System.IO.FileSystem.Primitives (4.3)
      System.Runtime (>= 4.3)
    System.Linq (4.3)
      System.Collections (>= 4.3)
      System.Diagnostics.Debug (>= 4.3)
      System.Resources.ResourceManager (>= 4.3)
      System.Runtime (>= 4.3)
      System.Runtime.Extensions (>= 4.3)
    System.Linq.Expressions (4.3)
      System.Collections (>= 4.3)
      System.Diagnostics.Debug (>= 4.3)
      System.Globalization (>= 4.3)
      System.IO (>= 4.3)
      System.Linq (>= 4.3)
      System.ObjectModel (>= 4.3)
      System.Reflection (>= 4.3)
      System.Reflection.Emit (>= 4.3)
      System.Reflection.Emit.ILGeneration (>= 4.3)
      System.Reflection.Emit.Lightweight (>= 4.3)
      System.Reflection.Extensions (>= 4.3)
      System.Reflection.Primitives (>= 4.3)
      System.Reflection.TypeExtensions (>= 4.3)
      System.Resources.ResourceManager (>= 4.3)
      System.Runtime (>= 4.3)
      System.Runtime.Extensions (>= 4.3)
      System.Threading (>= 4.3)
    System.ObjectModel (4.3)
      System.Collections (>= 4.3)
      System.Diagnostics.Debug (>= 4.3)
      System.Resources.ResourceManager (>= 4.3)
      System.Runtime (>= 4.3)
      System.Threading (>= 4.3)
    System.Private.DataContractSerialization (4.3)
      System.Collections (>= 4.3)
      System.Collections.Concurrent (>= 4.3)
      System.Diagnostics.Debug (>= 4.3)
      System.Globalization (>= 4.3)
      System.IO (>= 4.3)
      System.Linq (>= 4.3)
      System.Reflection (>= 4.3)
      System.Reflection.Emit.ILGeneration (>= 4.3)
      System.Reflection.Emit.Lightweight (>= 4.3)
      System.Reflection.Extensions (>= 4.3)
      System.Reflection.Primitives (>= 4.3)
      System.Reflection.TypeExtensions (>= 4.3)
      System.Resources.ResourceManager (>= 4.3)
      System.Runtime (>= 4.3)
      System.Runtime.Extensions (>= 4.3)
      System.Runtime.Serialization.Primitives (>= 4.3)
      System.Text.Encoding (>= 4.3)
      System.Text.Encoding.Extensions (>= 4.3)
      System.Text.RegularExpressions (>= 4.3)
      System.Threading (>= 4.3)
      System.Threading.Tasks (>= 4.3)
      System.Xml.ReaderWriter (>= 4.3)
      System.Xml.XDocument (>= 4.3)
      System.Xml.XmlDocument (>= 4.3)
      System.Xml.XmlSerializer (>= 4.3)
    System.Reflection (4.3)
      Microsoft.NETCore.Platforms (>= 1.1)
      Microsoft.NETCore.Targets (>= 1.1)
      System.IO (>= 4.3)
      System.Reflection.Primitives (>= 4.3)
      System.Runtime (>= 4.3)
    System.Reflection.Emit (4.3)
      System.IO (>= 4.3)
      System.Reflection (>= 4.3)
      System.Reflection.Emit.ILGeneration (>= 4.3)
      System.Reflection.Primitives (>= 4.3)
      System.Runtime (>= 4.3)
    System.Reflection.Emit.ILGeneration (4.3)
      System.Reflection (>= 4.3)
      System.Reflection.Primitives (>= 4.3)
      System.Runtime (>= 4.3)
    System.Reflection.Emit.Lightweight (4.3)
      System.Reflection (>= 4.3)
      System.Reflection.Emit.ILGeneration (>= 4.3)
      System.Reflection.Primitives (>= 4.3)
      System.Runtime (>= 4.3)
    System.Reflection.Extensions (4.3)
      Microsoft.NETCore.Platforms (>= 1.1)
      Microsoft.NETCore.Targets (>= 1.1)
      System.Reflection (>= 4.3)
      System.Runtime (>= 4.3)
    System.Reflection.Metadata (1.5)
    System.Reflection.Primitives (4.3)
      Microsoft.NETCore.Platforms (>= 1.1)
      Microsoft.NETCore.Targets (>= 1.1)
      System.Runtime (>= 4.3)
    System.Reflection.TypeExtensions (4.4)
    System.Resources.ResourceManager (4.3)
      Microsoft.NETCore.Platforms (>= 1.1)
      Microsoft.NETCore.Targets (>= 1.1)
      System.Globalization (>= 4.3)
      System.Reflection (>= 4.3)
      System.Runtime (>= 4.3)
    System.Runtime (4.3)
      Microsoft.NETCore.Platforms (>= 1.1)
      Microsoft.NETCore.Targets (>= 1.1)
    System.Runtime.Extensions (4.3)
      Microsoft.NETCore.Platforms (>= 1.1)
      Microsoft.NETCore.Targets (>= 1.1)
      System.Runtime (>= 4.3)
    System.Runtime.Handles (4.3)
      Microsoft.NETCore.Platforms (>= 1.1)
      Microsoft.NETCore.Targets (>= 1.1)
      System.Runtime (>= 4.3)
    System.Runtime.InteropServices (4.3)
      Microsoft.NETCore.Platforms (>= 1.1)
      Microsoft.NETCore.Targets (>= 1.1)
      System.Reflection (>= 4.3)
      System.Reflection.Primitives (>= 4.3)
      System.Runtime (>= 4.3)
      System.Runtime.Handles (>= 4.3)
    System.Runtime.InteropServices.RuntimeInformation (4.3)
      runtime.native.System (>= 4.3)
      System.Reflection (>= 4.3)
      System.Reflection.Extensions (>= 4.3)
      System.Resources.ResourceManager (>= 4.3)
      System.Runtime (>= 4.3)
      System.Runtime.InteropServices (>= 4.3)
      System.Threading (>= 4.3)
    System.Runtime.Loader (4.3)
      System.IO (>= 4.3)
      System.Reflection (>= 4.3)
      System.Runtime (>= 4.3)
    System.Runtime.Numerics (4.3)
      System.Globalization (>= 4.3)
      System.Resources.ResourceManager (>= 4.3)
      System.Runtime (>= 4.3)
      System.Runtime.Extensions (>= 4.3)
    System.Runtime.Serialization.Json (4.3)
      System.IO (>= 4.3)
      System.Private.DataContractSerialization (>= 4.3)
      System.Runtime (>= 4.3)
    System.Runtime.Serialization.Primitives (4.3)
      System.Resources.ResourceManager (>= 4.3)
      System.Runtime (>= 4.3)
    System.Security.AccessControl (4.4.1)
      Microsoft.NETCore.Platforms (>= 2.0)
      System.Security.Principal.Windows (>= 4.4)
    System.Security.Cryptography.Algorithms (4.3.1)
      Microsoft.NETCore.Platforms (>= 1.1)
      runtime.native.System.Security.Cryptography.Apple (>= 4.3.1)
      runtime.native.System.Security.Cryptography.OpenSsl (>= 4.3.2)
      System.Collections (>= 4.3)
      System.IO (>= 4.3)
      System.Resources.ResourceManager (>= 4.3)
      System.Runtime (>= 4.3)
      System.Runtime.Extensions (>= 4.3)
      System.Runtime.Handles (>= 4.3)
      System.Runtime.InteropServices (>= 4.3)
      System.Runtime.Numerics (>= 4.3)
      System.Security.Cryptography.Encoding (>= 4.3)
      System.Security.Cryptography.Primitives (>= 4.3)
      System.Text.Encoding (>= 4.3)
    System.Security.Cryptography.Encoding (4.3)
      Microsoft.NETCore.Platforms (>= 1.1)
      runtime.native.System.Security.Cryptography.OpenSsl (>= 4.3)
      System.Collections (>= 4.3)
      System.Collections.Concurrent (>= 4.3)
      System.Linq (>= 4.3)
      System.Resources.ResourceManager (>= 4.3)
      System.Runtime (>= 4.3)
      System.Runtime.Extensions (>= 4.3)
      System.Runtime.Handles (>= 4.3)
      System.Runtime.InteropServices (>= 4.3)
      System.Security.Cryptography.Primitives (>= 4.3)
      System.Text.Encoding (>= 4.3)
    System.Security.Cryptography.Primitives (4.3)
      System.Diagnostics.Debug (>= 4.3)
      System.Globalization (>= 4.3)
      System.IO (>= 4.3)
      System.Resources.ResourceManager (>= 4.3)
      System.Runtime (>= 4.3)
      System.Threading (>= 4.3)
      System.Threading.Tasks (>= 4.3)
    System.Security.Principal.Windows (4.4.1)
      Microsoft.NETCore.Platforms (>= 2.0)
    System.Text.Encoding (4.3)
      Microsoft.NETCore.Platforms (>= 1.1)
      Microsoft.NETCore.Targets (>= 1.1)
      System.Runtime (>= 4.3)
    System.Text.Encoding.Extensions (4.3)
      Microsoft.NETCore.Platforms (>= 1.1)
      Microsoft.NETCore.Targets (>= 1.1)
      System.Runtime (>= 4.3)
      System.Text.Encoding (>= 4.3)
    System.Text.RegularExpressions (4.3)
      System.Runtime (>= 4.3)
    System.Threading (4.3)
      System.Runtime (>= 4.3)
      System.Threading.Tasks (>= 4.3)
    System.Threading.Tasks (4.3)
      Microsoft.NETCore.Platforms (>= 1.1)
      Microsoft.NETCore.Targets (>= 1.1)
      System.Runtime (>= 4.3)
    System.Threading.Tasks.Extensions (4.4)
    System.Threading.Thread (4.3)
      System.Runtime (>= 4.3)
    System.Threading.ThreadPool (4.3)
      System.Runtime (>= 4.3)
      System.Runtime.Handles (>= 4.3)
    System.Xml.ReaderWriter (4.3.1)
      System.Collections (>= 4.3)
      System.Diagnostics.Debug (>= 4.3)
      System.Globalization (>= 4.3)
      System.IO (>= 4.3)
      System.IO.FileSystem (>= 4.3)
      System.IO.FileSystem.Primitives (>= 4.3)
      System.Resources.ResourceManager (>= 4.3)
      System.Runtime (>= 4.3)
      System.Runtime.Extensions (>= 4.3)
      System.Runtime.InteropServices (>= 4.3)
      System.Text.Encoding (>= 4.3)
      System.Text.Encoding.Extensions (>= 4.3)
      System.Text.RegularExpressions (>= 4.3)
      System.Threading.Tasks (>= 4.3)
      System.Threading.Tasks.Extensions (>= 4.3)
    System.Xml.XDocument (4.3)
      System.Collections (>= 4.3)
      System.Diagnostics.Debug (>= 4.3)
      System.Diagnostics.Tools (>= 4.3)
      System.Globalization (>= 4.3)
      System.IO (>= 4.3)
      System.Reflection (>= 4.3)
      System.Resources.ResourceManager (>= 4.3)
      System.Runtime (>= 4.3)
      System.Runtime.Extensions (>= 4.3)
      System.Text.Encoding (>= 4.3)
      System.Threading (>= 4.3)
      System.Xml.ReaderWriter (>= 4.3)
    System.Xml.XmlDocument (4.3)
      System.Collections (>= 4.3)
      System.Diagnostics.Debug (>= 4.3)
      System.Globalization (>= 4.3)
      System.IO (>= 4.3)
      System.Resources.ResourceManager (>= 4.3)
      System.Runtime (>= 4.3)
      System.Runtime.Extensions (>= 4.3)
      System.Text.Encoding (>= 4.3)
      System.Threading (>= 4.3)
      System.Xml.ReaderWriter (>= 4.3)
    System.Xml.XmlSerializer (4.3)
      System.Collections (>= 4.3)
      System.Globalization (>= 4.3)
      System.IO (>= 4.3)
      System.Linq (>= 4.3)
      System.Reflection (>= 4.3)
      System.Reflection.Emit (>= 4.3)
      System.Reflection.Emit.ILGeneration (>= 4.3)
      System.Reflection.Extensions (>= 4.3)
      System.Reflection.Primitives (>= 4.3)
      System.Reflection.TypeExtensions (>= 4.3)
      System.Resources.ResourceManager (>= 4.3)
      System.Runtime (>= 4.3)
      System.Runtime.Extensions (>= 4.3)
      System.Text.RegularExpressions (>= 4.3)
      System.Threading (>= 4.3)
      System.Xml.ReaderWriter (>= 4.3)
      System.Xml.XmlDocument (>= 4.3)
    System.Xml.XPath (4.3)
      System.Collections (>= 4.3)
      System.Diagnostics.Debug (>= 4.3)
      System.Globalization (>= 4.3)
      System.IO (>= 4.3)
      System.Resources.ResourceManager (>= 4.3)
      System.Runtime (>= 4.3)
      System.Runtime.Extensions (>= 4.3)
      System.Threading (>= 4.3)
      System.Xml.ReaderWriter (>= 4.3)
    System.Xml.XPath.XmlDocument (4.3)
      System.Collections (>= 4.3)
      System.Globalization (>= 4.3)
      System.IO (>= 4.3)
      System.Resources.ResourceManager (>= 4.3)
      System.Runtime (>= 4.3)
      System.Runtime.Extensions (>= 4.3)
      System.Threading (>= 4.3)
      System.Xml.ReaderWriter (>= 4.3)
      System.Xml.XmlDocument (>= 4.3)
      System.Xml.XPath (>= 4.3)
